STORAGE: NONE
NUGET
  remote: https://www.nuget.org/api/v2
    altcover (8.2.837)
    BenchmarkDotNet (0.13.2)
      BenchmarkDotNet.Annotations (>= 0.13.2) - restriction: >= netstandard2.0
      CommandLineParser (>= 2.4.3) - restriction: >= netstandard2.0
      Iced (>= 1.17) - restriction: >= netstandard2.0
      Microsoft.CodeAnalysis.CSharp (>= 3.0) - restriction: >= netstandard2.0
      Microsoft.Diagnostics.Runtime (>= 2.2.332302) - restriction: >= netstandard2.0
      Microsoft.Diagnostics.Tracing.TraceEvent (>= 3.0.2) - restriction: >= netstandard2.0
      Microsoft.DotNet.PlatformAbstractions (>= 3.1.6) - restriction: >= netstandard2.0
      Microsoft.Win32.Registry (>= 5.0) - restriction: && (< net6.0) (>= netstandard2.0)
      Perfolizer (>= 0.2.1) - restriction: >= netstandard2.0
      System.Management (>= 6.0) - restriction: >= netstandard2.0
      System.Numerics.Vectors (>= 4.5) - restriction: && (< net6.0) (>= netstandard2.0)
      System.Reflection.Emit (>= 4.7) - restriction: >= netstandard2.0
      System.Reflection.Emit.Lightweight (>= 4.7) - restriction: >= netstandard2.0
      System.Threading.Tasks.Extensions (>= 4.5.4) - restriction: >= netstandard2.0
    BenchmarkDotNet.Annotations (0.13.2) - restriction: >= netstandard2.0
    CommandLineParser (2.8) - restriction: >= netstandard2.0
    Expecto (9.0.4)
      FSharp.Core (>= 4.6) - restriction: || (>= net461) (>= netstandard2.0)
      Mono.Cecil (>= 0.11.3) - restriction: || (>= net461) (>= netstandard2.0)
    FSharp.Core (7.0)
    Iced (1.17) - restriction: >= netstandard2.0
    Microsoft.Bcl.AsyncInterfaces (6.0) - restriction: >= netstandard2.0
      System.Threading.Tasks.Extensions (>= 4.5.4) - restriction: || (>= net461) (&& (>= netstandard2.0) (< netstandard2.1))
    Microsoft.Build.Tasks.Git (1.1) - copy_local: true
    Microsoft.CodeAnalysis.Analyzers (3.3.3) - restriction: >= netstandard2.0
    Microsoft.CodeAnalysis.Common (4.1) - restriction: >= netstandard2.0
      Microsoft.CodeAnalysis.Analyzers (>= 3.3.3) - restriction: >= netstandard2.0
      System.Collections.Immutable (>= 5.0) - restriction: >= netstandard2.0
      System.Memory (>= 4.5.4) - restriction: >= netstandard2.0
      System.Reflection.Metadata (>= 5.0) - restriction: >= netstandard2.0
      System.Runtime.CompilerServices.Unsafe (>= 5.0) - restriction: >= netstandard2.0
      System.Text.Encoding.CodePages (>= 4.5.1) - restriction: >= netstandard2.0
      System.Threading.Tasks.Extensions (>= 4.5.4) - restriction: >= netstandard2.0
    Microsoft.CodeAnalysis.CSharp (4.1) - restriction: >= netstandard2.0
      Microsoft.CodeAnalysis.Common (4.1) - restriction: >= netstandard2.0
    Microsoft.CodeCoverage (17.1.0-preview-20211109-03) - restriction: || (>= net45) (>= netcoreapp1.0)
    Microsoft.CSharp (4.7) - restriction: || (&& (< netstandard1.3) (>= uap10.0)) (&& (< netstandard2.0) (>= uap10.0))
    Microsoft.Diagnostics.NETCore.Client (0.2.257301) - restriction: >= netstandard2.0
      Microsoft.Bcl.AsyncInterfaces (>= 1.1) - restriction: >= netstandard2.0
      Microsoft.Extensions.Logging (>= 2.1.1) - restriction: >= netstandard2.0
    Microsoft.Diagnostics.Runtime (2.2.343001) - restriction: >= netstandard2.0
      Microsoft.Diagnostics.NETCore.Client (>= 0.2.251802) - restriction: >= netstandard2.0
      System.Collections.Immutable (>= 5.0) - restriction: >= netstandard2.0
      System.Runtime.CompilerServices.Unsafe (>= 5.0) - restriction: >= netstandard2.0
    Microsoft.Diagnostics.Tracing.TraceEvent (3.0.5) - restriction: >= netstandard2.0
      System.Runtime.CompilerServices.Unsafe (>= 5.0) - restriction: || (>= net462) (>= netstandard1.6)
    Microsoft.DotNet.PlatformAbstractions (3.1.6) - restriction: >= netstandard2.0
      System.Runtime.InteropServices.RuntimeInformation (>= 4.0) - restriction: || (>= net45) (&& (>= netstandard1.3) (< netstandard2.0))
    Microsoft.Extensions.DependencyInjection (6.0) - restriction: >= netstandard2.0
      Microsoft.Bcl.AsyncInterfaces (>= 6.0) - restriction: || (>= net461) (&& (>= netstandard2.0) (< netstandard2.1))
      Microsoft.Extensions.DependencyInjection.Abstractions (>= 6.0) - restriction: || (>= net461) (>= netstandard2.0)
      System.Runtime.CompilerServices.Unsafe (>= 6.0) - restriction: || (>= net461) (>= netstandard2.0)
      System.Threading.Tasks.Extensions (>= 4.5.4) - restriction: || (>= net461) (&& (>= netstandard2.0) (< netstandard2.1))
    Microsoft.Extensions.DependencyInjection.Abstractions (6.0) - restriction: >= netstandard2.0
      Microsoft.Bcl.AsyncInterfaces (>= 6.0) - restriction: || (>= net461) (&& (>= netstandard2.0) (< netstandard2.1))
      System.Threading.Tasks.Extensions (>= 4.5.4) - restriction: || (>= net461) (&& (>= netstandard2.0) (< netstandard2.1))
    Microsoft.Extensions.Logging (6.0) - restriction: >= netstandard2.0
      Microsoft.Bcl.AsyncInterfaces (>= 6.0) - restriction: || (>= net461) (&& (>= netstandard2.0) (< netstandard2.1))
      Microsoft.Extensions.DependencyInjection (>= 6.0) - restriction: || (>= net461) (>= netstandard2.0)
      Microsoft.Extensions.DependencyInjection.Abstractions (>= 6.0) - restriction: || (>= net461) (>= netstandard2.0)
      Microsoft.Extensions.Logging.Abstractions (>= 6.0) - restriction: || (>= net461) (>= netstandard2.0)
      Microsoft.Extensions.Options (>= 6.0) - restriction: || (>= net461) (>= netstandard2.0)
      System.Diagnostics.DiagnosticSource (>= 6.0) - restriction: || (>= net461) (>= netstandard2.0)
      System.ValueTuple (>= 4.5) - restriction: >= net461
    Microsoft.Extensions.Logging.Abstractions (6.0) - restriction: >= netstandard2.0
      System.Buffers (>= 4.5.1) - restriction: || (>= net461) (&& (< net6.0) (>= netstandard2.0))
      System.Memory (>= 4.5.4) - restriction: || (>= net461) (&& (< net6.0) (>= netstandard2.0))
    Microsoft.Extensions.Options (6.0) - restriction: >= netstandard2.0
      Microsoft.Extensions.DependencyInjection.Abstractions (>= 6.0) - restriction: || (>= net461) (>= netstandard2.0)
      Microsoft.Extensions.Primitives (>= 6.0) - restriction: || (>= net461) (>= netstandard2.0)
      System.ComponentModel.Annotations (>= 5.0) - restriction: && (< net461) (>= netstandard2.0) (< netstandard2.1)
    Microsoft.Extensions.Primitives (6.0) - restriction: >= netstandard2.0
      System.Memory (>= 4.5.4) - restriction: || (>= net461) (&& (< netcoreapp3.1) (>= netstandard2.0))
      System.Runtime.CompilerServices.Unsafe (>= 6.0) - restriction: || (>= net461) (>= netstandard2.0)
    Microsoft.NET.Test.Sdk (17.1.0-preview-20211109-03)
      Microsoft.CodeCoverage (>= 17.1.0-preview-20211109-03) - restriction: || (>= net45) (>= netcoreapp1.0)
      Microsoft.TestPlatform.TestHost (>= 17.1.0-preview-20211109-03) - restriction: >= netcoreapp1.0
      Newtonsoft.Json (>= 9.0.1) - restriction: >= uap10.0
      System.ComponentModel.Primitives (>= 4.1) - restriction: >= uap10.0
      System.ComponentModel.TypeConverter (>= 4.1) - restriction: >= uap10.0
      System.Runtime.InteropServices.RuntimeInformation (>= 4.0) - restriction: >= uap10.0
    Microsoft.NETCore.Platforms (6.0.6) - restriction: || (&& (>= monoandroid) (>= netcoreapp2.0) (< netstandard1.3)) (&& (>= monoandroid) (>= netcoreapp2.1) (< netstandard1.3)) (&& (< monoandroid) (>= netcoreapp1.0) (< netcoreapp2.1) (< xamarinios) (< xamarinmac) (< xamarintvos) (< xamarinwatchos)) (&& (< monoandroid) (>= netcoreapp2.0) (< netcoreapp2.1)) (&& (>= monotouch) (>= netcoreapp2.0)) (&& (>= monotouch) (>= netcoreapp2.1)) (&& (>= net46) (< netstandard1.4) (>= uap10.0)) (&& (>= net461) (>= netcoreapp2.0)) (&& (>= net461) (>= netcoreapp2.1)) (&& (>= net461) (< netstandard2.0) (>= uap10.0)) (&& (>= netcoreapp2.0) (< netcoreapp2.1) (>= xamarinios)) (&& (>= netcoreapp2.0) (< netcoreapp2.1) (>= xamarinmac)) (&& (>= netcoreapp2.0) (< netcoreapp2.1) (>= xamarintvos)) (&& (>= netcoreapp2.0) (< netcoreapp2.1) (>= xamarinwatchos)) (&& (>= netcoreapp2.0) (< netstandard2.0) (>= uap10.0)) (&& (< netcoreapp2.0) (>= netcoreapp2.1)) (&& (>= netcoreapp2.1) (< netcoreapp3.0)) (&& (< netstandard1.0) (>= uap10.0)) (&& (< netstandard1.2) (>= uap10.0) (< win8)) (&& (< netstandard1.3) (>= uap10.0)) (&& (< netstandard1.4) (>= uap10.0) (< win8) (< wpa81)) (&& (>= netstandard1.5) (< netstandard1.6) (>= uap10.0) (< win8) (< wpa81)) (&& (< netstandard1.5) (>= uap10.0)) (&& (>= netstandard1.6) (< netstandard2.0) (>= uap10.0) (< win8) (< wpa81)) (&& (< portable-net45+win8+wpa81) (>= uap10.0)) (&& (>= uap10.0) (>= wp8)) (>= uap10.1)
    Microsoft.NETCore.Targets (5.0) - restriction: || (&& (< monoandroid) (>= netcoreapp1.0) (< netcoreapp2.1) (< xamarinios) (< xamarinmac) (< xamarintvos) (< xamarinwatchos)) (&& (>= net46) (< netstandard1.4) (>= uap10.0)) (&& (< netstandard1.3) (>= uap10.0)) (&& (< netstandard1.4) (>= uap10.0) (< win8) (< wpa81)) (&& (>= netstandard1.5) (< netstandard1.6) (>= uap10.0) (< win8) (< wpa81)) (&& (< netstandard1.5) (>= uap10.0) (< uap10.1)) (&& (< netstandard1.5) (>= uap10.0) (< win8) (< wpa81)) (&& (>= netstandard1.6) (< netstandard2.0) (>= uap10.0) (< win8) (< wpa81))
    Microsoft.SourceLink.Common (1.1) - copy_local: true
    Microsoft.SourceLink.GitHub (1.1) - copy_local: true
      Microsoft.Build.Tasks.Git (>= 1.1)
      Microsoft.SourceLink.Common (>= 1.1)
    Microsoft.TestPlatform.ObjectModel (17.1.0-preview-20211109-03) - restriction: >= netcoreapp1.0
      NuGet.Frameworks (>= 4.6.4) - restriction: && (>= netcoreapp1.0) (< netstandard2.0)
      NuGet.Frameworks (>= 5.11) - restriction: || (&& (>= net45) (< netstandard1.3)) (&& (< net45) (< netcoreapp1.0) (>= netstandard2.0) (< uap10.0)) (>= net451) (>= netcoreapp2.1)
      System.Reflection.Metadata (>= 1.6) - restriction: || (&& (>= net45) (< netstandard1.3)) (&& (< net45) (< netcoreapp1.0) (>= netstandard1.3) (< netstandard2.0) (< uap10.0)) (&& (< net45) (< netcoreapp1.0) (>= netstandard2.0) (< uap10.0)) (>= net451) (&& (>= netcoreapp1.0) (< netstandard2.0)) (>= netcoreapp2.1)
    Microsoft.TestPlatform.TestHost (17.1.0-preview-20211109-03) - restriction: >= netcoreapp1.0
      Microsoft.TestPlatform.ObjectModel (>= 17.1.0-preview-20211109-03) - restriction: || (>= netcoreapp1.0) (>= uap10.0)
      Newtonsoft.Json (>= 9.0.1) - restriction: || (>= netcoreapp1.0) (>= uap10.0)
      System.Diagnostics.Process (>= 4.1) - restriction: && (>= netcoreapp1.0) (< netcoreapp2.1)
      System.Diagnostics.StackTrace (>= 4.3) - restriction: && (>= netcoreapp1.0) (< netcoreapp2.1)
      System.Diagnostics.TextWriterTraceListener (>= 4.0) - restriction: && (>= netcoreapp1.0) (< netcoreapp2.1)
      System.Diagnostics.TraceSource (>= 4.3) - restriction: && (>= netcoreapp1.0) (< netcoreapp2.1)
      System.Runtime.InteropServices.RuntimeInformation (>= 4.0) - restriction: && (>= netcoreapp1.0) (< netcoreapp2.1)
      System.Runtime.Loader (>= 4.0) - restriction: && (>= netcoreapp1.0) (< netcoreapp2.1)
      System.Threading.Thread (>= 4.0) - restriction: && (>= netcoreapp1.0) (< netcoreapp2.1)
    Microsoft.Win32.Primitives (4.3) - restriction: || (&& (>= net46) (< netstandard1.4) (>= uap10.0)) (&& (>= netcoreapp1.0) (< netcoreapp2.1) (< xamarinios) (< xamarinmac) (< xamarintvos) (< xamarinwatchos)) (&& (< netstandard1.3) (>= uap10.0)) (&& (< netstandard1.4) (>= uap10.0) (< win8) (< wpa81)) (&& (>= netstandard1.5) (< netstandard1.6) (>= uap10.0) (< win8) (< wpa81)) (&& (< netstandard1.5) (>= uap10.0) (< uap10.1)) (&& (< netstandard1.5) (>= uap10.0) (< win8) (< wpa81)) (&& (>= netstandard1.6) (< netstandard2.0) (>= uap10.0) (< win8) (< wpa81))
      Microsoft.NETCore.Platforms (>= 1.1) - restriction: && (< monoandroid) (< monotouch) (< net46) (>= netstandard1.3) (< xamarinios) (< xamarinmac) (< xamarintvos) (< xamarinwatchos)
      Microsoft.NETCore.Targets (>= 1.1) - restriction: && (< monoandroid) (< monotouch) (< net46) (>= netstandard1.3) (< xamarinios) (< xamarinmac) (< xamarintvos) (< xamarinwatchos)
      System.Runtime (>= 4.3) - restriction: && (< monoandroid) (< monotouch) (< net46) (>= netstandard1.3) (< xamarinios) (< xamarinmac) (< xamarintvos) (< xamarinwatchos)
    Microsoft.Win32.Registry (5.0) - restriction: || (&& (< net6.0) (>= netcoreapp3.1)) (&& (< net6.0) (>= netstandard2.0)) (&& (>= netcoreapp1.0) (< netcoreapp2.1) (< xamarinios) (< xamarinmac) (< xamarintvos) (< xamarinwatchos))
      System.Buffers (>= 4.5.1) - restriction: || (&& (>= monoandroid) (< netstandard1.3)) (>= monotouch) (&& (< net46) (< netcoreapp2.0) (>= netstandard2.0)) (>= xamarinios) (>= xamarinmac) (>= xamarintvos) (>= xamarinwatchos)
      System.Memory (>= 4.5.4) - restriction: || (&& (< monoandroid) (>= netcoreapp2.0) (< netcoreapp2.1) (< xamarinios) (< xamarinmac) (< xamarintvos) (< xamarinwatchos)) (&& (< net46) (< netcoreapp2.0) (>= netstandard2.0) (< xamarinios) (< xamarinmac) (< xamarintvos) (< xamarinwatchos)) (>= uap10.1)
      System.Security.AccessControl (>= 5.0) - restriction: || (&& (>= monoandroid) (< netstandard1.3)) (&& (< monoandroid) (>= netcoreapp2.0)) (>= monotouch) (&& (< net46) (< netcoreapp2.0) (>= netstandard2.0)) (>= net461) (>= netcoreapp2.1) (>= uap10.1) (>= xamarinios) (>= xamarinmac) (>= xamarintvos) (>= xamarinwatchos)
      System.Security.Principal.Windows (>= 5.0) - restriction: || (&& (>= monoandroid) (< netstandard1.3)) (&& (< monoandroid) (>= netcoreapp2.0)) (>= monotouch) (&& (< net46) (< netcoreapp2.0) (>= netstandard2.0)) (>= net461) (>= netcoreapp2.1) (>= uap10.1) (>= xamarinios) (>= xamarinmac) (>= xamarintvos) (>= xamarinwatchos)
    Mono.Cecil (0.11.3) - restriction: || (>= net461) (>= netstandard2.0)
    NETStandard.Library (2.0.3) - restriction: || (&& (< netstandard1.3) (>= uap10.0)) (&& (< netstandard2.0) (>= uap10.0))
      Microsoft.NETCore.Platforms (>= 1.1) - restriction: || (&& (>= net45) (< netstandard1.3)) (&& (< net45) (>= netstandard1.1) (< netstandard1.2) (< win8)) (&& (< net45) (>= netstandard1.2) (< netstandard1.3) (< win8) (< wpa81)) (&& (< net45) (>= netstandard1.3) (< netstandard1.4) (< win8) (< wpa81)) (&& (< net45) (>= netstandard1.4) (< netstandard1.5) (< win8) (< wpa81)) (&& (< net45) (>= netstandard1.5) (< netstandard1.6) (< win8) (< wpa81)) (&& (< net45) (>= netstandard1.6) (< netstandard2.0) (< win8) (< wpa81)) (&& (< net45) (>= netstandard2.0)) (&& (>= net46) (< netstandard1.4)) (>= net461) (>= netcoreapp2.0) (&& (>= netstandard1.0) (< portable-net45+win8+wpa81)) (&& (< netstandard1.0) (>= portable-net45+win8) (< win8)) (&& (< netstandard1.0) (< portable-net45+win8) (>= portable-net45+win8+wpa81)) (&& (< netstandard1.0) (>= portable-net45+win8+wp8+wpa81) (< portable-net45+win8+wpa81)) (&& (< netstandard1.0) (>= win8)) (&& (< netstandard1.3) (< win8) (>= wpa81)) (&& (< netstandard1.5) (>= uap10.0)) (>= uap10.1) (>= wp8)
      Microsoft.Win32.Primitives (>= 4.3) - restriction: || (&& (< net45) (>= netstandard1.3) (< netstandard1.4) (< win8) (< wpa81)) (&& (< net45) (>= netstandard1.4) (< netstandard1.5) (< win8) (< wpa81)) (&& (< net45) (>= netstandard1.5) (< netstandard1.6) (< win8) (< wpa81)) (&& (< net45) (>= netstandard1.6) (< netstandard2.0) (< win8) (< wpa81)) (&& (>= net46) (< netstandard1.4)) (&& (< netstandard1.5) (>= uap10.0) (< uap10.1))
      System.AppContext (>= 4.3) - restriction: || (&& (< net45) (>= netstandard1.3) (< netstandard1.4) (< win8) (< wpa81)) (&& (< net45) (>= netstandard1.4) (< netstandard1.5) (< win8) (< wpa81)) (&& (< net45) (>= netstandard1.5) (< netstandard1.6) (< win8) (< wpa81)) (&& (< net45) (>= netstandard1.6) (< netstandard2.0) (< win8) (< wpa81)) (&& (>= net46) (< netstandard1.4)) (&& (< netstandard1.5) (>= uap10.0) (< uap10.1))
      System.Collections (>= 4.3) - restriction: || (&& (< net45) (>= netstandard1.1) (< netstandard1.2) (< win8)) (&& (< net45) (>= netstandard1.2) (< netstandard1.3) (< win8) (< wpa81)) (&& (< net45) (>= netstandard1.3) (< netstandard1.4) (< win8) (< wpa81)) (&& (< net45) (>= netstandard1.4) (< netstandard1.5) (< win8) (< wpa81)) (&& (< net45) (>= netstandard1.5) (< netstandard1.6) (< win8) (< wpa81)) (&& (< net45) (>= netstandard1.6) (< netstandard2.0) (< win8) (< wpa81)) (&& (>= netstandard1.0) (< portable-net45+win8+wpa81) (< wp8)) (&& (< netstandard1.5) (>= uap10.0) (< uap10.1))
      System.Collections.Concurrent (>= 4.3) - restriction: || (&& (< net45) (>= netstandard1.1) (< netstandard1.2) (< win8)) (&& (< net45) (>= netstandard1.2) (< netstandard1.3) (< win8) (< wpa81)) (&& (< net45) (>= netstandard1.3) (< netstandard1.4) (< win8) (< wpa81)) (&& (< net45) (>= netstandard1.4) (< netstandard1.5) (< win8) (< wpa81)) (&& (< net45) (>= netstandard1.5) (< netstandard1.6) (< win8) (< wpa81)) (&& (< net45) (>= netstandard1.6) (< netstandard2.0) (< win8) (< wpa81)) (&& (< netstandard1.5) (>= uap10.0) (< uap10.1))
      System.Console (>= 4.3) - restriction: || (&& (< net45) (>= netstandard1.3) (< netstandard1.4) (< win8) (< wpa81)) (&& (< net45) (>= netstandard1.4) (< netstandard1.5) (< win8) (< wpa81)) (&& (< net45) (>= netstandard1.5) (< netstandard1.6) (< win8) (< wpa81)) (&& (< net45) (>= netstandard1.6) (< netstandard2.0) (< win8) (< wpa81)) (&& (>= net46) (< netstandard1.4)) (&& (< netstandard1.5) (>= uap10.0) (< uap10.1))
      System.Diagnostics.Debug (>= 4.3) - restriction: || (&& (< net45) (>= netstandard1.1) (< netstandard1.2) (< win8)) (&& (< net45) (>= netstandard1.2) (< netstandard1.3) (< win8) (< wpa81)) (&& (< net45) (>= netstandard1.3) (< netstandard1.4) (< win8) (< wpa81)) (&& (< net45) (>= netstandard1.4) (< netstandard1.5) (< win8) (< wpa81)) (&& (< net45) (>= netstandard1.5) (< netstandard1.6) (< win8) (< wpa81)) (&& (< net45) (>= netstandard1.6) (< netstandard2.0) (< win8) (< wpa81)) (&& (>= netstandard1.0) (< portable-net45+win8+wpa81) (< wp8)) (&& (< netstandard1.5) (>= uap10.0) (< uap10.1))
      System.Diagnostics.Tools (>= 4.3) - restriction: || (&& (< net45) (>= netstandard1.1) (< netstandard1.2) (< win8)) (&& (< net45) (>= netstandard1.2) (< netstandard1.3) (< win8) (< wpa81)) (&& (< net45) (>= netstandard1.3) (< netstandard1.4) (< win8) (< wpa81)) (&& (< net45) (>= netstandard1.4) (< netstandard1.5) (< win8) (< wpa81)) (&& (< net45) (>= netstandard1.5) (< netstandard1.6) (< win8) (< wpa81)) (&& (< net45) (>= netstandard1.6) (< netstandard2.0) (< win8) (< wpa81)) (&& (>= netstandard1.0) (< portable-net45+win8+wpa81) (< wp8)) (&& (< netstandard1.5) (>= uap10.0) (< uap10.1))
      System.Diagnostics.Tracing (>= 4.3) - restriction: || (&& (< net45) (>= netstandard1.1) (< netstandard1.2) (< win8)) (&& (< net45) (>= netstandard1.2) (< netstandard1.3) (< win8) (< wpa81)) (&& (< net45) (>= netstandard1.3) (< netstandard1.4) (< win8) (< wpa81)) (&& (< net45) (>= netstandard1.4) (< netstandard1.5) (< win8) (< wpa81)) (&& (< net45) (>= netstandard1.5) (< netstandard1.6) (< win8) (< wpa81)) (&& (< net45) (>= netstandard1.6) (< netstandard2.0) (< win8) (< wpa81)) (&& (< netstandard1.5) (>= uap10.0) (< uap10.1))
      System.Globalization (>= 4.3) - restriction: || (&& (< net45) (>= netstandard1.1) (< netstandard1.2) (< win8)) (&& (< net45) (>= netstandard1.2) (< netstandard1.3) (< win8) (< wpa81)) (&& (< net45) (>= netstandard1.3) (< netstandard1.4) (< win8) (< wpa81)) (&& (< net45) (>= netstandard1.4) (< netstandard1.5) (< win8) (< wpa81)) (&& (< net45) (>= netstandard1.5) (< netstandard1.6) (< win8) (< wpa81)) (&& (< net45) (>= netstandard1.6) (< netstandard2.0) (< win8) (< wpa81)) (&& (>= netstandard1.0) (< portable-net45+win8+wpa81) (< wp8)) (&& (< netstandard1.5) (>= uap10.0) (< uap10.1))
      System.Globalization.Calendars (>= 4.3) - restriction: || (&& (< net45) (>= netstandard1.3) (< netstandard1.4) (< win8) (< wpa81)) (&& (< net45) (>= netstandard1.4) (< netstandard1.5) (< win8) (< wpa81)) (&& (< net45) (>= netstandard1.5) (< netstandard1.6) (< win8) (< wpa81)) (&& (< net45) (>= netstandard1.6) (< netstandard2.0) (< win8) (< wpa81)) (&& (>= net46) (< netstandard1.4)) (&& (< netstandard1.5) (>= uap10.0) (< uap10.1))
      System.IO (>= 4.3) - restriction: || (&& (< net45) (>= netstandard1.1) (< netstandard1.2) (< win8)) (&& (< net45) (>= netstandard1.2) (< netstandard1.3) (< win8) (< wpa81)) (&& (< net45) (>= netstandard1.3) (< netstandard1.4) (< win8) (< wpa81)) (&& (< net45) (>= netstandard1.4) (< netstandard1.5) (< win8) (< wpa81)) (&& (< net45) (>= netstandard1.5) (< netstandard1.6) (< win8) (< wpa81)) (&& (< net45) (>= netstandard1.6) (< netstandard2.0) (< win8) (< wpa81)) (&& (>= netstandard1.0) (< portable-net45+win8+wpa81) (< wp8)) (&& (< netstandard1.5) (>= uap10.0) (< uap10.1))
      System.IO.Compression (>= 4.3) - restriction: || (&& (< net45) (>= netstandard1.1) (< netstandard1.2) (< win8)) (&& (< net45) (>= netstandard1.2) (< netstandard1.3) (< win8) (< wpa81)) (&& (< net45) (>= netstandard1.3) (< netstandard1.4) (< win8) (< wpa81)) (&& (< net45) (>= netstandard1.4) (< netstandard1.5) (< win8) (< wpa81)) (&& (< net45) (>= netstandard1.5) (< netstandard1.6) (< win8) (< wpa81)) (&& (< net45) (>= netstandard1.6) (< netstandard2.0) (< win8) (< wpa81)) (&& (>= net46) (< netstandard1.4)) (&& (< netstandard1.5) (>= uap10.0) (< uap10.1))
      System.IO.Compression.ZipFile (>= 4.3) - restriction: || (&& (< net45) (>= netstandard1.3) (< netstandard1.4) (< win8) (< wpa81)) (&& (< net45) (>= netstandard1.4) (< netstandard1.5) (< win8) (< wpa81)) (&& (< net45) (>= netstandard1.5) (< netstandard1.6) (< win8) (< wpa81)) (&& (< net45) (>= netstandard1.6) (< netstandard2.0) (< win8) (< wpa81)) (&& (>= net46) (< netstandard1.4)) (&& (< netstandard1.5) (>= uap10.0) (< uap10.1))
      System.IO.FileSystem (>= 4.3) - restriction: || (&& (< net45) (>= netstandard1.3) (< netstandard1.4) (< win8) (< wpa81)) (&& (< net45) (>= netstandard1.4) (< netstandard1.5) (< win8) (< wpa81)) (&& (< net45) (>= netstandard1.5) (< netstandard1.6) (< win8) (< wpa81)) (&& (< net45) (>= netstandard1.6) (< netstandard2.0) (< win8) (< wpa81)) (&& (>= net46) (< netstandard1.4)) (&& (< netstandard1.5) (>= uap10.0) (< uap10.1))
      System.IO.FileSystem.Primitives (>= 4.3) - restriction: || (&& (< net45) (>= netstandard1.3) (< netstandard1.4) (< win8) (< wpa81)) (&& (< net45) (>= netstandard1.4) (< netstandard1.5) (< win8) (< wpa81)) (&& (< net45) (>= netstandard1.5) (< netstandard1.6) (< win8) (< wpa81)) (&& (< net45) (>= netstandard1.6) (< netstandard2.0) (< win8) (< wpa81)) (&& (>= net46) (< netstandard1.4)) (&& (< netstandard1.5) (>= uap10.0) (< uap10.1))
      System.Linq (>= 4.3) - restriction: || (&& (< net45) (>= netstandard1.1) (< netstandard1.2) (< win8)) (&& (< net45) (>= netstandard1.2) (< netstandard1.3) (< win8) (< wpa81)) (&& (< net45) (>= netstandard1.3) (< netstandard1.4) (< win8) (< wpa81)) (&& (< net45) (>= netstandard1.4) (< netstandard1.5) (< win8) (< wpa81)) (&& (< net45) (>= netstandard1.5) (< netstandard1.6) (< win8) (< wpa81)) (&& (< net45) (>= netstandard1.6) (< netstandard2.0) (< win8) (< wpa81)) (&& (>= netstandard1.0) (< portable-net45+win8+wpa81) (< wp8)) (&& (< netstandard1.5) (>= uap10.0) (< uap10.1))
      System.Linq.Expressions (>= 4.3) - restriction: || (&& (< net45) (>= netstandard1.1) (< netstandard1.2) (< win8)) (&& (< net45) (>= netstandard1.2) (< netstandard1.3) (< win8) (< wpa81)) (&& (< net45) (>= netstandard1.3) (< netstandard1.4) (< win8) (< wpa81)) (&& (< net45) (>= netstandard1.4) (< netstandard1.5) (< win8) (< wpa81)) (&& (< net45) (>= netstandard1.5) (< netstandard1.6) (< win8) (< wpa81)) (&& (< net45) (>= netstandard1.6) (< netstandard2.0) (< win8) (< wpa81)) (&& (>= netstandard1.0) (< portable-net45+win8+wpa81) (< wp8)) (&& (< netstandard1.5) (>= uap10.0) (< uap10.1))
      System.Net.Http (>= 4.3.2) - restriction: || (&& (< net45) (>= netstandard1.1) (< netstandard1.2) (< win8)) (&& (< net45) (>= netstandard1.2) (< netstandard1.3) (< win8) (< wpa81)) (&& (< net45) (>= netstandard1.3) (< netstandard1.4) (< win8) (< wpa81)) (&& (< net45) (>= netstandard1.4) (< netstandard1.5) (< win8) (< wpa81)) (&& (< net45) (>= netstandard1.5) (< netstandard1.6) (< win8) (< wpa81)) (&& (< net45) (>= netstandard1.6) (< netstandard2.0) (< win8) (< wpa81)) (&& (>= net46) (< netstandard1.4)) (&& (< netstandard1.5) (>= uap10.0) (< uap10.1))
      System.Net.Primitives (>= 4.3) - restriction: || (&& (< net45) (>= netstandard1.1) (< netstandard1.2) (< win8)) (&& (< net45) (>= netstandard1.2) (< netstandard1.3) (< win8) (< wpa81)) (&& (< net45) (>= netstandard1.3) (< netstandard1.4) (< win8) (< wpa81)) (&& (< net45) (>= netstandard1.4) (< netstandard1.5) (< win8) (< wpa81)) (&& (< net45) (>= netstandard1.5) (< netstandard1.6) (< win8) (< wpa81)) (&& (< net45) (>= netstandard1.6) (< netstandard2.0) (< win8) (< wpa81)) (&& (>= netstandard1.0) (< portable-net45+win8+wpa81) (< wp8)) (&& (< netstandard1.5) (>= uap10.0) (< uap10.1))
      System.Net.Sockets (>= 4.3) - restriction: || (&& (< net45) (>= netstandard1.3) (< netstandard1.4) (< win8) (< wpa81)) (&& (< net45) (>= netstandard1.4) (< netstandard1.5) (< win8) (< wpa81)) (&& (< net45) (>= netstandard1.5) (< netstandard1.6) (< win8) (< wpa81)) (&& (< net45) (>= netstandard1.6) (< netstandard2.0) (< win8) (< wpa81)) (&& (>= net46) (< netstandard1.4)) (&& (< netstandard1.5) (>= uap10.0) (< uap10.1))
      System.ObjectModel (>= 4.3) - restriction: || (&& (< net45) (>= netstandard1.1) (< netstandard1.2) (< win8)) (&& (< net45) (>= netstandard1.2) (< netstandard1.3) (< win8) (< wpa81)) (&& (< net45) (>= netstandard1.3) (< netstandard1.4) (< win8) (< wpa81)) (&& (< net45) (>= netstandard1.4) (< netstandard1.5) (< win8) (< wpa81)) (&& (< net45) (>= netstandard1.5) (< netstandard1.6) (< win8) (< wpa81)) (&& (< net45) (>= netstandard1.6) (< netstandard2.0) (< win8) (< wpa81)) (&& (>= netstandard1.0) (< portable-net45+win8+wpa81) (< wp8)) (&& (< netstandard1.5) (>= uap10.0) (< uap10.1))
      System.Reflection (>= 4.3) - restriction: || (&& (< net45) (>= netstandard1.1) (< netstandard1.2) (< win8)) (&& (< net45) (>= netstandard1.2) (< netstandard1.3) (< win8) (< wpa81)) (&& (< net45) (>= netstandard1.3) (< netstandard1.4) (< win8) (< wpa81)) (&& (< net45) (>= netstandard1.4) (< netstandard1.5) (< win8) (< wpa81)) (&& (< net45) (>= netstandard1.5) (< netstandard1.6) (< win8) (< wpa81)) (&& (< net45) (>= netstandard1.6) (< netstandard2.0) (< win8) (< wpa81)) (&& (>= netstandard1.0) (< portable-net45+win8+wpa81) (< wp8)) (&& (< netstandard1.5) (>= uap10.0) (< uap10.1))
      System.Reflection.Extensions (>= 4.3) - restriction: || (&& (< net45) (>= netstandard1.1) (< netstandard1.2) (< win8)) (&& (< net45) (>= netstandard1.2) (< netstandard1.3) (< win8) (< wpa81)) (&& (< net45) (>= netstandard1.3) (< netstandard1.4) (< win8) (< wpa81)) (&& (< net45) (>= netstandard1.4) (< netstandard1.5) (< win8) (< wpa81)) (&& (< net45) (>= netstandard1.5) (< netstandard1.6) (< win8) (< wpa81)) (&& (< net45) (>= netstandard1.6) (< netstandard2.0) (< win8) (< wpa81)) (&& (>= netstandard1.0) (< portable-net45+win8+wpa81) (< wp8)) (&& (< netstandard1.5) (>= uap10.0) (< uap10.1))
      System.Reflection.Primitives (>= 4.3) - restriction: || (&& (< net45) (>= netstandard1.1) (< netstandard1.2) (< win8)) (&& (< net45) (>= netstandard1.2) (< netstandard1.3) (< win8) (< wpa81)) (&& (< net45) (>= netstandard1.3) (< netstandard1.4) (< win8) (< wpa81)) (&& (< net45) (>= netstandard1.4) (< netstandard1.5) (< win8) (< wpa81)) (&& (< net45) (>= netstandard1.5) (< netstandard1.6) (< win8) (< wpa81)) (&& (< net45) (>= netstandard1.6) (< netstandard2.0) (< win8) (< wpa81)) (&& (>= netstandard1.0) (< portable-net45+win8+wpa81) (< wp8)) (&& (< netstandard1.5) (>= uap10.0) (< uap10.1))
      System.Resources.ResourceManager (>= 4.3) - restriction: || (&& (< net45) (>= netstandard1.1) (< netstandard1.2) (< win8)) (&& (< net45) (>= netstandard1.2) (< netstandard1.3) (< win8) (< wpa81)) (&& (< net45) (>= netstandard1.3) (< netstandard1.4) (< win8) (< wpa81)) (&& (< net45) (>= netstandard1.4) (< netstandard1.5) (< win8) (< wpa81)) (&& (< net45) (>= netstandard1.5) (< netstandard1.6) (< win8) (< wpa81)) (&& (< net45) (>= netstandard1.6) (< netstandard2.0) (< win8) (< wpa81)) (&& (>= netstandard1.0) (< portable-net45+win8+wpa81) (< wp8)) (&& (< netstandard1.5) (>= uap10.0) (< uap10.1))
      System.Runtime (>= 4.3) - restriction: || (&& (< net45) (>= netstandard1.1) (< netstandard1.2) (< win8)) (&& (< net45) (>= netstandard1.2) (< netstandard1.3) (< win8) (< wpa81)) (&& (< net45) (>= netstandard1.3) (< netstandard1.4) (< win8) (< wpa81)) (&& (< net45) (>= netstandard1.4) (< netstandard1.5) (< win8) (< wpa81)) (&& (< net45) (>= netstandard1.5) (< netstandard1.6) (< win8) (< wpa81)) (&& (< net45) (>= netstandard1.6) (< netstandard2.0) (< win8) (< wpa81)) (&& (>= netstandard1.0) (< portable-net45+win8+wpa81) (< wp8)) (&& (< netstandard1.5) (>= uap10.0) (< uap10.1))
      System.Runtime.Extensions (>= 4.3) - restriction: || (&& (< net45) (>= netstandard1.1) (< netstandard1.2) (< win8)) (&& (< net45) (>= netstandard1.2) (< netstandard1.3) (< win8) (< wpa81)) (&& (< net45) (>= netstandard1.3) (< netstandard1.4) (< win8) (< wpa81)) (&& (< net45) (>= netstandard1.4) (< netstandard1.5) (< win8) (< wpa81)) (&& (< net45) (>= netstandard1.5) (< netstandard1.6) (< win8) (< wpa81)) (&& (< net45) (>= netstandard1.6) (< netstandard2.0) (< win8) (< wpa81)) (&& (>= netstandard1.0) (< portable-net45+win8+wpa81) (< wp8)) (&& (< netstandard1.5) (>= uap10.0) (< uap10.1))
      System.Runtime.Handles (>= 4.3) - restriction: || (&& (< net45) (>= netstandard1.3) (< netstandard1.4) (< win8) (< wpa81)) (&& (< net45) (>= netstandard1.4) (< netstandard1.5) (< win8) (< wpa81)) (&& (< net45) (>= netstandard1.5) (< netstandard1.6) (< win8) (< wpa81)) (&& (< net45) (>= netstandard1.6) (< netstandard2.0) (< win8) (< wpa81)) (&& (< netstandard1.5) (>= uap10.0) (< uap10.1))
      System.Runtime.InteropServices (>= 4.3) - restriction: || (&& (< net45) (>= netstandard1.1) (< netstandard1.2) (< win8)) (&& (< net45) (>= netstandard1.2) (< netstandard1.3) (< win8) (< wpa81)) (&& (< net45) (>= netstandard1.3) (< netstandard1.4) (< win8) (< wpa81)) (&& (< net45) (>= netstandard1.4) (< netstandard1.5) (< win8) (< wpa81)) (&& (< net45) (>= netstandard1.5) (< netstandard1.6) (< win8) (< wpa81)) (&& (< net45) (>= netstandard1.6) (< netstandard2.0) (< win8) (< wpa81)) (&& (< netstandard1.5) (>= uap10.0) (< uap10.1))
      System.Runtime.InteropServices.RuntimeInformation (>= 4.3) - restriction: || (&& (>= net45) (< netstandard1.3)) (&& (< net45) (>= netstandard1.1) (< netstandard1.2) (< win8)) (&& (< net45) (>= netstandard1.2) (< netstandard1.3) (< win8) (< wpa81)) (&& (< net45) (>= netstandard1.3) (< netstandard1.4) (< win8) (< wpa81)) (&& (< net45) (>= netstandard1.4) (< netstandard1.5) (< win8) (< wpa81)) (&& (< net45) (>= netstandard1.5) (< netstandard1.6) (< win8) (< wpa81)) (&& (< net45) (>= netstandard1.6) (< netstandard2.0) (< win8) (< wpa81)) (&& (>= net46) (< netstandard1.4)) (&& (< netstandard1.0) (>= portable-net45+win8) (< win8)) (&& (< netstandard1.0) (< portable-net45+win8) (>= portable-net45+win8+wpa81)) (&& (< netstandard1.0) (>= win8)) (&& (< netstandard1.3) (< win8) (>= wpa81)) (&& (< netstandard1.5) (>= uap10.0) (< uap10.1))
      System.Runtime.Numerics (>= 4.3) - restriction: || (&& (< net45) (>= netstandard1.1) (< netstandard1.2) (< win8)) (&& (< net45) (>= netstandard1.2) (< netstandard1.3) (< win8) (< wpa81)) (&& (< net45) (>= netstandard1.3) (< netstandard1.4) (< win8) (< wpa81)) (&& (< net45) (>= netstandard1.4) (< netstandard1.5) (< win8) (< wpa81)) (&& (< net45) (>= netstandard1.5) (< netstandard1.6) (< win8) (< wpa81)) (&& (< net45) (>= netstandard1.6) (< netstandard2.0) (< win8) (< wpa81)) (&& (< netstandard1.5) (>= uap10.0) (< uap10.1))
      System.Security.Cryptography.Algorithms (>= 4.3) - restriction: || (&& (< net45) (>= netstandard1.3) (< netstandard1.4) (< win8) (< wpa81)) (&& (< net45) (>= netstandard1.4) (< netstandard1.5) (< win8) (< wpa81)) (&& (< net45) (>= netstandard1.5) (< netstandard1.6) (< win8) (< wpa81)) (&& (< net45) (>= netstandard1.6) (< netstandard2.0) (< win8) (< wpa81)) (&& (>= net46) (< netstandard1.4)) (&& (< netstandard1.5) (>= uap10.0) (< uap10.1))
      System.Security.Cryptography.Encoding (>= 4.3) - restriction: || (&& (< net45) (>= netstandard1.3) (< netstandard1.4) (< win8) (< wpa81)) (&& (< net45) (>= netstandard1.4) (< netstandard1.5) (< win8) (< wpa81)) (&& (< net45) (>= netstandard1.5) (< netstandard1.6) (< win8) (< wpa81)) (&& (< net45) (>= netstandard1.6) (< netstandard2.0) (< win8) (< wpa81)) (&& (>= net46) (< netstandard1.4)) (&& (< netstandard1.5) (>= uap10.0) (< uap10.1))
      System.Security.Cryptography.Primitives (>= 4.3) - restriction: || (&& (< net45) (>= netstandard1.3) (< netstandard1.4) (< win8) (< wpa81)) (&& (< net45) (>= netstandard1.4) (< netstandard1.5) (< win8) (< wpa81)) (&& (< net45) (>= netstandard1.5) (< netstandard1.6) (< win8) (< wpa81)) (&& (< net45) (>= netstandard1.6) (< netstandard2.0) (< win8) (< wpa81)) (&& (>= net46) (< netstandard1.4)) (&& (< netstandard1.5) (>= uap10.0) (< uap10.1))
      System.Security.Cryptography.X509Certificates (>= 4.3) - restriction: || (&& (< net45) (>= netstandard1.3) (< netstandard1.4) (< win8) (< wpa81)) (&& (< net45) (>= netstandard1.4) (< netstandard1.5) (< win8) (< wpa81)) (&& (< net45) (>= netstandard1.5) (< netstandard1.6) (< win8) (< wpa81)) (&& (< net45) (>= netstandard1.6) (< netstandard2.0) (< win8) (< wpa81)) (&& (>= net46) (< netstandard1.4)) (&& (< netstandard1.5) (>= uap10.0) (< uap10.1))
      System.Text.Encoding (>= 4.3) - restriction: || (&& (< net45) (>= netstandard1.1) (< netstandard1.2) (< win8)) (&& (< net45) (>= netstandard1.2) (< netstandard1.3) (< win8) (< wpa81)) (&& (< net45) (>= netstandard1.3) (< netstandard1.4) (< win8) (< wpa81)) (&& (< net45) (>= netstandard1.4) (< netstandard1.5) (< win8) (< wpa81)) (&& (< net45) (>= netstandard1.5) (< netstandard1.6) (< win8) (< wpa81)) (&& (< net45) (>= netstandard1.6) (< netstandard2.0) (< win8) (< wpa81)) (&& (>= netstandard1.0) (< portable-net45+win8+wpa81) (< wp8)) (&& (< netstandard1.5) (>= uap10.0) (< uap10.1))
      System.Text.Encoding.Extensions (>= 4.3) - restriction: || (&& (< net45) (>= netstandard1.1) (< netstandard1.2) (< win8)) (&& (< net45) (>= netstandard1.2) (< netstandard1.3) (< win8) (< wpa81)) (&& (< net45) (>= netstandard1.3) (< netstandard1.4) (< win8) (< wpa81)) (&& (< net45) (>= netstandard1.4) (< netstandard1.5) (< win8) (< wpa81)) (&& (< net45) (>= netstandard1.5) (< netstandard1.6) (< win8) (< wpa81)) (&& (< net45) (>= netstandard1.6) (< netstandard2.0) (< win8) (< wpa81)) (&& (>= netstandard1.0) (< portable-net45+win8+wpa81) (< wp8)) (&& (< netstandard1.5) (>= uap10.0) (< uap10.1))
      System.Text.RegularExpressions (>= 4.3) - restriction: || (&& (< net45) (>= netstandard1.1) (< netstandard1.2) (< win8)) (&& (< net45) (>= netstandard1.2) (< netstandard1.3) (< win8) (< wpa81)) (&& (< net45) (>= netstandard1.3) (< netstandard1.4) (< win8) (< wpa81)) (&& (< net45) (>= netstandard1.4) (< netstandard1.5) (< win8) (< wpa81)) (&& (< net45) (>= netstandard1.5) (< netstandard1.6) (< win8) (< wpa81)) (&& (< net45) (>= netstandard1.6) (< netstandard2.0) (< win8) (< wpa81)) (&& (>= netstandard1.0) (< portable-net45+win8+wpa81) (< wp8)) (&& (< netstandard1.5) (>= uap10.0) (< uap10.1))
      System.Threading (>= 4.3) - restriction: || (&& (< net45) (>= netstandard1.1) (< netstandard1.2) (< win8)) (&& (< net45) (>= netstandard1.2) (< netstandard1.3) (< win8) (< wpa81)) (&& (< net45) (>= netstandard1.3) (< netstandard1.4) (< win8) (< wpa81)) (&& (< net45) (>= netstandard1.4) (< netstandard1.5) (< win8) (< wpa81)) (&& (< net45) (>= netstandard1.5) (< netstandard1.6) (< win8) (< wpa81)) (&& (< net45) (>= netstandard1.6) (< netstandard2.0) (< win8) (< wpa81)) (&& (>= netstandard1.0) (< portable-net45+win8+wpa81) (< wp8)) (&& (< netstandard1.5) (>= uap10.0) (< uap10.1))
      System.Threading.Tasks (>= 4.3) - restriction: || (&& (< net45) (>= netstandard1.1) (< netstandard1.2) (< win8)) (&& (< net45) (>= netstandard1.2) (< netstandard1.3) (< win8) (< wpa81)) (&& (< net45) (>= netstandard1.3) (< netstandard1.4) (< win8) (< wpa81)) (&& (< net45) (>= netstandard1.4) (< netstandard1.5) (< win8) (< wpa81)) (&& (< net45) (>= netstandard1.5) (< netstandard1.6) (< win8) (< wpa81)) (&& (< net45) (>= netstandard1.6) (< netstandard2.0) (< win8) (< wpa81)) (&& (>= netstandard1.0) (< portable-net45+win8+wpa81) (< wp8)) (&& (< netstandard1.5) (>= uap10.0) (< uap10.1))
      System.Threading.Timer (>= 4.3) - restriction: || (&& (< net45) (>= netstandard1.2) (< netstandard1.3) (< win8) (< wpa81)) (&& (< net45) (>= netstandard1.3) (< netstandard1.4) (< win8) (< wpa81)) (&& (< net45) (>= netstandard1.4) (< netstandard1.5) (< win8) (< wpa81)) (&& (< net45) (>= netstandard1.5) (< netstandard1.6) (< win8) (< wpa81)) (&& (< net45) (>= netstandard1.6) (< netstandard2.0) (< win8) (< wpa81)) (&& (< netstandard1.5) (>= uap10.0) (< uap10.1))
      System.Xml.ReaderWriter (>= 4.3) - restriction: || (&& (< net45) (>= netstandard1.1) (< netstandard1.2) (< win8)) (&& (< net45) (>= netstandard1.2) (< netstandard1.3) (< win8) (< wpa81)) (&& (< net45) (>= netstandard1.3) (< netstandard1.4) (< win8) (< wpa81)) (&& (< net45) (>= netstandard1.4) (< netstandard1.5) (< win8) (< wpa81)) (&& (< net45) (>= netstandard1.5) (< netstandard1.6) (< win8) (< wpa81)) (&& (< net45) (>= netstandard1.6) (< netstandard2.0) (< win8) (< wpa81)) (&& (>= net46) (< netstandard1.4)) (&& (>= netstandard1.0) (< portable-net45+win8+wpa81) (< wp8)) (&& (< netstandard1.5) (>= uap10.0) (< uap10.1))
      System.Xml.XDocument (>= 4.3) - restriction: || (&& (< net45) (>= netstandard1.1) (< netstandard1.2) (< win8)) (&& (< net45) (>= netstandard1.2) (< netstandard1.3) (< win8) (< wpa81)) (&& (< net45) (>= netstandard1.3) (< netstandard1.4) (< win8) (< wpa81)) (&& (< net45) (>= netstandard1.4) (< netstandard1.5) (< win8) (< wpa81)) (&& (< net45) (>= netstandard1.5) (< netstandard1.6) (< win8) (< wpa81)) (&& (< net45) (>= netstandard1.6) (< netstandard2.0) (< win8) (< wpa81)) (&& (>= netstandard1.0) (< portable-net45+win8+wpa81) (< wp8)) (&& (< netstandard1.5) (>= uap10.0) (< uap10.1))
    Newtonsoft.Json (13.0.1) - restriction: || (>= netcoreapp1.0) (>= uap10.0)
      Microsoft.CSharp (>= 4.3) - restriction: || (&& (< net20) (>= netstandard1.0) (< netstandard1.3)) (&& (< net20) (>= netstandard1.3) (< netstandard2.0))
      NETStandard.Library (>= 1.6.1) - restriction: || (&& (< net20) (>= netstandard1.0) (< netstandard1.3)) (&& (< net20) (>= netstandard1.3) (< netstandard2.0))
      System.ComponentModel.TypeConverter (>= 4.3) - restriction: || (&& (< net20) (>= netstandard1.0) (< netstandard1.3)) (&& (< net20) (>= netstandard1.3) (< netstandard2.0))
      System.Runtime.Serialization.Formatters (>= 4.3) - restriction: && (< net20) (>= netstandard1.3) (< netstandard2.0)
      System.Runtime.Serialization.Primitives (>= 4.3) - restriction: || (&& (< net20) (>= netstandard1.0) (< netstandard1.3)) (&& (< net20) (>= netstandard1.3) (< netstandard2.0))
      System.Xml.XmlDocument (>= 4.3) - restriction: && (< net20) (>= netstandard1.3) (< netstandard2.0)
    NuGet.Frameworks (6.0) - restriction: || (&& (>= net45) (>= netcoreapp1.0) (< netstandard1.3)) (&& (>= net451) (>= netcoreapp1.0)) (&& (>= netcoreapp1.0) (< netstandard2.0)) (>= netcoreapp2.1)
    Perfolizer (0.2.1) - restriction: >= netstandard2.0
      System.Memory (>= 4.5.3) - restriction: >= netstandard2.0
    Ply (0.3.1)
      FSharp.Core (>= 4.6.2) - restriction: >= netstandard2.0
      System.Threading.Tasks.Extensions (>= 4.5.4) - restriction: >= netstandard2.0
    runtime.debian.8-x64.runtime.native.System.Security.Cryptography.OpenSsl (4.3.3) - restriction: || (&& (>= net46) (< netstandard1.4) (>= uap10.0)) (&& (< netstandard1.3) (>= uap10.0)) (&& (< netstandard1.4) (>= uap10.0) (< win8) (< wpa81)) (&& (>= netstandard1.5) (< netstandard1.6) (>= uap10.0) (< win8) (< wpa81)) (&& (< netstandard1.5) (>= uap10.0) (< uap10.1)) (&& (< netstandard1.5) (>= uap10.0) (< win8) (< wpa81)) (&& (>= netstandard1.6) (< netstandard2.0) (>= uap10.0) (< win8) (< wpa81))
    runtime.debian.9-x64.runtime.native.System.Security.Cryptography.OpenSsl (4.3.3) - restriction: || (&& (>= net46) (< netstandard1.4) (>= uap10.0)) (&& (< netstandard1.3) (>= uap10.0)) (&& (< netstandard1.4) (>= uap10.0) (< win8) (< wpa81)) (&& (>= netstandard1.5) (< netstandard1.6) (>= uap10.0) (< win8) (< wpa81)) (&& (< netstandard1.5) (>= uap10.0) (< uap10.1)) (&& (< netstandard1.5) (>= uap10.0) (< win8) (< wpa81)) (&& (>= netstandard1.6) (< netstandard2.0) (>= uap10.0) (< win8) (< wpa81))
    runtime.fedora.23-x64.runtime.native.System.Security.Cryptography.OpenSsl (4.3.3) - restriction: || (&& (>= net46) (< netstandard1.4) (>= uap10.0)) (&& (< netstandard1.3) (>= uap10.0)) (&& (< netstandard1.4) (>= uap10.0) (< win8) (< wpa81)) (&& (>= netstandard1.5) (< netstandard1.6) (>= uap10.0) (< win8) (< wpa81)) (&& (< netstandard1.5) (>= uap10.0) (< uap10.1)) (&& (< netstandard1.5) (>= uap10.0) (< win8) (< wpa81)) (&& (>= netstandard1.6) (< netstandard2.0) (>= uap10.0) (< win8) (< wpa81))
    runtime.fedora.24-x64.runtime.native.System.Security.Cryptography.OpenSsl (4.3.3) - restriction: || (&& (>= net46) (< netstandard1.4) (>= uap10.0)) (&& (< netstandard1.3) (>= uap10.0)) (&& (< netstandard1.4) (>= uap10.0) (< win8) (< wpa81)) (&& (>= netstandard1.5) (< netstandard1.6) (>= uap10.0) (< win8) (< wpa81)) (&& (< netstandard1.5) (>= uap10.0) (< uap10.1)) (&& (< netstandard1.5) (>= uap10.0) (< win8) (< wpa81)) (&& (>= netstandard1.6) (< netstandard2.0) (>= uap10.0) (< win8) (< wpa81))
    runtime.fedora.27-x64.runtime.native.System.Security.Cryptography.OpenSsl (4.3.3) - restriction: || (&& (>= net46) (< netstandard1.4) (>= uap10.0)) (&& (< netstandard1.3) (>= uap10.0)) (&& (< netstandard1.4) (>= uap10.0) (< win8) (< wpa81)) (&& (>= netstandard1.5) (< netstandard1.6) (>= uap10.0) (< win8) (< wpa81)) (&& (< netstandard1.5) (>= uap10.0) (< uap10.1)) (&& (< netstandard1.5) (>= uap10.0) (< win8) (< wpa81)) (&& (>= netstandard1.6) (< netstandard2.0) (>= uap10.0) (< win8) (< wpa81))
    runtime.fedora.28-x64.runtime.native.System.Security.Cryptography.OpenSsl (4.3.3) - restriction: || (&& (>= net46) (< netstandard1.4) (>= uap10.0)) (&& (< netstandard1.3) (>= uap10.0)) (&& (< netstandard1.4) (>= uap10.0) (< win8) (< wpa81)) (&& (>= netstandard1.5) (< netstandard1.6) (>= uap10.0) (< win8) (< wpa81)) (&& (< netstandard1.5) (>= uap10.0) (< uap10.1)) (&& (< netstandard1.5) (>= uap10.0) (< win8) (< wpa81)) (&& (>= netstandard1.6) (< netstandard2.0) (>= uap10.0) (< win8) (< wpa81))
    runtime.native.System (4.3.1) - restriction: && (< monoandroid) (>= netcoreapp1.0) (< netcoreapp2.1) (< xamarinios) (< xamarinmac) (< xamarintvos) (< xamarinwatchos)
      Microsoft.NETCore.Platforms (>= 1.1.1)
      Microsoft.NETCore.Targets (>= 1.1.3)
    runtime.native.System.Security.Cryptography.OpenSsl (4.3.3) - restriction: || (&& (>= net46) (< netstandard1.4) (>= uap10.0)) (&& (< netstandard1.3) (>= uap10.0)) (&& (< netstandard1.4) (>= uap10.0) (< win8) (< wpa81)) (&& (>= netstandard1.5) (< netstandard1.6) (>= uap10.0) (< win8) (< wpa81)) (&& (< netstandard1.5) (>= uap10.0) (< uap10.1)) (&& (< netstandard1.5) (>= uap10.0) (< win8) (< wpa81)) (&& (>= netstandard1.6) (< netstandard2.0) (>= uap10.0) (< win8) (< wpa81))
      runtime.debian.8-x64.runtime.native.System.Security.Cryptography.OpenSsl (>= 4.3.3)
      runtime.debian.9-x64.runtime.native.System.Security.Cryptography.OpenSsl (>= 4.3.3)
      runtime.fedora.23-x64.runtime.native.System.Security.Cryptography.OpenSsl (>= 4.3.3)
      runtime.fedora.24-x64.runtime.native.System.Security.Cryptography.OpenSsl (>= 4.3.3)
      runtime.fedora.27-x64.runtime.native.System.Security.Cryptography.OpenSsl (>= 4.3.3)
      runtime.fedora.28-x64.runtime.native.System.Security.Cryptography.OpenSsl (>= 4.3.3)
      runtime.opensuse.13.2-x64.runtime.native.System.Security.Cryptography.OpenSsl (>= 4.3.3)
      runtime.opensuse.42.1-x64.runtime.native.System.Security.Cryptography.OpenSsl (>= 4.3.3)
      runtime.opensuse.42.3-x64.runtime.native.System.Security.Cryptography.OpenSsl (>= 4.3.3)
      runtime.osx.10.10-x64.runtime.native.System.Security.Cryptography.OpenSsl (>= 4.3.3)
      runtime.rhel.7-x64.runtime.native.System.Security.Cryptography.OpenSsl (>= 4.3.3)
      runtime.ubuntu.14.04-x64.runtime.native.System.Security.Cryptography.OpenSsl (>= 4.3.3)
      runtime.ubuntu.16.04-x64.runtime.native.System.Security.Cryptography.OpenSsl (>= 4.3.3)
      runtime.ubuntu.16.10-x64.runtime.native.System.Security.Cryptography.OpenSsl (>= 4.3.3)
      runtime.ubuntu.18.04-x64.runtime.native.System.Security.Cryptography.OpenSsl (>= 4.3.3)
    runtime.opensuse.13.2-x64.runtime.native.System.Security.Cryptography.OpenSsl (4.3.3) - restriction: || (&& (>= net46) (< netstandard1.4) (>= uap10.0)) (&& (< netstandard1.3) (>= uap10.0)) (&& (< netstandard1.4) (>= uap10.0) (< win8) (< wpa81)) (&& (>= netstandard1.5) (< netstandard1.6) (>= uap10.0) (< win8) (< wpa81)) (&& (< netstandard1.5) (>= uap10.0) (< uap10.1)) (&& (< netstandard1.5) (>= uap10.0) (< win8) (< wpa81)) (&& (>= netstandard1.6) (< netstandard2.0) (>= uap10.0) (< win8) (< wpa81))
    runtime.opensuse.42.1-x64.runtime.native.System.Security.Cryptography.OpenSsl (4.3.3) - restriction: || (&& (>= net46) (< netstandard1.4) (>= uap10.0)) (&& (< netstandard1.3) (>= uap10.0)) (&& (< netstandard1.4) (>= uap10.0) (< win8) (< wpa81)) (&& (>= netstandard1.5) (< netstandard1.6) (>= uap10.0) (< win8) (< wpa81)) (&& (< netstandard1.5) (>= uap10.0) (< uap10.1)) (&& (< netstandard1.5) (>= uap10.0) (< win8) (< wpa81)) (&& (>= netstandard1.6) (< netstandard2.0) (>= uap10.0) (< win8) (< wpa81))
    runtime.opensuse.42.3-x64.runtime.native.System.Security.Cryptography.OpenSsl (4.3.3) - restriction: || (&& (>= net46) (< netstandard1.4) (>= uap10.0)) (&& (< netstandard1.3) (>= uap10.0)) (&& (< netstandard1.4) (>= uap10.0) (< win8) (< wpa81)) (&& (>= netstandard1.5) (< netstandard1.6) (>= uap10.0) (< win8) (< wpa81)) (&& (< netstandard1.5) (>= uap10.0) (< uap10.1)) (&& (< netstandard1.5) (>= uap10.0) (< win8) (< wpa81)) (&& (>= netstandard1.6) (< netstandard2.0) (>= uap10.0) (< win8) (< wpa81))
    runtime.osx.10.10-x64.runtime.native.System.Security.Cryptography.OpenSsl (4.3.3) - restriction: || (&& (>= net46) (< netstandard1.4) (>= uap10.0)) (&& (< netstandard1.3) (>= uap10.0)) (&& (< netstandard1.4) (>= uap10.0) (< win8) (< wpa81)) (&& (>= netstandard1.5) (< netstandard1.6) (>= uap10.0) (< win8) (< wpa81)) (&& (< netstandard1.5) (>= uap10.0) (< uap10.1)) (&& (< netstandard1.5) (>= uap10.0) (< win8) (< wpa81)) (&& (>= netstandard1.6) (< netstandard2.0) (>= uap10.0) (< win8) (< wpa81))
    runtime.rhel.7-x64.runtime.native.System.Security.Cryptography.OpenSsl (4.3.3) - restriction: || (&& (>= net46) (< netstandard1.4) (>= uap10.0)) (&& (< netstandard1.3) (>= uap10.0)) (&& (< netstandard1.4) (>= uap10.0) (< win8) (< wpa81)) (&& (>= netstandard1.5) (< netstandard1.6) (>= uap10.0) (< win8) (< wpa81)) (&& (< netstandard1.5) (>= uap10.0) (< uap10.1)) (&& (< netstandard1.5) (>= uap10.0) (< win8) (< wpa81)) (&& (>= netstandard1.6) (< netstandard2.0) (>= uap10.0) (< win8) (< wpa81))
    runtime.ubuntu.14.04-x64.runtime.native.System.Security.Cryptography.OpenSsl (4.3.3) - restriction: || (&& (>= net46) (< netstandard1.4) (>= uap10.0)) (&& (< netstandard1.3) (>= uap10.0)) (&& (< netstandard1.4) (>= uap10.0) (< win8) (< wpa81)) (&& (>= netstandard1.5) (< netstandard1.6) (>= uap10.0) (< win8) (< wpa81)) (&& (< netstandard1.5) (>= uap10.0) (< uap10.1)) (&& (< netstandard1.5) (>= uap10.0) (< win8) (< wpa81)) (&& (>= netstandard1.6) (< netstandard2.0) (>= uap10.0) (< win8) (< wpa81))
    runtime.ubuntu.16.04-x64.runtime.native.System.Security.Cryptography.OpenSsl (4.3.3) - restriction: || (&& (>= net46) (< netstandard1.4) (>= uap10.0)) (&& (< netstandard1.3) (>= uap10.0)) (&& (< netstandard1.4) (>= uap10.0) (< win8) (< wpa81)) (&& (>= netstandard1.5) (< netstandard1.6) (>= uap10.0) (< win8) (< wpa81)) (&& (< netstandard1.5) (>= uap10.0) (< uap10.1)) (&& (< netstandard1.5) (>= uap10.0) (< win8) (< wpa81)) (&& (>= netstandard1.6) (< netstandard2.0) (>= uap10.0) (< win8) (< wpa81))
    runtime.ubuntu.16.10-x64.runtime.native.System.Security.Cryptography.OpenSsl (4.3.3) - restriction: || (&& (>= net46) (< netstandard1.4) (>= uap10.0)) (&& (< netstandard1.3) (>= uap10.0)) (&& (< netstandard1.4) (>= uap10.0) (< win8) (< wpa81)) (&& (>= netstandard1.5) (< netstandard1.6) (>= uap10.0) (< win8) (< wpa81)) (&& (< netstandard1.5) (>= uap10.0) (< uap10.1)) (&& (< netstandard1.5) (>= uap10.0) (< win8) (< wpa81)) (&& (>= netstandard1.6) (< netstandard2.0) (>= uap10.0) (< win8) (< wpa81))
    runtime.ubuntu.18.04-x64.runtime.native.System.Security.Cryptography.OpenSsl (4.3.3) - restriction: || (&& (>= net46) (< netstandard1.4) (>= uap10.0)) (&& (< netstandard1.3) (>= uap10.0)) (&& (< netstandard1.4) (>= uap10.0) (< win8) (< wpa81)) (&& (>= netstandard1.5) (< netstandard1.6) (>= uap10.0) (< win8) (< wpa81)) (&& (< netstandard1.5) (>= uap10.0) (< uap10.1)) (&& (< netstandard1.5) (>= uap10.0) (< win8) (< wpa81)) (&& (>= netstandard1.6) (< netstandard2.0) (>= uap10.0) (< win8) (< wpa81))
    System.AppContext (4.3) - restriction: || (&& (>= net46) (< netstandard1.4) (>= uap10.0)) (&& (< netstandard1.3) (>= uap10.0)) (&& (< netstandard1.4) (>= uap10.0) (< win8) (< wpa81)) (&& (>= netstandard1.5) (< netstandard1.6) (>= uap10.0) (< win8) (< wpa81)) (&& (< netstandard1.5) (>= uap10.0) (< uap10.1)) (&& (< netstandard1.5) (>= uap10.0) (< win8) (< wpa81)) (&& (>= netstandard1.6) (< netstandard2.0) (>= uap10.0) (< win8) (< wpa81))
      System.Runtime (>= 4.3) - restriction: || (&& (< monoandroid) (< net46) (>= netstandard1.3) (< netstandard1.6)) (&& (< monotouch) (< net46) (>= netstandard1.6) (< xamarinios) (< xamarinmac) (< xamarintvos) (< xamarinwatchos))
    System.Buffers (4.5.1) - restriction: || (&& (>= monoandroid) (< netstandard1.1) (>= netstandard2.0)) (&& (>= monoandroid) (< netstandard1.3) (>= netstandard2.0)) (&& (< monoandroid) (>= netcoreapp2.0) (< netstandard1.1)) (&& (< monoandroid) (>= netcoreapp2.0) (< netstandard2.0) (< xamarintvos) (< xamarinwatchos)) (&& (< monoandroid) (< netstandard1.1) (>= netstandard2.0) (< win8)) (&& (>= monotouch) (>= netcoreapp2.0)) (&& (>= monotouch) (>= netstandard2.0)) (&& (>= net45) (>= netcoreapp2.0) (< netstandard2.0)) (&& (< net45) (< netcoreapp2.0) (>= netstandard2.0) (< xamarinios) (< xamarinmac) (< xamarintvos) (< xamarinwatchos)) (&& (>= net46) (< netstandard1.4) (>= uap10.0)) (&& (< net46) (< netcoreapp2.0) (>= netstandard2.0)) (&& (>= net461) (>= netcoreapp2.0)) (&& (>= net461) (>= netstandard2.0)) (&& (< net6.0) (>= netstandard2.0)) (&& (< net6.0) (>= xamarinios)) (&& (< net6.0) (>= xamarinmac)) (&& (>= netcoreapp2.0) (< netstandard1.1) (>= win8)) (&& (>= netcoreapp2.0) (< netstandard2.0) (>= wpa81)) (&& (< netstandard1.1) (>= netstandard2.0) (>= win8)) (&& (< netstandard1.3) (>= uap10.0)) (&& (< netstandard1.4) (>= uap10.0) (< win8) (< wpa81)) (&& (>= netstandard1.5) (< netstandard1.6) (>= uap10.0) (< win8) (< wpa81)) (&& (< netstandard1.5) (>= uap10.0) (< uap10.1)) (&& (< netstandard1.5) (>= uap10.0) (< win8) (< wpa81)) (&& (>= netstandard1.6) (< netstandard2.0) (>= uap10.0) (< win8) (< wpa81)) (&& (>= netstandard2.0) (>= uap10.1)) (&& (>= uap10.1) (>= xamarinios)) (&& (>= uap10.1) (>= xamarinmac))
    System.CodeDom (6.0) - restriction: >= netstandard2.0
    System.Collections (4.3) - restriction: || (&& (< monoandroid) (>= netcoreapp1.0) (< netcoreapp2.1) (< xamarinios) (< xamarinmac) (< xamarintvos) (< xamarinwatchos)) (&& (< netstandard1.2) (>= uap10.0) (< win8)) (&& (< netstandard1.3) (>= uap10.0)) (&& (< netstandard1.4) (>= uap10.0) (< win8) (< wpa81)) (&& (>= netstandard1.5) (< netstandard1.6) (>= uap10.0) (< win8) (< wpa81)) (&& (< netstandard1.5) (>= uap10.0) (< uap10.1)) (&& (< netstandard1.5) (>= uap10.0) (< win8) (< wpa81)) (&& (< netstandard2.0) (>= uap10.0)) (&& (< portable-net45+win8+wpa81) (>= uap10.0))
    System.Collections.Concurrent (4.3) - restriction: || (&& (< netstandard1.2) (>= uap10.0) (< win8)) (&& (< netstandard1.3) (>= uap10.0)) (&& (< netstandard1.4) (>= uap10.0) (< win8) (< wpa81)) (&& (>= netstandard1.5) (< netstandard1.6) (>= uap10.0) (< win8) (< wpa81)) (&& (< netstandard1.5) (>= uap10.0) (< uap10.1)) (&& (< netstandard1.5) (>= uap10.0) (< win8) (< wpa81)) (&& (>= netstandard1.6) (< netstandard2.0) (>= uap10.0) (< win8) (< wpa81))
    System.Collections.Immutable (5.0) - restriction: >= netstandard2.0
    System.ComponentModel.Annotations (5.0) - restriction: && (< net461) (>= netstandard2.0) (< netstandard2.1)
    System.ComponentModel.Primitives (4.3) - restriction: >= uap10.0
    System.ComponentModel.TypeConverter (4.3) - restriction: >= uap10.0
      System.ComponentModel.Primitives (>= 4.3) - restriction: || (&& (< monoandroid) (< net45) (>= netstandard1.0) (< netstandard1.5) (< win8)) (&& (< monotouch) (< net45) (>= netstandard1.5) (< win8) (< xamarinios) (< xamarinmac) (< xamarintvos) (< xamarinwatchos)) (&& (>= net45) (< netstandard1.5)) (>= net462) (&& (< netstandard1.0) (>= win8)) (>= wp8) (>= wpa81)
    System.Console (4.3.1) - restriction: || (&& (>= net46) (< netstandard1.4) (>= uap10.0)) (&& (< netstandard1.3) (>= uap10.0)) (&& (< netstandard1.4) (>= uap10.0) (< win8) (< wpa81)) (&& (>= netstandard1.5) (< netstandard1.6) (>= uap10.0) (< win8) (< wpa81)) (&& (< netstandard1.5) (>= uap10.0) (< uap10.1)) (&& (< netstandard1.5) (>= uap10.0) (< win8) (< wpa81)) (&& (>= netstandard1.6) (< netstandard2.0) (>= uap10.0) (< win8) (< wpa81))
      Microsoft.NETCore.Platforms (>= 1.1) - restriction: && (< monoandroid) (< monotouch) (< net46) (>= netstandard1.3) (< xamarinios) (< xamarinmac) (< xamarintvos) (< xamarinwatchos)
      Microsoft.NETCore.Targets (>= 1.1.2) - restriction: && (< monoandroid) (< monotouch) (< net46) (>= netstandard1.3) (< xamarinios) (< xamarinmac) (< xamarintvos) (< xamarinwatchos)
      System.IO (>= 4.3) - restriction: && (< monoandroid) (< monotouch) (< net46) (>= netstandard1.3) (< xamarinios) (< xamarinmac) (< xamarintvos) (< xamarinwatchos)
      System.Runtime (>= 4.3) - restriction: && (< monoandroid) (< monotouch) (< net46) (>= netstandard1.3) (< xamarinios) (< xamarinmac) (< xamarintvos) (< xamarinwatchos)
      System.Text.Encoding (>= 4.3) - restriction: && (< monoandroid) (< monotouch) (< net46) (>= netstandard1.3) (< xamarinios) (< xamarinmac) (< xamarintvos) (< xamarinwatchos)
    System.Diagnostics.Debug (4.3) - restriction: || (&& (< monoandroid) (>= netcoreapp1.0) (< netcoreapp2.1) (< xamarinios) (< xamarinmac) (< xamarintvos) (< xamarinwatchos)) (&& (< netstandard1.2) (>= uap10.0) (< win8)) (&& (< netstandard1.3) (>= uap10.0)) (&& (< netstandard1.4) (>= uap10.0) (< win8) (< wpa81)) (&& (>= netstandard1.5) (< netstandard1.6) (>= uap10.0) (< win8) (< wpa81)) (&& (< netstandard1.5) (>= uap10.0) (< uap10.1)) (&& (< netstandard1.5) (>= uap10.0) (< win8) (< wpa81)) (&& (< netstandard2.0) (>= uap10.0)) (&& (< portable-net45+win8+wpa81) (>= uap10.0))
    System.Diagnostics.DiagnosticSource (6.0) - restriction: >= netstandard2.0
      System.Memory (>= 4.5.4) - restriction: || (>= net461) (&& (< net5.0) (>= netstandard2.0))
      System.Runtime.CompilerServices.Unsafe (>= 6.0) - restriction: || (>= net461) (>= netstandard2.0)
    System.Diagnostics.Process (4.3) - restriction: && (>= netcoreapp1.0) (< netcoreapp2.1)
      Microsoft.NETCore.Platforms (>= 1.1) - restriction: && (< monotouch) (< net46) (>= netstandard1.4) (< xamarinios) (< xamarinmac) (< xamarintvos) (< xamarinwatchos)
      Microsoft.Win32.Primitives (>= 4.3) - restriction: && (< monotouch) (< net46) (>= netstandard1.4) (< xamarinios) (< xamarinmac) (< xamarintvos) (< xamarinwatchos)
      Microsoft.Win32.Registry (>= 4.3) - restriction: && (< monotouch) (< net46) (>= netstandard1.4) (< xamarinios) (< xamarinmac) (< xamarintvos) (< xamarinwatchos)
      runtime.native.System (>= 4.3) - restriction: && (< monotouch) (< net46) (>= netstandard1.4) (< xamarinios) (< xamarinmac) (< xamarintvos) (< xamarinwatchos)
      System.Collections (>= 4.3) - restriction: && (< monotouch) (< net46) (>= netstandard1.4) (< xamarinios) (< xamarinmac) (< xamarintvos) (< xamarinwatchos)
      System.Diagnostics.Debug (>= 4.3) - restriction: && (< monotouch) (< net46) (>= netstandard1.4) (< xamarinios) (< xamarinmac) (< xamarintvos) (< xamarinwatchos)
      System.Globalization (>= 4.3) - restriction: && (< monotouch) (< net46) (>= netstandard1.4) (< xamarinios) (< xamarinmac) (< xamarintvos) (< xamarinwatchos)
      System.IO (>= 4.3) - restriction: || (&& (< monoandroid) (< net46) (>= netstandard1.3) (< netstandard1.4)) (&& (< monotouch) (< net46) (>= netstandard1.4) (< xamarinios) (< xamarinmac) (< xamarintvos) (< xamarinwatchos))
      System.IO.FileSystem (>= 4.3) - restriction: && (< monotouch) (< net46) (>= netstandard1.4) (< xamarinios) (< xamarinmac) (< xamarintvos) (< xamarinwatchos)
      System.IO.FileSystem.Primitives (>= 4.3) - restriction: && (< monotouch) (< net46) (>= netstandard1.4) (< xamarinios) (< xamarinmac) (< xamarintvos) (< xamarinwatchos)
      System.Resources.ResourceManager (>= 4.3) - restriction: && (< monotouch) (< net46) (>= netstandard1.4) (< xamarinios) (< xamarinmac) (< xamarintvos) (< xamarinwatchos)
      System.Runtime (>= 4.3) - restriction: || (&& (< monoandroid) (< net46) (>= netstandard1.3) (< netstandard1.4)) (&& (< monotouch) (< net46) (>= netstandard1.4) (< xamarinios) (< xamarinmac) (< xamarintvos) (< xamarinwatchos))
      System.Runtime.Extensions (>= 4.3) - restriction: && (< monotouch) (< net46) (>= netstandard1.4) (< xamarinios) (< xamarinmac) (< xamarintvos) (< xamarinwatchos)
      System.Runtime.Handles (>= 4.3) - restriction: || (&& (< monoandroid) (< net46) (>= netstandard1.3) (< netstandard1.4)) (&& (< monotouch) (< net46) (>= netstandard1.4) (< xamarinios) (< xamarinmac) (< xamarintvos) (< xamarinwatchos))
      System.Runtime.InteropServices (>= 4.3) - restriction: && (< monotouch) (< net46) (>= netstandard1.4) (< xamarinios) (< xamarinmac) (< xamarintvos) (< xamarinwatchos)
      System.Text.Encoding (>= 4.3) - restriction: || (&& (< monoandroid) (< net46) (>= netstandard1.3) (< netstandard1.4)) (&& (< monotouch) (< net46) (>= netstandard1.4) (< xamarinios) (< xamarinmac) (< xamarintvos) (< xamarinwatchos))
      System.Text.Encoding.Extensions (>= 4.3) - restriction: && (< monotouch) (< net46) (>= netstandard1.4) (< xamarinios) (< xamarinmac) (< xamarintvos) (< xamarinwatchos)
      System.Threading (>= 4.3) - restriction: && (< monotouch) (< net46) (>= netstandard1.4) (< xamarinios) (< xamarinmac) (< xamarintvos) (< xamarinwatchos)
      System.Threading.Tasks (>= 4.3) - restriction: && (< monotouch) (< net46) (>= netstandard1.4) (< xamarinios) (< xamarinmac) (< xamarintvos) (< xamarinwatchos)
      System.Threading.Thread (>= 4.3) - restriction: && (< monotouch) (< net46) (>= netstandard1.4) (< xamarinios) (< xamarinmac) (< xamarintvos) (< xamarinwatchos)
      System.Threading.ThreadPool (>= 4.3) - restriction: && (< monotouch) (< net46) (>= netstandard1.4) (< xamarinios) (< xamarinmac) (< xamarintvos) (< xamarinwatchos)
    System.Diagnostics.StackTrace (4.3) - restriction: && (>= netcoreapp1.0) (< netcoreapp2.1)
      System.IO.FileSystem (>= 4.3) - restriction: && (< monoandroid) (< monotouch) (< net46) (>= netstandard1.3) (< xamarinios) (< xamarinmac) (< xamarintvos) (< xamarinwatchos)
      System.Reflection (>= 4.3) - restriction: && (< monoandroid) (< monotouch) (< net46) (>= netstandard1.3) (< xamarinios) (< xamarinmac) (< xamarintvos) (< xamarinwatchos)
      System.Reflection.Metadata (>= 1.4.1) - restriction: && (< monoandroid) (< monotouch) (< net46) (>= netstandard1.3) (< xamarinios) (< xamarinmac) (< xamarintvos) (< xamarinwatchos)
      System.Runtime (>= 4.3) - restriction: && (< monoandroid) (< monotouch) (< net46) (>= netstandard1.3) (< xamarinios) (< xamarinmac) (< xamarintvos) (< xamarinwatchos)
    System.Diagnostics.TextWriterTraceListener (4.3) - restriction: && (>= netcoreapp1.0) (< netcoreapp2.1)
      System.Diagnostics.TraceSource (>= 4.3) - restriction: || (&& (< monoandroid) (< monotouch) (>= netstandard1.3) (< xamarinios) (< xamarinmac) (< xamarintvos) (< xamarinwatchos)) (>= net46)
      System.Globalization (>= 4.3) - restriction: && (< monoandroid) (< monotouch) (< net46) (>= netstandard1.3) (< xamarinios) (< xamarinmac) (< xamarintvos) (< xamarinwatchos)
      System.IO (>= 4.3) - restriction: && (< monoandroid) (< monotouch) (< net46) (>= netstandard1.3) (< xamarinios) (< xamarinmac) (< xamarintvos) (< xamarinwatchos)
      System.Resources.ResourceManager (>= 4.3) - restriction: && (< monoandroid) (< monotouch) (< net46) (>= netstandard1.3) (< xamarinios) (< xamarinmac) (< xamarintvos) (< xamarinwatchos)
      System.Runtime (>= 4.3) - restriction: && (< monoandroid) (< monotouch) (< net46) (>= netstandard1.3) (< xamarinios) (< xamarinmac) (< xamarintvos) (< xamarinwatchos)
      System.Threading (>= 4.3) - restriction: && (< monoandroid) (< monotouch) (< net46) (>= netstandard1.3) (< xamarinios) (< xamarinmac) (< xamarintvos) (< xamarinwatchos)
    System.Diagnostics.Tools (4.3) - restriction: || (&& (< netstandard1.2) (>= uap10.0) (< win8)) (&& (< netstandard1.3) (>= uap10.0)) (&& (< netstandard1.4) (>= uap10.0) (< win8) (< wpa81)) (&& (>= netstandard1.5) (< netstandard1.6) (>= uap10.0) (< win8) (< wpa81)) (&& (< netstandard1.5) (>= uap10.0) (< uap10.1)) (&& (< netstandard1.5) (>= uap10.0) (< win8) (< wpa81)) (&& (>= netstandard1.6) (< netstandard2.0) (>= uap10.0) (< win8) (< wpa81)) (&& (< portable-net45+win8+wpa81) (>= uap10.0))
    System.Diagnostics.TraceSource (4.3) - restriction: && (>= netcoreapp1.0) (< netcoreapp2.1)
      Microsoft.NETCore.Platforms (>= 1.1) - restriction: && (< monoandroid) (< monotouch) (< net46) (>= netstandard1.3) (< xamarinios) (< xamarinmac) (< xamarintvos) (< xamarinwatchos)
      runtime.native.System (>= 4.3) - restriction: && (< monoandroid) (< monotouch) (< net46) (>= netstandard1.3) (< xamarinios) (< xamarinmac) (< xamarintvos) (< xamarinwatchos)
      System.Collections (>= 4.3) - restriction: && (< monoandroid) (< monotouch) (< net46) (>= netstandard1.3) (< xamarinios) (< xamarinmac) (< xamarintvos) (< xamarinwatchos)
      System.Diagnostics.Debug (>= 4.3) - restriction: && (< monoandroid) (< monotouch) (< net46) (>= netstandard1.3) (< xamarinios) (< xamarinmac) (< xamarintvos) (< xamarinwatchos)
      System.Globalization (>= 4.3) - restriction: && (< monoandroid) (< monotouch) (< net46) (>= netstandard1.3) (< xamarinios) (< xamarinmac) (< xamarintvos) (< xamarinwatchos)
      System.Resources.ResourceManager (>= 4.3) - restriction: && (< monoandroid) (< monotouch) (< net46) (>= netstandard1.3) (< xamarinios) (< xamarinmac) (< xamarintvos) (< xamarinwatchos)
      System.Runtime (>= 4.3) - restriction: && (< monoandroid) (< monotouch) (< net46) (>= netstandard1.3) (< xamarinios) (< xamarinmac) (< xamarintvos) (< xamarinwatchos)
      System.Runtime.Extensions (>= 4.3) - restriction: && (< monoandroid) (< monotouch) (< net46) (>= netstandard1.3) (< xamarinios) (< xamarinmac) (< xamarintvos) (< xamarinwatchos)
      System.Threading (>= 4.3) - restriction: && (< monoandroid) (< monotouch) (< net46) (>= netstandard1.3) (< xamarinios) (< xamarinmac) (< xamarintvos) (< xamarinwatchos)
    System.Diagnostics.Tracing (4.3) - restriction: || (&& (< netstandard1.2) (>= uap10.0) (< win8)) (&& (< netstandard1.3) (>= uap10.0)) (&& (< netstandard1.4) (>= uap10.0) (< win8) (< wpa81)) (&& (>= netstandard1.5) (< netstandard1.6) (>= uap10.0) (< win8) (< wpa81)) (&& (< netstandard1.5) (>= uap10.0) (< uap10.1)) (&& (< netstandard1.5) (>= uap10.0) (< win8) (< wpa81)) (&& (>= netstandard1.6) (< netstandard2.0) (>= uap10.0) (< win8) (< wpa81))
    System.Globalization (4.3) - restriction: || (&& (< monoandroid) (>= netcoreapp1.0) (< netcoreapp2.1) (< xamarinios) (< xamarinmac) (< xamarintvos) (< xamarinwatchos)) (&& (< netstandard1.2) (>= uap10.0) (< win8)) (&& (< netstandard1.3) (>= uap10.0)) (&& (< netstandard1.4) (>= uap10.0) (< win8) (< wpa81)) (&& (>= netstandard1.5) (< netstandard1.6) (>= uap10.0) (< win8) (< wpa81)) (&& (< netstandard1.5) (>= uap10.0) (< uap10.1)) (&& (< netstandard1.5) (>= uap10.0) (< win8) (< wpa81)) (&& (< netstandard2.0) (>= uap10.0)) (&& (< portable-net45+win8+wpa81) (>= uap10.0))
    System.Globalization.Calendars (4.3) - restriction: || (&& (>= net46) (< netstandard1.4) (>= uap10.0)) (&& (< netstandard1.3) (>= uap10.0)) (&& (< netstandard1.4) (>= uap10.0) (< win8) (< wpa81)) (&& (>= netstandard1.5) (< netstandard1.6) (>= uap10.0) (< win8) (< wpa81)) (&& (< netstandard1.5) (>= uap10.0) (< uap10.1)) (&& (< netstandard1.5) (>= uap10.0) (< win8) (< wpa81)) (&& (>= netstandard1.6) (< netstandard2.0) (>= uap10.0) (< win8) (< wpa81))
      Microsoft.NETCore.Platforms (>= 1.1) - restriction: && (< monoandroid) (< monotouch) (< net46) (>= netstandard1.3) (< xamarinios) (< xamarinmac) (< xamarintvos) (< xamarinwatchos)
      Microsoft.NETCore.Targets (>= 1.1) - restriction: && (< monoandroid) (< monotouch) (< net46) (>= netstandard1.3) (< xamarinios) (< xamarinmac) (< xamarintvos) (< xamarinwatchos)
      System.Globalization (>= 4.3) - restriction: && (< monoandroid) (< monotouch) (< net46) (>= netstandard1.3) (< xamarinios) (< xamarinmac) (< xamarintvos) (< xamarinwatchos)
      System.Runtime (>= 4.3) - restriction: && (< monoandroid) (< monotouch) (< net46) (>= netstandard1.3) (< xamarinios) (< xamarinmac) (< xamarintvos) (< xamarinwatchos)
    System.IO (4.3) - restriction: || (&& (< monoandroid) (>= netcoreapp1.0) (< netstandard1.4)) (&& (>= netcoreapp1.0) (< netcoreapp2.1) (< xamarinios) (< xamarinmac) (< xamarintvos) (< xamarinwatchos)) (&& (< netstandard1.2) (>= uap10.0) (< win8)) (&& (< netstandard1.3) (>= uap10.0)) (&& (< netstandard1.4) (>= uap10.0) (< win8) (< wpa81)) (&& (>= netstandard1.5) (< netstandard1.6) (>= uap10.0) (< win8) (< wpa81)) (&& (< netstandard1.5) (>= uap10.0) (< uap10.1)) (&& (< netstandard1.5) (>= uap10.0) (< win8) (< wpa81)) (&& (< netstandard2.0) (>= uap10.0)) (&& (< portable-net45+win8+wpa81) (>= uap10.0))
    System.IO.Compression (4.3) - restriction: || (&& (>= net46) (< netstandard1.4) (>= uap10.0)) (&& (< netstandard1.2) (>= uap10.0) (< win8)) (&& (< netstandard1.3) (>= uap10.0)) (&& (< netstandard1.4) (>= uap10.0) (< win8) (< wpa81)) (&& (>= netstandard1.5) (< netstandard1.6) (>= uap10.0) (< win8) (< wpa81)) (&& (< netstandard1.5) (>= uap10.0) (< uap10.1)) (&& (< netstandard1.5) (>= uap10.0) (< win8) (< wpa81)) (&& (>= netstandard1.6) (< netstandard2.0) (>= uap10.0) (< win8) (< wpa81))
    System.IO.Compression.ZipFile (4.3) - restriction: || (&& (>= net46) (< netstandard1.4) (>= uap10.0)) (&& (< netstandard1.3) (>= uap10.0)) (&& (< netstandard1.4) (>= uap10.0) (< win8) (< wpa81)) (&& (>= netstandard1.5) (< netstandard1.6) (>= uap10.0) (< win8) (< wpa81)) (&& (< netstandard1.5) (>= uap10.0) (< uap10.1)) (&& (< netstandard1.5) (>= uap10.0) (< win8) (< wpa81)) (&& (>= netstandard1.6) (< netstandard2.0) (>= uap10.0) (< win8) (< wpa81))
      System.Buffers (>= 4.3) - restriction: && (< monoandroid) (< monotouch) (< net46) (>= netstandard1.3) (< xamarinios) (< xamarinmac) (< xamarintvos) (< xamarinwatchos)
      System.IO (>= 4.3) - restriction: && (< monoandroid) (< monotouch) (< net46) (>= netstandard1.3) (< xamarinios) (< xamarinmac) (< xamarintvos) (< xamarinwatchos)
      System.IO.Compression (>= 4.3) - restriction: && (< monoandroid) (< monotouch) (< net46) (>= netstandard1.3) (< xamarinios) (< xamarinmac) (< xamarintvos) (< xamarinwatchos)
      System.IO.FileSystem (>= 4.3) - restriction: && (< monoandroid) (< monotouch) (< net46) (>= netstandard1.3) (< xamarinios) (< xamarinmac) (< xamarintvos) (< xamarinwatchos)
      System.IO.FileSystem.Primitives (>= 4.3) - restriction: && (< monoandroid) (< monotouch) (< net46) (>= netstandard1.3) (< xamarinios) (< xamarinmac) (< xamarintvos) (< xamarinwatchos)
      System.Resources.ResourceManager (>= 4.3) - restriction: && (< monoandroid) (< monotouch) (< net46) (>= netstandard1.3) (< xamarinios) (< xamarinmac) (< xamarintvos) (< xamarinwatchos)
      System.Runtime (>= 4.3) - restriction: && (< monoandroid) (< monotouch) (< net46) (>= netstandard1.3) (< xamarinios) (< xamarinmac) (< xamarintvos) (< xamarinwatchos)
      System.Runtime.Extensions (>= 4.3) - restriction: && (< monoandroid) (< monotouch) (< net46) (>= netstandard1.3) (< xamarinios) (< xamarinmac) (< xamarintvos) (< xamarinwatchos)
      System.Text.Encoding (>= 4.3) - restriction: && (< monoandroid) (< monotouch) (< net46) (>= netstandard1.3) (< xamarinios) (< xamarinmac) (< xamarintvos) (< xamarinwatchos)
    System.IO.FileSystem (4.3) - restriction: || (&& (< monoandroid) (>= netcoreapp1.0) (< netcoreapp2.1) (< xamarinios) (< xamarinmac) (< xamarintvos) (< xamarinwatchos)) (&& (>= net46) (< netstandard1.4) (>= uap10.0)) (&& (< netstandard1.3) (>= uap10.0)) (&& (< netstandard1.4) (>= uap10.0) (< win8) (< wpa81)) (&& (>= netstandard1.5) (< netstandard1.6) (>= uap10.0) (< win8) (< wpa81)) (&& (< netstandard1.5) (>= uap10.0) (< uap10.1)) (&& (< netstandard1.5) (>= uap10.0) (< win8) (< wpa81)) (&& (>= netstandard1.6) (< netstandard2.0) (>= uap10.0) (< win8) (< wpa81))
      Microsoft.NETCore.Platforms (>= 1.1) - restriction: && (< monoandroid) (< monotouch) (< net46) (>= netstandard1.3) (< xamarinios) (< xamarinmac) (< xamarintvos) (< xamarinwatchos)
      Microsoft.NETCore.Targets (>= 1.1) - restriction: && (< monoandroid) (< monotouch) (< net46) (>= netstandard1.3) (< xamarinios) (< xamarinmac) (< xamarintvos) (< xamarinwatchos)
      System.IO (>= 4.3) - restriction: && (< monoandroid) (< monotouch) (< net46) (>= netstandard1.3) (< xamarinios) (< xamarinmac) (< xamarintvos) (< xamarinwatchos)
      System.IO.FileSystem.Primitives (>= 4.3) - restriction: || (&& (< monoandroid) (< monotouch) (>= netstandard1.3) (< xamarinios) (< xamarinmac) (< xamarintvos) (< xamarinwatchos)) (>= net46)
      System.Runtime (>= 4.3) - restriction: && (< monoandroid) (< monotouch) (< net46) (>= netstandard1.3) (< xamarinios) (< xamarinmac) (< xamarintvos) (< xamarinwatchos)
      System.Runtime.Handles (>= 4.3) - restriction: && (< monoandroid) (< monotouch) (< net46) (>= netstandard1.3) (< xamarinios) (< xamarinmac) (< xamarintvos) (< xamarinwatchos)
      System.Text.Encoding (>= 4.3) - restriction: && (< monoandroid) (< monotouch) (< net46) (>= netstandard1.3) (< xamarinios) (< xamarinmac) (< xamarintvos) (< xamarinwatchos)
      System.Threading.Tasks (>= 4.3) - restriction: && (< monoandroid) (< monotouch) (< net46) (>= netstandard1.3) (< xamarinios) (< xamarinmac) (< xamarintvos) (< xamarinwatchos)
    System.IO.FileSystem.Primitives (4.3) - restriction: || (&& (>= net46) (< netstandard1.4) (>= uap10.0)) (&& (>= netcoreapp1.0) (< netcoreapp2.1) (< xamarinios) (< xamarinmac) (< xamarintvos) (< xamarinwatchos)) (&& (< netstandard1.3) (>= uap10.0)) (&& (< netstandard1.4) (>= uap10.0) (< win8) (< wpa81)) (&& (>= netstandard1.5) (< netstandard1.6) (>= uap10.0) (< win8) (< wpa81)) (&& (< netstandard1.5) (>= uap10.0) (< uap10.1)) (&& (< netstandard1.5) (>= uap10.0) (< win8) (< wpa81)) (&& (>= netstandard1.6) (< netstandard2.0) (>= uap10.0) (< win8) (< wpa81))
      System.Runtime (>= 4.3) - restriction: && (< monoandroid) (< monotouch) (< net46) (>= netstandard1.3) (< xamarinios) (< xamarinmac) (< xamarintvos) (< xamarinwatchos)
    System.Linq (4.3) - restriction: || (&& (< netstandard1.2) (>= uap10.0) (< win8)) (&& (< netstandard1.3) (>= uap10.0)) (&& (< netstandard1.4) (>= uap10.0) (< win8) (< wpa81)) (&& (>= netstandard1.5) (< netstandard1.6) (>= uap10.0) (< win8) (< wpa81)) (&& (< netstandard1.5) (>= uap10.0) (< uap10.1)) (&& (< netstandard1.5) (>= uap10.0) (< win8) (< wpa81)) (&& (>= netstandard1.6) (< netstandard2.0) (>= uap10.0) (< win8) (< wpa81)) (&& (< portable-net45+win8+wpa81) (>= uap10.0))
    System.Linq.Expressions (4.3) - restriction: || (&& (< netstandard1.2) (>= uap10.0) (< win8)) (&& (< netstandard1.3) (>= uap10.0)) (&& (< netstandard1.4) (>= uap10.0) (< win8) (< wpa81)) (&& (>= netstandard1.5) (< netstandard1.6) (>= uap10.0) (< win8) (< wpa81)) (&& (< netstandard1.5) (>= uap10.0) (< uap10.1)) (&& (< netstandard1.5) (>= uap10.0) (< win8) (< wpa81)) (&& (>= netstandard1.6) (< netstandard2.0) (>= uap10.0) (< win8) (< wpa81)) (&& (< portable-net45+win8+wpa81) (>= uap10.0))
    System.Management (6.0) - restriction: >= netstandard2.0
      Microsoft.Win32.Registry (>= 5.0) - restriction: && (< net6.0) (>= netcoreapp3.1)
      System.CodeDom (>= 6.0) - restriction: >= netstandard2.0
    System.Memory (4.5.4) - restriction: || (&& (< monoandroid) (>= netcoreapp2.0) (< netcoreapp2.1) (< xamarinios) (< xamarinmac) (< xamarintvos) (< xamarinwatchos)) (>= netstandard2.0)
      System.Buffers (>= 4.5.1) - restriction: || (&& (>= monoandroid) (< netstandard1.1)) (&& (< monoandroid) (< net45) (>= netstandard1.1) (< netstandard2.0) (< win8) (< wpa81)) (&& (< monoandroid) (< netstandard1.1) (>= portable-net45+win8+wpa81) (< win8)) (>= monotouch) (&& (>= net45) (< netstandard2.0)) (&& (< net45) (< netcoreapp2.0) (>= netstandard2.0)) (>= net461) (&& (< netstandard1.1) (>= win8)) (&& (< netstandard2.0) (< uap10.1) (>= wpa81)) (>= xamarinios) (>= xamarinmac) (>= xamarintvos) (>= xamarinwatchos)
      System.Numerics.Vectors (>= 4.4) - restriction: && (< net45) (< netcoreapp2.0) (>= netstandard2.0) (< xamarinios) (< xamarinmac) (< xamarintvos) (< xamarinwatchos)
      System.Runtime.CompilerServices.Unsafe (>= 4.5.3) - restriction: || (&& (>= monoandroid) (< netstandard1.1)) (&& (< monoandroid) (< net45) (>= netstandard1.1) (< netstandard2.0) (< win8) (< wpa81)) (&& (< monoandroid) (>= netcoreapp2.0) (< netcoreapp2.1)) (&& (< monoandroid) (< netstandard1.1) (>= portable-net45+win8+wpa81) (< win8)) (>= monotouch) (&& (>= net45) (< netstandard2.0)) (&& (< net45) (< netcoreapp2.0) (>= netstandard2.0)) (>= net461) (&& (< netstandard1.1) (>= win8)) (&& (< netstandard2.0) (>= wpa81)) (>= uap10.1) (>= xamarinios) (>= xamarinmac) (>= xamarintvos) (>= xamarinwatchos)
    System.Net.Http (4.3.4) - restriction: || (&& (>= net46) (< netstandard1.4) (>= uap10.0)) (&& (< netstandard1.2) (>= uap10.0) (< win8)) (&& (< netstandard1.3) (>= uap10.0)) (&& (< netstandard1.4) (>= uap10.0) (< win8) (< wpa81)) (&& (>= netstandard1.5) (< netstandard1.6) (>= uap10.0) (< win8) (< wpa81)) (&& (< netstandard1.5) (>= uap10.0) (< uap10.1)) (&& (< netstandard1.5) (>= uap10.0) (< win8) (< wpa81)) (&& (>= netstandard1.6) (< netstandard2.0) (>= uap10.0) (< win8) (< wpa81))
    System.Net.Primitives (4.3.1) - restriction: || (&& (< netstandard1.2) (>= uap10.0) (< win8)) (&& (< netstandard1.3) (>= uap10.0)) (&& (< netstandard1.4) (>= uap10.0) (< win8) (< wpa81)) (&& (>= netstandard1.5) (< netstandard1.6) (>= uap10.0) (< win8) (< wpa81)) (&& (< netstandard1.5) (>= uap10.0) (< uap10.1)) (&& (< netstandard1.5) (>= uap10.0) (< win8) (< wpa81)) (&& (>= netstandard1.6) (< netstandard2.0) (>= uap10.0) (< win8) (< wpa81)) (&& (< portable-net45+win8+wpa81) (>= uap10.0))
    System.Net.Sockets (4.3) - restriction: || (&& (>= net46) (< netstandard1.4) (>= uap10.0)) (&& (< netstandard1.3) (>= uap10.0)) (&& (< netstandard1.4) (>= uap10.0) (< win8) (< wpa81)) (&& (>= netstandard1.5) (< netstandard1.6) (>= uap10.0) (< win8) (< wpa81)) (&& (< netstandard1.5) (>= uap10.0) (< uap10.1)) (&& (< netstandard1.5) (>= uap10.0) (< win8) (< wpa81)) (&& (>= netstandard1.6) (< netstandard2.0) (>= uap10.0) (< win8) (< wpa81))
      Microsoft.NETCore.Platforms (>= 1.1) - restriction: && (< monoandroid) (< monotouch) (< net46) (>= netstandard1.3) (< xamarinios) (< xamarinmac) (< xamarintvos) (< xamarinwatchos)
      Microsoft.NETCore.Targets (>= 1.1) - restriction: && (< monoandroid) (< monotouch) (< net46) (>= netstandard1.3) (< xamarinios) (< xamarinmac) (< xamarintvos) (< xamarinwatchos)
      System.IO (>= 4.3) - restriction: && (< monoandroid) (< monotouch) (< net46) (>= netstandard1.3) (< xamarinios) (< xamarinmac) (< xamarintvos) (< xamarinwatchos)
      System.Net.Primitives (>= 4.3) - restriction: && (< monoandroid) (< monotouch) (< net46) (>= netstandard1.3) (< xamarinios) (< xamarinmac) (< xamarintvos) (< xamarinwatchos)
      System.Runtime (>= 4.3) - restriction: && (< monoandroid) (< monotouch) (< net46) (>= netstandard1.3) (< xamarinios) (< xamarinmac) (< xamarintvos) (< xamarinwatchos)
      System.Threading.Tasks (>= 4.3) - restriction: && (< monoandroid) (< monotouch) (< net46) (>= netstandard1.3) (< xamarinios) (< xamarinmac) (< xamarintvos) (< xamarinwatchos)
    System.Numerics.Vectors (4.5) - restriction: || (&& (< net45) (< netcoreapp2.0) (>= netstandard2.0) (< xamarinios) (< xamarinmac) (< xamarintvos) (< xamarinwatchos)) (&& (< net6.0) (>= netstandard2.0)) (&& (>= netstandard2.0) (>= uap10.1))
    System.ObjectModel (4.3) - restriction: || (&& (< netstandard1.2) (>= uap10.0) (< win8)) (&& (< netstandard1.3) (>= uap10.0)) (&& (< netstandard1.4) (>= uap10.0) (< win8) (< wpa81)) (&& (>= netstandard1.5) (< netstandard1.6) (>= uap10.0) (< win8) (< wpa81)) (&& (< netstandard1.5) (>= uap10.0) (< uap10.1)) (&& (< netstandard1.5) (>= uap10.0) (< win8) (< wpa81)) (&& (>= netstandard1.6) (< netstandard2.0) (>= uap10.0) (< win8) (< wpa81)) (&& (< portable-net45+win8+wpa81) (>= uap10.0))
    System.Reflection (4.3) - restriction: || (&& (< monoandroid) (>= netcoreapp1.0) (< netcoreapp2.1) (< xamarinios) (< xamarinmac) (< xamarintvos) (< xamarinwatchos)) (&& (< netstandard1.2) (>= uap10.0) (< win8)) (&& (< netstandard1.3) (>= uap10.0)) (&& (< netstandard1.4) (>= uap10.0) (< win8) (< wpa81)) (&& (>= netstandard1.5) (< netstandard1.6) (>= uap10.0) (< win8) (< wpa81)) (&& (< netstandard1.5) (>= uap10.0) (< uap10.1)) (&& (< netstandard1.5) (>= uap10.0) (< win8) (< wpa81)) (&& (< netstandard2.0) (>= uap10.0)) (&& (< portable-net45+win8+wpa81) (>= uap10.0))
    System.Reflection.Emit (4.7) - restriction: >= netstandard2.0
      System.Reflection.Emit.ILGeneration (>= 4.7) - restriction: || (&& (< monoandroid) (< monotouch) (< net45) (>= netstandard1.1) (< netstandard2.0) (< win8) (< wpa81) (< xamarintvos) (< xamarinwatchos)) (&& (< monoandroid) (< net45) (< netcoreapp2.0) (>= netstandard2.0) (< netstandard2.1) (< xamarintvos) (< xamarinwatchos)) (&& (< monoandroid) (< netstandard1.1) (>= portable-net45+win8+wpa81) (< win8)) (&& (< netstandard1.1) (>= win8)) (&& (< netstandard2.0) (>= wpa81)) (>= uap10.1)
    System.Reflection.Emit.ILGeneration (4.7) - restriction: || (&& (< monoandroid) (< net45) (< netcoreapp2.0) (>= netstandard2.0) (< netstandard2.1) (< xamarintvos) (< xamarinwatchos)) (&& (< monoandroid) (< netstandard1.1) (>= netstandard2.0) (< win8)) (&& (< netstandard1.1) (>= netstandard2.0) (>= win8)) (&& (>= netstandard2.0) (>= uap10.1))
    System.Reflection.Emit.Lightweight (4.7) - restriction: >= netstandard2.0
      System.Reflection.Emit.ILGeneration (>= 4.7) - restriction: || (&& (< monoandroid) (< monotouch) (< net45) (>= netstandard1.0) (< netstandard2.0) (< win8) (< wp8) (< wpa81) (< xamarintvos) (< xamarinwatchos)) (&& (< monoandroid) (< net45) (< netcoreapp2.0) (>= netstandard2.0) (< netstandard2.1) (< xamarintvos) (< xamarinwatchos)) (&& (< netstandard2.0) (>= wpa81)) (&& (>= portable-net45+win8+wp8+wpa81) (< portable-net45+wp8) (< win8)) (&& (< portable-net45+wp8) (>= win8)) (>= uap10.1)
    System.Reflection.Extensions (4.3) - restriction: || (&& (< netstandard1.2) (>= uap10.0) (< win8)) (&& (< netstandard1.3) (>= uap10.0)) (&& (< netstandard1.4) (>= uap10.0) (< win8) (< wpa81)) (&& (>= netstandard1.5) (< netstandard1.6) (>= uap10.0) (< win8) (< wpa81)) (&& (< netstandard1.5) (>= uap10.0) (< uap10.1)) (&& (< netstandard1.5) (>= uap10.0) (< win8) (< wpa81)) (&& (>= netstandard1.6) (< netstandard2.0) (>= uap10.0) (< win8) (< wpa81)) (&& (< portable-net45+win8+wpa81) (>= uap10.0))
    System.Reflection.Metadata (5.0) - restriction: || (>= netcoreapp1.0) (>= netstandard2.0)
      System.Collections.Immutable (>= 5.0) - restriction: || (&& (>= net45) (< netstandard2.0)) (&& (< net45) (< net5.0) (>= netstandard2.0)) (&& (< net45) (>= netstandard1.1) (< netstandard2.0) (< win8) (< wpa81)) (>= net461) (&& (< netstandard1.1) (>= portable-net45+win8+wpa81) (< win8)) (&& (< netstandard1.1) (>= win8)) (&& (< netstandard2.0) (>= wpa81))
    System.Reflection.Primitives (4.3) - restriction: || (&& (< netstandard1.2) (>= uap10.0) (< win8)) (&& (< netstandard1.3) (>= uap10.0)) (&& (< netstandard1.4) (>= uap10.0) (< win8) (< wpa81)) (&& (>= netstandard1.5) (< netstandard1.6) (>= uap10.0) (< win8) (< wpa81)) (&& (< netstandard1.5) (>= uap10.0) (< uap10.1)) (&& (< netstandard1.5) (>= uap10.0) (< win8) (< wpa81)) (&& (>= netstandard1.6) (< netstandard2.0) (>= uap10.0) (< win8) (< wpa81)) (&& (< portable-net45+win8+wpa81) (>= uap10.0))
    System.Resources.ResourceManager (4.3) - restriction: || (&& (< monoandroid) (>= netcoreapp1.0) (< netcoreapp2.1) (< xamarinios) (< xamarinmac) (< xamarintvos) (< xamarinwatchos)) (&& (< netstandard1.2) (>= uap10.0) (< win8)) (&& (< netstandard1.3) (>= uap10.0)) (&& (< netstandard1.4) (>= uap10.0) (< win8) (< wpa81)) (&& (>= netstandard1.5) (< netstandard1.6) (>= uap10.0) (< win8) (< wpa81)) (&& (< netstandard1.5) (>= uap10.0) (< uap10.1)) (&& (< netstandard1.5) (>= uap10.0) (< win8) (< wpa81)) (&& (< netstandard2.0) (>= uap10.0)) (&& (< portable-net45+win8+wpa81) (>= uap10.0))
    System.Runtime (4.3.1) - restriction: || (&& (< monoandroid) (>= netcoreapp1.0) (< netcoreapp2.1) (< xamarinios) (< xamarinmac) (< xamarintvos) (< xamarinwatchos)) (&& (< netstandard1.2) (>= uap10.0) (< win8)) (&& (< netstandard1.3) (>= uap10.0)) (&& (< netstandard1.4) (>= uap10.0)) (&& (>= netstandard1.5) (< netstandard1.6) (>= uap10.0) (< win8) (< wpa81)) (&& (< netstandard1.5) (>= uap10.0) (< uap10.1)) (&& (< netstandard1.5) (>= uap10.0) (< win8) (< wpa81)) (&& (< netstandard2.0) (>= uap10.0)) (&& (< portable-net45+win8+wpa81) (>= uap10.0))
    System.Runtime.CompilerServices.Unsafe (6.0) - restriction: || (&& (< monoandroid) (>= netcoreapp2.0) (< netstandard1.1)) (&& (< monoandroid) (>= netcoreapp2.0) (< xamarintvos) (< xamarinwatchos)) (&& (>= monotouch) (>= netcoreapp2.0)) (&& (>= net45) (>= netcoreapp2.0)) (&& (>= net461) (>= netcoreapp2.0)) (&& (>= netcoreapp2.0) (< netstandard1.1) (>= win8)) (&& (>= netcoreapp2.0) (>= uap10.1)) (&& (>= netcoreapp2.0) (>= wpa81)) (>= netstandard2.0) (&& (>= uap10.1) (>= xamarinios)) (&& (>= uap10.1) (>= xamarinmac))
    System.Runtime.Extensions (4.3.1) - restriction: || (&& (< monoandroid) (>= netcoreapp1.0) (< netcoreapp2.1) (< xamarinios) (< xamarinmac) (< xamarintvos) (< xamarinwatchos)) (&& (< netstandard1.2) (>= uap10.0) (< win8)) (&& (< netstandard1.3) (>= uap10.0)) (&& (< netstandard1.4) (>= uap10.0) (< win8) (< wpa81)) (&& (>= netstandard1.5) (< netstandard1.6) (>= uap10.0) (< win8) (< wpa81)) (&& (< netstandard1.5) (>= uap10.0) (< uap10.1)) (&& (< netstandard1.5) (>= uap10.0) (< win8) (< wpa81)) (&& (< netstandard2.0) (>= uap10.0)) (&& (< portable-net45+win8+wpa81) (>= uap10.0))
    System.Runtime.Handles (4.3) - restriction: || (&& (< monoandroid) (>= netcoreapp1.0) (< netstandard1.4)) (&& (>= netcoreapp1.0) (< netcoreapp2.1) (< xamarinios) (< xamarinmac) (< xamarintvos) (< xamarinwatchos)) (&& (< netstandard1.3) (>= uap10.0)) (&& (< netstandard1.4) (>= uap10.0) (< win8) (< wpa81)) (&& (>= netstandard1.5) (< netstandard1.6) (>= uap10.0) (< win8) (< wpa81)) (&& (< netstandard1.5) (>= uap10.0) (< uap10.1)) (&& (< netstandard1.5) (>= uap10.0) (< win8) (< wpa81)) (&& (>= netstandard1.6) (< netstandard2.0) (>= uap10.0) (< win8) (< wpa81))
      Microsoft.NETCore.Platforms (>= 1.1) - restriction: && (< monoandroid) (< monotouch) (< net46) (>= netstandard1.3) (< xamarinios) (< xamarinmac) (< xamarintvos) (< xamarinwatchos)
      Microsoft.NETCore.Targets (>= 1.1) - restriction: && (< monoandroid) (< monotouch) (< net46) (>= netstandard1.3) (< xamarinios) (< xamarinmac) (< xamarintvos) (< xamarinwatchos)
      System.Runtime (>= 4.3) - restriction: && (< monoandroid) (< monotouch) (< net46) (>= netstandard1.3) (< xamarinios) (< xamarinmac) (< xamarintvos) (< xamarinwatchos)
    System.Runtime.InteropServices (4.3) - restriction: || (&& (>= netcoreapp1.0) (< netcoreapp2.1) (< xamarinios) (< xamarinmac) (< xamarintvos) (< xamarinwatchos)) (&& (< netstandard1.2) (>= uap10.0) (< win8)) (&& (< netstandard1.3) (>= uap10.0)) (&& (< netstandard1.4) (>= uap10.0) (< win8) (< wpa81)) (&& (>= netstandard1.5) (< netstandard1.6) (>= uap10.0) (< win8) (< wpa81)) (&& (< netstandard1.5) (>= uap10.0) (< uap10.1)) (&& (< netstandard1.5) (>= uap10.0) (< win8) (< wpa81)) (&& (>= netstandard1.6) (< netstandard2.0) (>= uap10.0) (< win8) (< wpa81))
    System.Runtime.InteropServices.RuntimeInformation (4.3) - restriction: || (&& (>= net45) (>= netstandard2.0)) (&& (>= netcoreapp1.0) (< netcoreapp2.1)) (>= uap10.0)
    System.Runtime.Loader (4.3) - restriction: && (>= netcoreapp1.0) (< netcoreapp2.1)
      System.IO (>= 4.3) - restriction: && (< monotouch) (< net462) (>= netstandard1.5) (< xamarinios) (< xamarinmac) (< xamarintvos) (< xamarinwatchos)
      System.Reflection (>= 4.3) - restriction: && (< monotouch) (< net462) (>= netstandard1.5) (< xamarinios) (< xamarinmac) (< xamarintvos) (< xamarinwatchos)
      System.Runtime (>= 4.3) - restriction: && (< monotouch) (< net462) (>= netstandard1.5) (< xamarinios) (< xamarinmac) (< xamarintvos) (< xamarinwatchos)
    System.Runtime.Numerics (4.3) - restriction: || (&& (< netstandard1.2) (>= uap10.0) (< win8)) (&& (< netstandard1.3) (>= uap10.0)) (&& (< netstandard1.4) (>= uap10.0) (< win8) (< wpa81)) (&& (>= netstandard1.5) (< netstandard1.6) (>= uap10.0) (< win8) (< wpa81)) (&& (< netstandard1.5) (>= uap10.0) (< uap10.1)) (&& (< netstandard1.5) (>= uap10.0) (< win8) (< wpa81)) (&& (>= netstandard1.6) (< netstandard2.0) (>= uap10.0) (< win8) (< wpa81))
    System.Runtime.Serialization.Formatters (4.3) - restriction: && (< netstandard2.0) (>= uap10.0)
      System.Collections (>= 4.3) - restriction: && (< monotouch) (< net46) (>= netstandard1.4) (< xamarinios) (< xamarinmac) (< xamarintvos) (< xamarinwatchos)
      System.Reflection (>= 4.3) - restriction: && (< monotouch) (< net46) (>= netstandard1.4) (< xamarinios) (< xamarinmac) (< xamarintvos) (< xamarinwatchos)
      System.Resources.ResourceManager (>= 4.3) - restriction: && (< monotouch) (< net46) (>= netstandard1.4) (< xamarinios) (< xamarinmac) (< xamarintvos) (< xamarinwatchos)
      System.Runtime (>= 4.3) - restriction: || (&& (< monoandroid) (< net46) (>= netstandard1.3) (< netstandard1.4)) (&& (< monotouch) (< net46) (>= netstandard1.4) (< xamarinios) (< xamarinmac) (< xamarintvos) (< xamarinwatchos))
      System.Runtime.Serialization.Primitives (>= 4.3) - restriction: || (&& (< monoandroid) (>= netstandard1.3) (< netstandard1.4)) (&& (< monotouch) (>= netstandard1.4) (< xamarinios) (< xamarinmac) (< xamarintvos) (< xamarinwatchos)) (>= net46)
    System.Runtime.Serialization.Primitives (4.3) - restriction: || (&& (< netstandard1.3) (>= uap10.0)) (&& (< netstandard2.0) (>= uap10.0))
    System.Security.AccessControl (6.0) - restriction: || (&& (>= monoandroid) (< netstandard1.3) (>= netstandard2.0)) (&& (< monoandroid) (< net6.0) (>= netcoreapp2.0)) (&& (>= monotouch) (>= netstandard2.0)) (&& (< net46) (< netcoreapp2.0) (>= netstandard2.0)) (&& (>= net461) (>= netstandard2.0)) (&& (< net6.0) (>= netcoreapp2.1)) (&& (< net6.0) (>= netstandard2.0) (>= xamarintvos)) (&& (< net6.0) (>= netstandard2.0) (>= xamarinwatchos)) (&& (< net6.0) (>= xamarinios)) (&& (< net6.0) (>= xamarinmac)) (&& (>= netstandard2.0) (>= uap10.1))
      System.Security.Principal.Windows (>= 5.0) - restriction: || (>= net461) (&& (< net6.0) (>= netstandard2.0))
    System.Security.Cryptography.Algorithms (4.3.1) - restriction: || (&& (>= net46) (< netstandard1.4) (>= uap10.0)) (&& (< netstandard1.3) (>= uap10.0)) (&& (< netstandard1.4) (>= uap10.0) (< win8) (< wpa81)) (&& (>= netstandard1.5) (< netstandard1.6) (>= uap10.0) (< win8) (< wpa81)) (&& (< netstandard1.5) (>= uap10.0) (< uap10.1)) (&& (< netstandard1.5) (>= uap10.0) (< win8) (< wpa81)) (&& (>= netstandard1.6) (< netstandard2.0) (>= uap10.0) (< win8) (< wpa81))
      System.IO (>= 4.3) - restriction: || (&& (< monoandroid) (< net46) (>= netstandard1.3) (< netstandard1.4)) (&& (< monoandroid) (< net46) (>= netstandard1.4) (< netstandard1.6)) (&& (< monotouch) (< net46) (>= netstandard1.6) (< xamarinios) (< xamarinmac) (< xamarintvos) (< xamarinwatchos)) (>= net463)
      System.Runtime (>= 4.3) - restriction: || (&& (< monoandroid) (< net46) (>= netstandard1.3) (< netstandard1.4)) (&& (< monoandroid) (< net46) (>= netstandard1.4) (< netstandard1.6)) (&& (< monotouch) (< net46) (>= netstandard1.6) (< xamarinios) (< xamarinmac) (< xamarintvos) (< xamarinwatchos)) (>= net463)
      System.Security.Cryptography.Primitives (>= 4.3) - restriction: || (&& (< monoandroid) (< net46) (>= netstandard1.3) (< netstandard1.4)) (&& (< monoandroid) (< net46) (>= netstandard1.4) (< netstandard1.6)) (&& (< monotouch) (< net46) (>= netstandard1.6) (< xamarinios) (< xamarinmac) (< xamarintvos) (< xamarinwatchos)) (&& (>= net46) (< netstandard1.4)) (&& (>= net461) (< netstandard1.6)) (>= net463)
    System.Security.Cryptography.Encoding (4.3) - restriction: || (&& (>= net46) (< netstandard1.4) (>= uap10.0)) (&& (< netstandard1.3) (>= uap10.0)) (&& (< netstandard1.4) (>= uap10.0) (< win8) (< wpa81)) (&& (>= netstandard1.5) (< netstandard1.6) (>= uap10.0) (< win8) (< wpa81)) (&& (< netstandard1.5) (>= uap10.0) (< uap10.1)) (&& (< netstandard1.5) (>= uap10.0) (< win8) (< wpa81)) (&& (>= netstandard1.6) (< netstandard2.0) (>= uap10.0) (< win8) (< wpa81))
      Microsoft.NETCore.Platforms (>= 1.1) - restriction: && (< monoandroid) (< monotouch) (< net46) (>= netstandard1.3) (< xamarinios) (< xamarinmac) (< xamarintvos) (< xamarinwatchos)
      runtime.native.System.Security.Cryptography.OpenSsl (>= 4.3) - restriction: && (< monoandroid) (< monotouch) (< net46) (>= netstandard1.3) (< xamarinios) (< xamarinmac) (< xamarintvos) (< xamarinwatchos)
      System.Collections (>= 4.3) - restriction: && (< monoandroid) (< monotouch) (< net46) (>= netstandard1.3) (< xamarinios) (< xamarinmac) (< xamarintvos) (< xamarinwatchos)
      System.Collections.Concurrent (>= 4.3) - restriction: && (< monoandroid) (< monotouch) (< net46) (>= netstandard1.3) (< xamarinios) (< xamarinmac) (< xamarintvos) (< xamarinwatchos)
      System.Linq (>= 4.3) - restriction: && (< monoandroid) (< monotouch) (< net46) (>= netstandard1.3) (< xamarinios) (< xamarinmac) (< xamarintvos) (< xamarinwatchos)
      System.Resources.ResourceManager (>= 4.3) - restriction: && (< monoandroid) (< monotouch) (< net46) (>= netstandard1.3) (< xamarinios) (< xamarinmac) (< xamarintvos) (< xamarinwatchos)
      System.Runtime (>= 4.3) - restriction: && (< monoandroid) (< monotouch) (< net46) (>= netstandard1.3) (< xamarinios) (< xamarinmac) (< xamarintvos) (< xamarinwatchos)
      System.Runtime.Extensions (>= 4.3) - restriction: && (< monoandroid) (< monotouch) (< net46) (>= netstandard1.3) (< xamarinios) (< xamarinmac) (< xamarintvos) (< xamarinwatchos)
      System.Runtime.Handles (>= 4.3) - restriction: && (< monoandroid) (< monotouch) (< net46) (>= netstandard1.3) (< xamarinios) (< xamarinmac) (< xamarintvos) (< xamarinwatchos)
      System.Runtime.InteropServices (>= 4.3) - restriction: && (< monoandroid) (< monotouch) (< net46) (>= netstandard1.3) (< xamarinios) (< xamarinmac) (< xamarintvos) (< xamarinwatchos)
      System.Security.Cryptography.Primitives (>= 4.3) - restriction: && (< monoandroid) (< monotouch) (< net46) (>= netstandard1.3) (< xamarinios) (< xamarinmac) (< xamarintvos) (< xamarinwatchos)
      System.Text.Encoding (>= 4.3) - restriction: && (< monoandroid) (< monotouch) (< net46) (>= netstandard1.3) (< xamarinios) (< xamarinmac) (< xamarintvos) (< xamarinwatchos)
    System.Security.Cryptography.Primitives (4.3) - restriction: || (&& (>= net46) (< netstandard1.4) (>= uap10.0)) (&& (< netstandard1.3) (>= uap10.0)) (&& (< netstandard1.4) (>= uap10.0) (< win8) (< wpa81)) (&& (>= netstandard1.5) (< netstandard1.6) (>= uap10.0) (< win8) (< wpa81)) (&& (< netstandard1.5) (>= uap10.0) (< uap10.1)) (&& (< netstandard1.5) (>= uap10.0) (< win8) (< wpa81)) (&& (>= netstandard1.6) (< netstandard2.0) (>= uap10.0) (< win8) (< wpa81))
      System.Diagnostics.Debug (>= 4.3) - restriction: && (< monoandroid) (< monotouch) (< net46) (>= netstandard1.3) (< xamarinios) (< xamarinmac) (< xamarintvos) (< xamarinwatchos)
      System.Globalization (>= 4.3) - restriction: && (< monoandroid) (< monotouch) (< net46) (>= netstandard1.3) (< xamarinios) (< xamarinmac) (< xamarintvos) (< xamarinwatchos)
      System.IO (>= 4.3) - restriction: && (< monoandroid) (< monotouch) (< net46) (>= netstandard1.3) (< xamarinios) (< xamarinmac) (< xamarintvos) (< xamarinwatchos)
      System.Resources.ResourceManager (>= 4.3) - restriction: && (< monoandroid) (< monotouch) (< net46) (>= netstandard1.3) (< xamarinios) (< xamarinmac) (< xamarintvos) (< xamarinwatchos)
      System.Runtime (>= 4.3) - restriction: && (< monoandroid) (< monotouch) (< net46) (>= netstandard1.3) (< xamarinios) (< xamarinmac) (< xamarintvos) (< xamarinwatchos)
      System.Threading (>= 4.3) - restriction: && (< monoandroid) (< monotouch) (< net46) (>= netstandard1.3) (< xamarinios) (< xamarinmac) (< xamarintvos) (< xamarinwatchos)
      System.Threading.Tasks (>= 4.3) - restriction: && (< monoandroid) (< monotouch) (< net46) (>= netstandard1.3) (< xamarinios) (< xamarinmac) (< xamarintvos) (< xamarinwatchos)
    System.Security.Cryptography.X509Certificates (4.3.2) - restriction: || (&& (>= net46) (< netstandard1.4) (>= uap10.0)) (&& (< netstandard1.3) (>= uap10.0)) (&& (< netstandard1.4) (>= uap10.0) (< win8) (< wpa81)) (&& (>= netstandard1.5) (< netstandard1.6) (>= uap10.0) (< win8) (< wpa81)) (&& (< netstandard1.5) (>= uap10.0) (< uap10.1)) (&& (< netstandard1.5) (>= uap10.0) (< win8) (< wpa81)) (&& (>= netstandard1.6) (< netstandard2.0) (>= uap10.0) (< win8) (< wpa81))
      System.Runtime (>= 4.3) - restriction: || (&& (< monoandroid) (< net46) (>= netstandard1.3) (< netstandard1.4)) (&& (< monoandroid) (< net46) (>= netstandard1.4) (< netstandard1.6)) (&& (< monotouch) (< net46) (>= netstandard1.6) (< xamarinios) (< xamarinmac) (< xamarintvos) (< xamarinwatchos))
      System.Runtime.Handles (>= 4.3) - restriction: || (&& (< monoandroid) (< net46) (>= netstandard1.3) (< netstandard1.4)) (&& (< monoandroid) (< net46) (>= netstandard1.4) (< netstandard1.6)) (&& (< monotouch) (< net46) (>= netstandard1.6) (< xamarinios) (< xamarinmac) (< xamarintvos) (< xamarinwatchos))
      System.Security.Cryptography.Algorithms (>= 4.3) - restriction: || (&& (< monoandroid) (< net46) (>= netstandard1.3) (< netstandard1.4)) (&& (< monoandroid) (< net46) (>= netstandard1.4) (< netstandard1.6)) (&& (< monotouch) (< net46) (>= netstandard1.6) (< xamarinios) (< xamarinmac) (< xamarintvos) (< xamarinwatchos)) (&& (>= net46) (< netstandard1.4)) (>= net461)
      System.Security.Cryptography.Encoding (>= 4.3) - restriction: || (&& (< monoandroid) (< net46) (>= netstandard1.3) (< netstandard1.4)) (&& (< monoandroid) (< net46) (>= netstandard1.4) (< netstandard1.6)) (&& (< monotouch) (< net46) (>= netstandard1.6) (< xamarinios) (< xamarinmac) (< xamarintvos) (< xamarinwatchos)) (&& (>= net46) (< netstandard1.4)) (>= net461)
    System.Security.Principal.Windows (5.0) - restriction: || (&& (>= monoandroid) (< netstandard1.3) (>= netstandard2.0)) (&& (< monoandroid) (< net6.0) (>= netcoreapp2.0)) (&& (>= monotouch) (>= netstandard2.0)) (&& (< net46) (< netcoreapp2.0) (>= netstandard2.0)) (&& (>= net461) (>= netstandard2.0)) (&& (< net6.0) (>= netcoreapp2.1)) (&& (< net6.0) (>= netstandard2.0) (>= xamarintvos)) (&& (< net6.0) (>= netstandard2.0) (>= xamarinwatchos)) (&& (< net6.0) (>= xamarinios)) (&& (< net6.0) (>= xamarinmac)) (&& (>= netstandard2.0) (>= uap10.1))
      Microsoft.NETCore.Platforms (>= 5.0) - restriction: || (&& (>= netcoreapp2.0) (< netcoreapp2.1)) (&& (>= netcoreapp2.1) (< netcoreapp3.0))
    System.Text.Encoding (4.3) - restriction: || (&& (< monoandroid) (>= netcoreapp1.0) (< netstandard1.4)) (&& (>= netcoreapp1.0) (< netcoreapp2.1) (< xamarinios) (< xamarinmac) (< xamarintvos) (< xamarinwatchos)) (&& (< netstandard1.2) (>= uap10.0) (< win8)) (&& (< netstandard1.3) (>= uap10.0)) (&& (< netstandard1.4) (>= uap10.0) (< win8) (< wpa81)) (&& (>= netstandard1.5) (< netstandard1.6) (>= uap10.0) (< win8) (< wpa81)) (&& (< netstandard1.5) (>= uap10.0) (< uap10.1)) (&& (< netstandard1.5) (>= uap10.0) (< win8) (< wpa81)) (&& (< netstandard2.0) (>= uap10.0)) (&& (< portable-net45+win8+wpa81) (>= uap10.0))
    System.Text.Encoding.CodePages (6.0) - restriction: >= netstandard2.0
      System.Memory (>= 4.5.4) - restriction: || (>= net461) (&& (< netcoreapp3.1) (>= netstandard2.0))
      System.Runtime.CompilerServices.Unsafe (>= 6.0) - restriction: || (>= net461) (>= netstandard2.0)
    System.Text.Encoding.Extensions (4.3) - restriction: || (&& (>= netcoreapp1.0) (< netcoreapp2.1) (< xamarinios) (< xamarinmac) (< xamarintvos) (< xamarinwatchos)) (&& (< netstandard1.2) (>= uap10.0) (< win8)) (&& (< netstandard1.3) (>= uap10.0)) (&& (< netstandard1.4) (>= uap10.0) (< win8) (< wpa81)) (&& (>= netstandard1.5) (< netstandard1.6) (>= uap10.0) (< win8) (< wpa81)) (&& (< netstandard1.5) (>= uap10.0) (< uap10.1)) (&& (< netstandard1.5) (>= uap10.0) (< win8) (< wpa81)) (&& (>= netstandard1.6) (< netstandard2.0) (>= uap10.0) (< win8) (< wpa81)) (&& (< portable-net45+win8+wpa81) (>= uap10.0))
    System.Text.RegularExpressions (4.3.1) - restriction: || (&& (< netstandard1.2) (>= uap10.0) (< win8)) (&& (< netstandard1.3) (>= uap10.0)) (&& (< netstandard1.4) (>= uap10.0) (< win8) (< wpa81)) (&& (>= netstandard1.5) (< netstandard1.6) (>= uap10.0) (< win8) (< wpa81)) (&& (< netstandard1.5) (>= uap10.0) (< uap10.1)) (&& (< netstandard1.5) (>= uap10.0) (< win8) (< wpa81)) (&& (>= netstandard1.6) (< netstandard2.0) (>= uap10.0) (< win8) (< wpa81)) (&& (< portable-net45+win8+wpa81) (>= uap10.0))
    System.Threading (4.3) - restriction: || (&& (< monoandroid) (>= netcoreapp1.0) (< netcoreapp2.1) (< xamarinios) (< xamarinmac) (< xamarintvos) (< xamarinwatchos)) (&& (< netstandard1.2) (>= uap10.0) (< win8)) (&& (< netstandard1.3) (>= uap10.0)) (&& (< netstandard1.4) (>= uap10.0) (< win8) (< wpa81)) (&& (>= netstandard1.5) (< netstandard1.6) (>= uap10.0) (< win8) (< wpa81)) (&& (< netstandard1.5) (>= uap10.0) (< uap10.1)) (&& (< netstandard1.5) (>= uap10.0) (< win8) (< wpa81)) (&& (< netstandard2.0) (>= uap10.0)) (&& (< portable-net45+win8+wpa81) (>= uap10.0))
    System.Threading.Tasks (4.3) - restriction: || (&& (>= netcoreapp1.0) (< netcoreapp2.1) (< xamarinios) (< xamarinmac) (< xamarintvos) (< xamarinwatchos)) (&& (< netstandard1.2) (>= uap10.0) (< win8)) (&& (< netstandard1.3) (>= uap10.0)) (&& (< netstandard1.4) (>= uap10.0) (< win8) (< wpa81)) (&& (>= netstandard1.5) (< netstandard1.6) (>= uap10.0) (< win8) (< wpa81)) (&& (< netstandard1.5) (>= uap10.0) (< uap10.1)) (&& (< netstandard1.5) (>= uap10.0) (< win8) (< wpa81)) (&& (>= netstandard1.6) (< netstandard2.0) (>= uap10.0) (< win8) (< wpa81)) (&& (< portable-net45+win8+wpa81) (>= uap10.0))
    System.Threading.Tasks.Extensions (4.5.4) - restriction: >= netstandard2.0
      System.Runtime.CompilerServices.Unsafe (>= 4.5.3) - restriction: || (&& (< monoandroid) (< monotouch) (< net45) (>= netstandard1.0) (< netstandard2.0) (< win8) (< wpa81) (< xamarintvos) (< xamarinwatchos)) (&& (< monoandroid) (< netstandard1.0) (>= portable-net45+win8+wp8+wpa81) (< win8)) (&& (>= net45) (< netstandard2.0)) (&& (< net45) (< netcoreapp2.1) (>= netstandard2.0) (< xamarinios) (< xamarinmac) (< xamarintvos) (< xamarinwatchos)) (>= net461) (&& (< netstandard1.0) (>= win8)) (&& (< netstandard2.0) (>= wpa81)) (>= wp8)
    System.Threading.Thread (4.3) - restriction: && (>= netcoreapp1.0) (< netcoreapp2.1) (< xamarinios) (< xamarinmac) (< xamarintvos) (< xamarinwatchos)
      System.Runtime (>= 4.3) - restriction: && (< monoandroid) (< monotouch) (< net46) (>= netstandard1.3) (< xamarinios) (< xamarinmac) (< xamarintvos) (< xamarinwatchos)
    System.Threading.ThreadPool (4.3) - restriction: && (>= netcoreapp1.0) (< netcoreapp2.1) (< xamarinios) (< xamarinmac) (< xamarintvos) (< xamarinwatchos)
      System.Runtime (>= 4.3) - restriction: && (< monoandroid) (< monotouch) (< net46) (>= netstandard1.3) (< xamarinios) (< xamarinmac) (< xamarintvos) (< xamarinwatchos)
      System.Runtime.Handles (>= 4.3) - restriction: && (< monoandroid) (< monotouch) (< net46) (>= netstandard1.3) (< xamarinios) (< xamarinmac) (< xamarintvos) (< xamarinwatchos)
    System.Threading.Timer (4.3) - restriction: || (&& (< netstandard1.3) (>= uap10.0)) (&& (< netstandard1.4) (>= uap10.0) (< win8) (< wpa81)) (&& (>= netstandard1.5) (< netstandard1.6) (>= uap10.0) (< win8) (< wpa81)) (&& (< netstandard1.5) (>= uap10.0) (< uap10.1)) (&& (< netstandard1.5) (>= uap10.0) (< win8) (< wpa81)) (&& (>= netstandard1.6) (< netstandard2.0) (>= uap10.0) (< win8) (< wpa81))
    System.ValueTuple (4.5) - restriction: && (>= net461) (>= netstandard2.0)
    System.Xml.ReaderWriter (4.3.1) - restriction: || (&& (>= net46) (< netstandard1.4) (>= uap10.0)) (&& (< netstandard1.2) (>= uap10.0) (< win8)) (&& (< netstandard1.3) (>= uap10.0)) (&& (< netstandard1.4) (>= uap10.0) (< win8) (< wpa81)) (&& (>= netstandard1.5) (< netstandard1.6) (>= uap10.0) (< win8) (< wpa81)) (&& (< netstandard1.5) (>= uap10.0) (< uap10.1)) (&& (< netstandard1.5) (>= uap10.0) (< win8) (< wpa81)) (&& (< netstandard2.0) (>= uap10.0)) (&& (< portable-net45+win8+wpa81) (>= uap10.0))
    System.Xml.XDocument (4.3) - restriction: || (&& (< netstandard1.2) (>= uap10.0) (< win8)) (&& (< netstandard1.3) (>= uap10.0)) (&& (< netstandard1.4) (>= uap10.0) (< win8) (< wpa81)) (&& (>= netstandard1.5) (< netstandard1.6) (>= uap10.0) (< win8) (< wpa81)) (&& (< netstandard1.5) (>= uap10.0) (< uap10.1)) (&& (< netstandard1.5) (>= uap10.0) (< win8) (< wpa81)) (&& (>= netstandard1.6) (< netstandard2.0) (>= uap10.0) (< win8) (< wpa81)) (&& (< portable-net45+win8+wpa81) (>= uap10.0))
    System.Xml.XmlDocument (4.3) - restriction: && (< netstandard2.0) (>= uap10.0)
      System.Collections (>= 4.3) - restriction: && (< monoandroid) (< monotouch) (< net46) (>= netstandard1.3) (< xamarinios) (< xamarinmac) (< xamarintvos) (< xamarinwatchos)
      System.Diagnostics.Debug (>= 4.3) - restriction: && (< monoandroid) (< monotouch) (< net46) (>= netstandard1.3) (< xamarinios) (< xamarinmac) (< xamarintvos) (< xamarinwatchos)
      System.Globalization (>= 4.3) - restriction: && (< monoandroid) (< monotouch) (< net46) (>= netstandard1.3) (< xamarinios) (< xamarinmac) (< xamarintvos) (< xamarinwatchos)
      System.IO (>= 4.3) - restriction: && (< monoandroid) (< monotouch) (< net46) (>= netstandard1.3) (< xamarinios) (< xamarinmac) (< xamarintvos) (< xamarinwatchos)
      System.Resources.ResourceManager (>= 4.3) - restriction: && (< monoandroid) (< monotouch) (< net46) (>= netstandard1.3) (< xamarinios) (< xamarinmac) (< xamarintvos) (< xamarinwatchos)
      System.Runtime (>= 4.3) - restriction: && (< monoandroid) (< monotouch) (< net46) (>= netstandard1.3) (< xamarinios) (< xamarinmac) (< xamarintvos) (< xamarinwatchos)
      System.Runtime.Extensions (>= 4.3) - restriction: && (< monoandroid) (< monotouch) (< net46) (>= netstandard1.3) (< xamarinios) (< xamarinmac) (< xamarintvos) (< xamarinwatchos)
      System.Text.Encoding (>= 4.3) - restriction: && (< monoandroid) (< monotouch) (< net46) (>= netstandard1.3) (< xamarinios) (< xamarinmac) (< xamarintvos) (< xamarinwatchos)
      System.Threading (>= 4.3) - restriction: && (< monoandroid) (< monotouch) (< net46) (>= netstandard1.3) (< xamarinios) (< xamarinmac) (< xamarintvos) (< xamarinwatchos)
      System.Xml.ReaderWriter (>= 4.3) - restriction: && (< monoandroid) (< monotouch) (< net46) (>= netstandard1.3) (< xamarinios) (< xamarinmac) (< xamarintvos) (< xamarinwatchos)
    YoloDev.Expecto.TestSdk (0.12.12)
      Expecto (>= 9.0 < 10.0) - restriction: >= netcoreapp2.1
      FSharp.Core (>= 4.6) - restriction: >= netcoreapp2.1
      System.Collections.Immutable (>= 1.5) - restriction: >= netcoreapp2.1

GROUP Build
STORAGE: NONE
NUGET
  remote: https://www.nuget.org/api/v2
    Argu (6.1.1)
      FSharp.Core (>= 4.3.2) - restriction: >= netstandard2.0
      System.Configuration.ConfigurationManager (>= 4.4) - restriction: >= netstandard2.0
    BlackFox.VsWhere (1.1) - restriction: >= netstandard2.0
      FSharp.Core (>= 4.0.0.1) - restriction: >= net45
      FSharp.Core (>= 4.2.3) - restriction: && (< net45) (>= netstandard2.0)
      Microsoft.Win32.Registry (>= 4.7) - restriction: && (< net45) (>= netstandard2.0)
    Fake.Api.GitHub (5.20.4)
      FSharp.Core (>= 4.7.2) - restriction: >= netstandard2.0
      Octokit (>= 0.48) - restriction: >= netstandard2.0
    Fake.BuildServer.GitHubActions (5.20.4)
      Fake.Core.Environment (>= 5.20.4) - restriction: || (>= net462) (>= netstandard2.0)
      Fake.Core.Trace (>= 5.20.4) - restriction: || (>= net462) (>= netstandard2.0)
      Fake.IO.FileSystem (>= 5.20.4) - restriction: || (>= net462) (>= netstandard2.0)
      FSharp.Core (>= 4.7.2) - restriction: && (< net462) (>= netstandard2.0)
    Fake.Core.CommandLineParsing (5.20.4) - restriction: >= netstandard2.0
      FParsec (>= 1.1.1) - restriction: >= netstandard2.0
      FSharp.Core (>= 4.7.2) - restriction: >= netstandard2.0
    Fake.Core.Context (5.20.4) - restriction: >= netstandard2.0
      FSharp.Core (>= 4.7.2) - restriction: >= netstandard2.0
    Fake.Core.Environment (5.20.4)
      FSharp.Core (>= 4.7.2) - restriction: >= netstandard2.0
    Fake.Core.FakeVar (5.20.4) - restriction: >= netstandard2.0
      Fake.Core.Context (>= 5.20.4) - restriction: >= netstandard2.0
      FSharp.Core (>= 4.7.2) - restriction: >= netstandard2.0
    Fake.Core.Process (5.20.4)
      Fake.Core.Environment (>= 5.20.4) - restriction: >= netstandard2.0
      Fake.Core.FakeVar (>= 5.20.4) - restriction: >= netstandard2.0
      Fake.Core.String (>= 5.20.4) - restriction: >= netstandard2.0
      Fake.Core.Trace (>= 5.20.4) - restriction: >= netstandard2.0
      Fake.IO.FileSystem (>= 5.20.4) - restriction: >= netstandard2.0
      FSharp.Core (>= 4.7.2) - restriction: >= netstandard2.0
      System.Collections.Immutable (>= 1.7.1) - restriction: >= netstandard2.0
    Fake.Core.ReleaseNotes (5.20.4)
      Fake.Core.SemVer (>= 5.20.4) - restriction: >= netstandard2.0
      Fake.Core.String (>= 5.20.4) - restriction: >= netstandard2.0
      FSharp.Core (>= 4.7.2) - restriction: >= netstandard2.0
    Fake.Core.SemVer (5.20.4) - restriction: >= netstandard2.0
      FSharp.Core (>= 4.7.2) - restriction: >= netstandard2.0
    Fake.Core.String (5.20.4) - restriction: >= netstandard2.0
      FSharp.Core (>= 4.7.2) - restriction: >= netstandard2.0
    Fake.Core.Target (5.20.4)
      Fake.Core.CommandLineParsing (>= 5.20.4) - restriction: >= netstandard2.0
      Fake.Core.Context (>= 5.20.4) - restriction: >= netstandard2.0
      Fake.Core.Environment (>= 5.20.4) - restriction: >= netstandard2.0
      Fake.Core.FakeVar (>= 5.20.4) - restriction: >= netstandard2.0
      Fake.Core.Process (>= 5.20.4) - restriction: >= netstandard2.0
      Fake.Core.String (>= 5.20.4) - restriction: >= netstandard2.0
      Fake.Core.Trace (>= 5.20.4) - restriction: >= netstandard2.0
      FSharp.Control.Reactive (>= 4.4.2) - restriction: >= netstandard2.0
      FSharp.Core (>= 4.7.2) - restriction: >= netstandard2.0
    Fake.Core.Tasks (5.20.4) - restriction: >= netstandard2.0
      Fake.Core.Trace (>= 5.20.4) - restriction: >= netstandard2.0
      FSharp.Core (>= 4.7.2) - restriction: >= netstandard2.0
    Fake.Core.Trace (5.20.4) - restriction: || (>= net462) (>= netstandard2.0)
      Fake.Core.Environment (>= 5.20.4) - restriction: >= netstandard2.0
      Fake.Core.FakeVar (>= 5.20.4) - restriction: >= netstandard2.0
      FSharp.Core (>= 4.7.2) - restriction: >= netstandard2.0
    Fake.Core.Xml (5.20.4) - restriction: >= netstandard2.0
      Fake.Core.String (>= 5.20.4) - restriction: >= netstandard2.0
      FSharp.Core (>= 4.7.2) - restriction: >= netstandard2.0
    Fake.DotNet.AssemblyInfoFile (5.20.4)
      Fake.Core.Environment (>= 5.20.4) - restriction: >= netstandard2.0
      Fake.Core.String (>= 5.20.4) - restriction: >= netstandard2.0
      Fake.Core.Trace (>= 5.20.4) - restriction: >= netstandard2.0
      Fake.IO.FileSystem (>= 5.20.4) - restriction: >= netstandard2.0
      FSharp.Core (>= 4.7.2) - restriction: >= netstandard2.0
    Fake.DotNet.Cli (5.20.4)
      Fake.Core.Environment (>= 5.20.4) - restriction: >= netstandard2.0
      Fake.Core.Process (>= 5.20.4) - restriction: >= netstandard2.0
      Fake.Core.String (>= 5.20.4) - restriction: >= netstandard2.0
      Fake.Core.Trace (>= 5.20.4) - restriction: >= netstandard2.0
      Fake.DotNet.MSBuild (>= 5.20.4) - restriction: >= netstandard2.0
      Fake.DotNet.NuGet (>= 5.20.4) - restriction: >= netstandard2.0
      Fake.IO.FileSystem (>= 5.20.4) - restriction: >= netstandard2.0
      FSharp.Core (>= 4.7.2) - restriction: >= netstandard2.0
      Mono.Posix.NETStandard (>= 1.0) - restriction: >= netstandard2.0
      Newtonsoft.Json (>= 12.0.3) - restriction: >= netstandard2.0
    Fake.DotNet.MSBuild (5.20.4) - restriction: >= netstandard2.0
      BlackFox.VsWhere (>= 1.1) - restriction: >= netstandard2.0
      Fake.Core.Environment (>= 5.20.4) - restriction: >= netstandard2.0
      Fake.Core.Process (>= 5.20.4) - restriction: >= netstandard2.0
      Fake.Core.String (>= 5.20.4) - restriction: >= netstandard2.0
      Fake.Core.Trace (>= 5.20.4) - restriction: >= netstandard2.0
      Fake.IO.FileSystem (>= 5.20.4) - restriction: >= netstandard2.0
      FSharp.Core (>= 4.7.2) - restriction: >= netstandard2.0
      MSBuild.StructuredLogger (>= 2.1.176) - restriction: >= netstandard2.0
    Fake.DotNet.NuGet (5.20.4) - restriction: >= netstandard2.0
      Fake.Core.Environment (>= 5.20.4) - restriction: >= netstandard2.0
      Fake.Core.Process (>= 5.20.4) - restriction: >= netstandard2.0
      Fake.Core.SemVer (>= 5.20.4) - restriction: >= netstandard2.0
      Fake.Core.String (>= 5.20.4) - restriction: >= netstandard2.0
      Fake.Core.Tasks (>= 5.20.4) - restriction: >= netstandard2.0
      Fake.Core.Trace (>= 5.20.4) - restriction: >= netstandard2.0
      Fake.Core.Xml (>= 5.20.4) - restriction: >= netstandard2.0
      Fake.IO.FileSystem (>= 5.20.4) - restriction: >= netstandard2.0
      Fake.Net.Http (>= 5.20.4) - restriction: >= netstandard2.0
      FSharp.Core (>= 4.7.2) - restriction: >= netstandard2.0
      Newtonsoft.Json (>= 12.0.3) - restriction: >= netstandard2.0
      NuGet.Protocol (>= 5.6) - restriction: >= netstandard2.0
    Fake.DotNet.Paket (5.20.4)
      Fake.Core.Process (>= 5.20.4) - restriction: >= netstandard2.0
      Fake.Core.String (>= 5.20.4) - restriction: >= netstandard2.0
      Fake.Core.Trace (>= 5.20.4) - restriction: >= netstandard2.0
      Fake.DotNet.Cli (>= 5.20.4) - restriction: >= netstandard2.0
      Fake.IO.FileSystem (>= 5.20.4) - restriction: >= netstandard2.0
      FSharp.Core (>= 4.7.2) - restriction: >= netstandard2.0
    Fake.IO.FileSystem (5.20.4)
      Fake.Core.String (>= 5.20.4) - restriction: >= netstandard2.0
      FSharp.Core (>= 4.7.2) - restriction: >= netstandard2.0
    Fake.Net.Http (5.20.4) - restriction: >= netstandard2.0
      Fake.Core.Trace (>= 5.20.4) - restriction: >= netstandard2.0
      FSharp.Core (>= 4.7.2) - restriction: >= netstandard2.0
    Fake.Tools.Git (5.20.4)
      Fake.Core.Environment (>= 5.20.4) - restriction: >= netstandard2.0
      Fake.Core.Process (>= 5.20.4) - restriction: >= netstandard2.0
      Fake.Core.SemVer (>= 5.20.4) - restriction: >= netstandard2.0
      Fake.Core.String (>= 5.20.4) - restriction: >= netstandard2.0
      Fake.Core.Trace (>= 5.20.4) - restriction: >= netstandard2.0
      Fake.IO.FileSystem (>= 5.20.4) - restriction: >= netstandard2.0
      FSharp.Core (>= 4.7.2) - restriction: >= netstandard2.0
    FParsec (1.1.1) - restriction: >= netstandard2.0
      FSharp.Core (>= 4.3.4) - restriction: || (>= net45) (>= netstandard2.0)
      System.ValueTuple (>= 4.4) - restriction: >= net45
    FSharp.Control.Reactive (5.0.2) - restriction: >= netstandard2.0
      FSharp.Core (>= 4.7.2) - restriction: >= netstandard2.0
      System.Reactive (>= 5.0) - restriction: >= netstandard2.0
    FSharp.Core (5.0.1) - restriction: >= netstandard2.0
    Microsoft.Build.Framework (17.6.3) - restriction: >= netstandard2.0
      Microsoft.VisualStudio.Setup.Configuration.Interop (>= 3.2.2146) - restriction: >= net472
      Microsoft.Win32.Registry (>= 5.0) - restriction: && (< net472) (< net7.0) (>= netstandard2.0)
      System.Runtime.CompilerServices.Unsafe (>= 6.0) - restriction: >= net472
      System.Security.Permissions (>= 7.0) - restriction: || (&& (< net472) (>= netstandard2.0)) (>= net7.0)
      System.Security.Principal.Windows (>= 5.0) - restriction: && (< net472) (< net7.0) (>= netstandard2.0)
    Microsoft.Build.Utilities.Core (17.6.3) - restriction: >= netstandard2.0
      Microsoft.Build.Framework (>= 17.6.3) - restriction: >= netstandard2.0
      Microsoft.IO.Redist (>= 6.0) - restriction: >= net472
      Microsoft.NET.StringTools (>= 17.6.3) - restriction: >= netstandard2.0
      Microsoft.VisualStudio.Setup.Configuration.Interop (>= 3.2.2146) - restriction: || (>= net472) (>= net7.0)
      Microsoft.Win32.Registry (>= 5.0) - restriction: && (< net472) (< net7.0) (>= netstandard2.0)
      System.Collections.Immutable (>= 7.0) - restriction: >= netstandard2.0
      System.Configuration.ConfigurationManager (>= 7.0) - restriction: >= netstandard2.0
      System.Memory (>= 4.5.5) - restriction: || (>= net472) (&& (< net7.0) (>= netstandard2.0))
      System.Runtime.CompilerServices.Unsafe (>= 6.0) - restriction: || (>= net472) (&& (< net7.0) (>= netstandard2.0))
      System.Security.Permissions (>= 7.0) - restriction: >= netstandard2.0
      System.Security.Principal.Windows (>= 5.0) - restriction: || (>= net472) (&& (< net7.0) (>= netstandard2.0))
      System.Text.Encoding.CodePages (>= 7.0) - restriction: && (< net472) (< net7.0) (>= netstandard2.0)
    Microsoft.IO.Redist (6.0) - restriction: >= net472
      System.Buffers (>= 4.5.1) - restriction: >= net472
      System.Memory (>= 4.5.4) - restriction: >= net472
    Microsoft.NET.StringTools (17.6.3) - restriction: >= netstandard2.0
      System.Memory (>= 4.5.5) - restriction: || (>= net472) (&& (< net7.0) (>= netstandard2.0))
      System.Runtime.CompilerServices.Unsafe (>= 6.0) - restriction: || (>= net472) (&& (< net7.0) (>= netstandard2.0))
    Microsoft.NETCore.Platforms (5.0.2) - restriction: || (&& (< monoandroid) (< net45) (< netcoreapp3.1) (>= netstandard2.0) (< win8) (< wpa81) (< xamarinios) (< xamarinmac) (< xamarintvos) (< xamarinwatchos)) (&& (< monoandroid) (< net45) (< netstandard1.2) (>= netstandard2.0) (< win8)) (&& (< monoandroid) (< net45) (< netstandard1.3) (>= netstandard2.0) (< win8) (< wpa81)) (&& (< monoandroid) (< net45) (< netstandard1.5) (>= netstandard2.0) (< win8) (< wpa81)) (&& (< monoandroid) (>= net5.0) (< netcoreapp2.1) (< netstandard2.1) (< xamarintvos) (< xamarinwatchos)) (&& (>= netcoreapp2.0) (< netcoreapp2.1)) (&& (>= netcoreapp2.1) (< netcoreapp3.0))
    Microsoft.NETCore.Targets (5.0) - restriction: || (&& (< monoandroid) (< net45) (< netcoreapp3.1) (>= netstandard2.0) (< win8) (< wpa81) (< xamarinios) (< xamarinmac) (< xamarintvos) (< xamarinwatchos)) (&& (< monoandroid) (< net45) (< netstandard1.2) (>= netstandard2.0) (< win8)) (&& (< monoandroid) (< net45) (< netstandard1.3) (>= netstandard2.0) (< win8) (< wpa81)) (&& (< monoandroid) (< net45) (< netstandard1.5) (>= netstandard2.0) (< win8) (< wpa81))
    Microsoft.VisualStudio.Setup.Configuration.Interop (3.6.2115) - restriction: || (>= net472) (>= net7.0)
    Microsoft.Win32.Registry (5.0) - restriction: || (&& (< net45) (>= netstandard2.0)) (&& (< net472) (< net7.0) (>= netstandard2.0))
      System.Buffers (>= 4.5.1) - restriction: || (&& (>= monoandroid) (< netstandard1.3)) (>= monotouch) (&& (< net46) (< netcoreapp2.0) (>= netstandard2.0)) (>= xamarinios) (>= xamarinmac) (>= xamarintvos) (>= xamarinwatchos)
      System.Memory (>= 4.5.4) - restriction: || (&& (< monoandroid) (>= netcoreapp2.0) (< netcoreapp2.1) (< xamarinios) (< xamarinmac) (< xamarintvos) (< xamarinwatchos)) (&& (< net46) (< netcoreapp2.0) (>= netstandard2.0) (< xamarinios) (< xamarinmac) (< xamarintvos) (< xamarinwatchos)) (>= uap10.1)
      System.Security.AccessControl (>= 5.0) - restriction: || (&& (>= monoandroid) (< netstandard1.3)) (&& (< monoandroid) (>= netcoreapp2.0)) (>= monotouch) (&& (< net46) (< netcoreapp2.0) (>= netstandard2.0)) (>= net461) (>= netcoreapp2.1) (>= uap10.1) (>= xamarinios) (>= xamarinmac) (>= xamarintvos) (>= xamarinwatchos)
      System.Security.Principal.Windows (>= 5.0) - restriction: || (&& (>= monoandroid) (< netstandard1.3)) (&& (< monoandroid) (>= netcoreapp2.0)) (>= monotouch) (&& (< net46) (< netcoreapp2.0) (>= netstandard2.0)) (>= net461) (>= netcoreapp2.1) (>= uap10.1) (>= xamarinios) (>= xamarinmac) (>= xamarintvos) (>= xamarinwatchos)
    Microsoft.Win32.SystemEvents (7.0) - restriction: >= net6.0
    Mono.Posix.NETStandard (1.0) - restriction: >= netstandard2.0
    MSBuild.StructuredLogger (2.1.820)
      Microsoft.Build.Framework (>= 17.5) - restriction: >= netstandard2.0
      Microsoft.Build.Utilities.Core (>= 17.5) - restriction: >= netstandard2.0
    Newtonsoft.Json (13.0.1) - restriction: >= netstandard2.0
    NuGet.Common (5.9.1) - restriction: >= netstandard2.0
      NuGet.Frameworks (>= 5.9.1) - restriction: || (>= net45) (>= netstandard2.0)
    NuGet.Configuration (5.9.1) - restriction: >= netstandard2.0
      NuGet.Common (>= 5.9.1) - restriction: || (>= net45) (>= netstandard2.0)
      System.Security.Cryptography.ProtectedData (>= 4.4) - restriction: && (< net45) (>= netstandard2.0)
    NuGet.Frameworks (5.9.1) - restriction: >= netstandard2.0
    NuGet.Packaging (5.9.1) - restriction: >= netstandard2.0
      Newtonsoft.Json (>= 9.0.1) - restriction: >= netstandard2.0
      NuGet.Configuration (>= 5.9.1) - restriction: >= netstandard2.0
      NuGet.Versioning (>= 5.9.1) - restriction: >= netstandard2.0
      System.Security.Cryptography.Cng (>= 5.0) - restriction: || (&& (< net472) (>= netstandard2.0)) (>= net5.0)
      System.Security.Cryptography.Pkcs (>= 5.0) - restriction: || (&& (< net472) (>= netstandard2.0)) (>= net5.0)
    NuGet.Protocol (5.9.1) - restriction: >= netstandard2.0
      NuGet.Packaging (>= 5.9.1) - restriction: >= netstandard2.0
    NuGet.Versioning (5.9.1) - restriction: >= netstandard2.0
    Octokit (0.48)
    System.Buffers (4.5.1) - restriction: || (&& (>= monoandroid) (< netstandard1.1) (>= netstandard2.0)) (&& (>= monoandroid) (< netstandard1.3) (>= netstandard2.0)) (&& (< monoandroid) (>= net5.0) (< netcoreapp2.0) (< netstandard2.1) (< xamarintvos) (< xamarinwatchos)) (&& (< monoandroid) (< netstandard1.1) (>= netstandard2.0) (< win8)) (&& (>= monotouch) (>= netstandard2.0)) (&& (< net45) (< netcoreapp2.0) (>= netstandard2.0)) (&& (< net46) (< netcoreapp2.0) (>= netstandard2.0)) (&& (>= net461) (>= netstandard2.0)) (>= net472) (&& (< net7.0) (>= netstandard2.0) (>= xamarintvos)) (&& (< net7.0) (>= netstandard2.0) (>= xamarinwatchos)) (&& (< net7.0) (>= xamarinios)) (&& (< net7.0) (>= xamarinmac)) (&& (< netstandard1.1) (>= netstandard2.0) (>= win8))
    System.Collections.Immutable (7.0) - restriction: >= netstandard2.0
      System.Memory (>= 4.5.5) - restriction: || (>= net462) (&& (< net6.0) (>= netstandard2.0))
      System.Runtime.CompilerServices.Unsafe (>= 6.0) - restriction: || (>= net462) (&& (>= net6.0) (< net7.0)) (&& (< net6.0) (>= netstandard2.0))
    System.Configuration.ConfigurationManager (7.0) - restriction: >= netstandard2.0
      System.Diagnostics.EventLog (>= 7.0) - restriction: >= net7.0
      System.Security.Cryptography.ProtectedData (>= 7.0) - restriction: || (&& (< net462) (>= netstandard2.0)) (>= net6.0)
      System.Security.Permissions (>= 7.0) - restriction: || (>= net462) (>= netstandard2.0)
    System.Diagnostics.EventLog (7.0) - restriction: >= net7.0
    System.Drawing.Common (7.0) - restriction: >= net6.0
      Microsoft.Win32.SystemEvents (>= 7.0) - restriction: >= net6.0
    System.Formats.Asn1 (5.0) - restriction: || (&& (>= monoandroid) (>= net5.0) (< netstandard1.3)) (&& (>= monoandroid) (< netstandard1.3) (>= netstandard2.0)) (&& (< monoandroid) (< net46) (< netcoreapp2.0) (>= netstandard2.0) (< netstandard2.1)) (&& (< monoandroid) (>= net5.0) (< netcoreapp2.1) (< netstandard2.1)) (&& (< monoandroid) (>= netcoreapp2.0) (< netcoreapp2.1) (< netstandard2.1)) (&& (>= monotouch) (>= net5.0)) (&& (>= monotouch) (>= netstandard2.0)) (&& (>= net5.0) (< netcoreapp2.0)) (&& (>= net5.0) (>= uap10.1)) (&& (>= net5.0) (>= xamarintvos)) (&& (>= net5.0) (< xamarintvos) (< xamarinwatchos)) (&& (>= net5.0) (>= xamarinwatchos)) (&& (< netcoreapp2.0) (>= netstandard2.1)) (>= netcoreapp3.0) (&& (>= netstandard2.0) (>= uap10.1)) (&& (>= netstandard2.0) (>= xamarintvos)) (&& (>= netstandard2.0) (>= xamarinwatchos)) (>= xamarinios) (>= xamarinmac)
    System.IO (4.3) - restriction: || (&& (< monoandroid) (< net46) (< netstandard1.4) (>= netstandard2.0)) (&& (< monoandroid) (< net46) (< netstandard1.6) (>= netstandard2.0)) (&& (< monoandroid) (>= net5.0) (< netstandard1.4)) (&& (< monoandroid) (>= net5.0) (< netstandard1.6)) (&& (< monoandroid) (>= net5.0) (< netstandard2.0) (< xamarintvos) (< xamarinwatchos)) (&& (>= net46) (>= net5.0) (< netstandard1.4)) (&& (< net46) (>= net461) (< netstandard1.4) (>= netstandard2.0)) (&& (< net46) (>= net461) (< netstandard1.6) (>= netstandard2.0)) (&& (< net46) (>= net462) (< netstandard1.4) (>= netstandard2.0)) (&& (< net46) (>= net462) (< netstandard1.6) (>= netstandard2.0)) (&& (< net46) (>= net47) (>= netstandard2.0)) (&& (>= net461) (>= net5.0) (< netstandard1.4)) (&& (>= net461) (>= net5.0) (< netstandard1.6)) (&& (>= net462) (>= net5.0) (< netstandard1.4)) (&& (>= net462) (>= net5.0) (< netstandard1.6)) (&& (>= net463) (>= net5.0) (< netstandard1.4)) (&& (>= net463) (>= net5.0) (< netstandard1.6)) (&& (>= net463) (>= net5.0) (< netstandard2.0)) (&& (>= net463) (< netstandard1.4) (>= netstandard2.0)) (&& (>= net463) (< netstandard1.6) (>= netstandard2.0)) (&& (>= net47) (< net472) (>= netstandard2.0)) (&& (>= net47) (>= net5.0))
    System.Memory (4.5.5) - restriction: || (&& (< monoandroid) (< net46) (< netcoreapp2.0) (>= netstandard2.0) (< netstandard2.1) (< xamarintvos) (< xamarinwatchos)) (&& (< monoandroid) (>= net5.0) (< netcoreapp2.0) (< netstandard2.1) (< xamarintvos) (< xamarinwatchos)) (&& (< monoandroid) (>= net5.0) (< netcoreapp2.1) (< netstandard2.1) (< xamarintvos) (< xamarinwatchos)) (&& (< monoandroid) (>= netcoreapp2.0) (< netcoreapp2.1) (< netstandard2.1) (< xamarintvos) (< xamarinwatchos)) (&& (< monoandroid) (>= netcoreapp2.0) (< netcoreapp2.1) (< xamarinios) (< xamarinmac) (< xamarintvos) (< xamarinwatchos)) (&& (< net46) (< netcoreapp2.0) (>= netstandard2.0) (< xamarinios) (< xamarinmac) (< xamarintvos) (< xamarinwatchos)) (&& (>= net462) (>= netstandard2.0)) (>= net472) (&& (>= net5.0) (>= uap10.1)) (&& (< net6.0) (>= netstandard2.0)) (&& (< net7.0) (>= netstandard2.0)) (&& (>= netstandard2.0) (>= uap10.1))
      System.Buffers (>= 4.5.1) - restriction: || (&& (>= monoandroid) (< netstandard1.1)) (&& (< monoandroid) (< net45) (>= netstandard1.1) (< netstandard2.0) (< win8) (< wpa81)) (&& (< monoandroid) (< netstandard1.1) (>= portable-net45+win8+wpa81) (< win8)) (>= monotouch) (&& (>= net45) (< netstandard2.0)) (&& (< net45) (< netcoreapp2.0) (>= netstandard2.0)) (>= net461) (&& (< netstandard1.1) (>= win8)) (&& (< netstandard2.0) (< uap10.1) (>= wpa81)) (>= xamarinios) (>= xamarinmac) (>= xamarintvos) (>= xamarinwatchos)
      System.Numerics.Vectors (>= 4.4) - restriction: && (< net45) (< netcoreapp2.0) (>= netstandard2.0) (< xamarinios) (< xamarinmac) (< xamarintvos) (< xamarinwatchos)
      System.Numerics.Vectors (>= 4.5) - restriction: >= net461
      System.Runtime.CompilerServices.Unsafe (>= 4.5.3) - restriction: || (&& (>= monoandroid) (< netstandard1.1)) (&& (< monoandroid) (< net45) (>= netstandard1.1) (< netstandard2.0) (< win8) (< wpa81)) (&& (< monoandroid) (>= netcoreapp2.0) (< netcoreapp2.1)) (&& (< monoandroid) (< netstandard1.1) (>= portable-net45+win8+wpa81) (< win8)) (>= monotouch) (&& (>= net45) (< netstandard2.0)) (&& (< net45) (< netcoreapp2.0) (>= netstandard2.0)) (>= net461) (&& (< netstandard1.1) (>= win8)) (&& (< netstandard2.0) (>= wpa81)) (>= uap10.1) (>= xamarinios) (>= xamarinmac) (>= xamarintvos) (>= xamarinwatchos)
    System.Numerics.Vectors (4.5) - restriction: || (&& (< net45) (< netcoreapp2.0) (>= netstandard2.0) (< xamarinios) (< xamarinmac) (< xamarintvos) (< xamarinwatchos)) (&& (>= net461) (>= netstandard2.0)) (>= net472)
    System.Reactive (5.0) - restriction: >= netstandard2.0
      System.Runtime.InteropServices.WindowsRuntime (>= 4.3) - restriction: && (< net472) (< netcoreapp3.1) (>= netstandard2.0)
      System.Threading.Tasks.Extensions (>= 4.5.4) - restriction: || (>= net472) (&& (< netcoreapp3.1) (>= netstandard2.0)) (>= uap10.1)
    System.Runtime (4.3.1) - restriction: || (&& (< monoandroid) (< net45) (< netcoreapp3.1) (>= netstandard2.0) (< win8) (< wpa81) (< xamarinios) (< xamarinmac) (< xamarintvos) (< xamarinwatchos)) (&& (< monoandroid) (< net46) (< netstandard1.4) (>= netstandard2.0)) (&& (< monoandroid) (< net46) (< netstandard1.6) (>= netstandard2.0)) (&& (< monoandroid) (>= net5.0) (< netstandard1.4)) (&& (< monoandroid) (>= net5.0) (< netstandard1.6)) (&& (< monoandroid) (>= net5.0) (< netstandard2.0) (< xamarintvos) (< xamarinwatchos)) (&& (>= net46) (>= net5.0) (< netstandard1.4)) (&& (< net46) (>= net461) (< netstandard1.4) (>= netstandard2.0)) (&& (< net46) (>= net461) (< netstandard1.6) (>= netstandard2.0)) (&& (< net46) (>= net462) (< netstandard1.4) (>= netstandard2.0)) (&& (< net46) (>= net462) (< netstandard1.6) (>= netstandard2.0)) (&& (< net46) (>= net47) (>= netstandard2.0)) (&& (>= net461) (>= net5.0) (< netstandard1.4)) (&& (>= net461) (>= net5.0) (< netstandard1.6)) (&& (>= net462) (>= net5.0) (< netstandard1.4)) (&& (>= net462) (>= net5.0) (< netstandard1.6)) (&& (>= net463) (>= net5.0) (< netstandard1.4)) (&& (>= net463) (>= net5.0) (< netstandard1.6)) (&& (>= net463) (>= net5.0) (< netstandard2.0)) (&& (>= net463) (< netstandard1.4) (>= netstandard2.0)) (&& (>= net463) (< netstandard1.6) (>= netstandard2.0)) (&& (>= net47) (< net472) (>= netstandard2.0)) (&& (>= net47) (>= net5.0))
      Microsoft.NETCore.Platforms (>= 1.1.1) - restriction: || (&& (< monoandroid) (< net45) (>= netstandard1.0) (< netstandard1.2) (< win8) (< wp8)) (&& (< monoandroid) (< net45) (>= netstandard1.2) (< netstandard1.3) (< win8) (< wpa81)) (&& (< monoandroid) (< net45) (>= netstandard1.3) (< netstandard1.5) (< win8) (< wpa81)) (&& (< monotouch) (< net45) (>= netstandard1.5) (< win8) (< wpa81) (< xamarinios) (< xamarinmac) (< xamarintvos) (< xamarinwatchos))
      Microsoft.NETCore.Targets (>= 1.1.3) - restriction: || (&& (< monoandroid) (< net45) (>= netstandard1.0) (< netstandard1.2) (< win8) (< wp8)) (&& (< monoandroid) (< net45) (>= netstandard1.2) (< netstandard1.3) (< win8) (< wpa81)) (&& (< monoandroid) (< net45) (>= netstandard1.3) (< netstandard1.5) (< win8) (< wpa81)) (&& (< monotouch) (< net45) (>= netstandard1.5) (< win8) (< wpa81) (< xamarinios) (< xamarinmac) (< xamarintvos) (< xamarinwatchos))
    System.Runtime.CompilerServices.Unsafe (6.0) - restriction: || (&& (>= monoandroid) (< netstandard1.1) (>= netstandard2.0)) (&& (< monoandroid) (>= netcoreapp2.0) (< netcoreapp2.1)) (&& (< monoandroid) (< netstandard1.0) (>= netstandard2.0) (< win8)) (&& (< monoandroid) (< netstandard1.1) (>= netstandard2.0) (< win8)) (&& (>= monotouch) (>= netstandard2.0)) (&& (< net45) (< netcoreapp2.0) (>= netstandard2.0)) (&& (< net45) (< netcoreapp2.1) (>= netstandard2.0) (< xamarinios) (< xamarinmac) (< xamarintvos) (< xamarinwatchos)) (&& (>= net461) (>= netstandard2.0)) (&& (>= net462) (>= netstandard2.0)) (>= net472) (&& (>= net6.0) (< net7.0)) (&& (< net6.0) (>= netstandard2.0)) (&& (< net7.0) (>= netstandard2.0)) (&& (< net7.0) (>= xamarinios)) (&& (< net7.0) (>= xamarinmac)) (&& (< netstandard1.0) (>= netstandard2.0) (>= win8)) (&& (< netstandard1.1) (>= netstandard2.0) (>= win8)) (&& (>= netstandard2.0) (>= uap10.1)) (&& (>= netstandard2.0) (>= wp8))
    System.Runtime.InteropServices.WindowsRuntime (4.3) - restriction: && (< net472) (< netcoreapp3.1) (>= netstandard2.0)
      System.Runtime (>= 4.3) - restriction: && (< monoandroid) (< monotouch) (< net45) (>= netstandard1.0) (< win8) (< wp8) (< wpa81) (< xamarinios) (< xamarinmac) (< xamarintvos) (< xamarinwatchos)
    System.Security.AccessControl (6.0) - restriction: || (&& (>= monoandroid) (< netstandard1.3) (>= netstandard2.0)) (&& (< monoandroid) (< net7.0) (>= netcoreapp2.0)) (&& (>= monotouch) (>= netstandard2.0)) (&& (< net46) (< netcoreapp2.0) (>= netstandard2.0)) (&& (>= net461) (< net472) (>= netstandard2.0)) (&& (>= net462) (< net472) (>= netstandard2.0)) (&& (>= net462) (>= net7.0)) (&& (< net472) (< net6.0) (>= netstandard2.0)) (&& (< net6.0) (>= net7.0)) (&& (< net7.0) (>= netcoreapp2.1)) (&& (< net7.0) (>= netstandard2.0) (>= xamarintvos)) (&& (< net7.0) (>= netstandard2.0) (>= xamarinwatchos)) (&& (< net7.0) (>= xamarinios)) (&& (< net7.0) (>= xamarinmac)) (&& (>= netstandard2.0) (>= uap10.1))
      System.Security.Principal.Windows (>= 5.0) - restriction: || (>= net461) (&& (< net6.0) (>= netstandard2.0))
    System.Security.Cryptography.Algorithms (4.3.1) - restriction: || (&& (< monoandroid) (< net46) (< netstandard1.4) (>= netstandard2.0)) (&& (< monoandroid) (< net46) (< netstandard1.6) (>= netstandard2.0)) (&& (< monoandroid) (>= net5.0) (< netstandard1.4)) (&& (< monoandroid) (>= net5.0) (< netstandard1.6)) (&& (< monoandroid) (>= net5.0) (< netstandard2.0) (< xamarintvos) (< xamarinwatchos)) (&& (>= net46) (>= net5.0) (< netstandard1.4)) (&& (>= net46) (< netstandard1.4) (>= netstandard2.0)) (&& (>= net461) (< net462) (< netstandard1.6) (>= netstandard2.0)) (&& (>= net461) (>= net5.0) (< netstandard1.6)) (&& (>= net462) (>= net5.0) (< netstandard1.6)) (&& (>= net462) (< netstandard1.6) (>= netstandard2.0)) (&& (>= net47) (< net472) (>= netstandard2.0)) (&& (>= net47) (>= net5.0))
      System.IO (>= 4.3) - restriction: || (&& (< monoandroid) (< net46) (>= netstandard1.3) (< netstandard1.4)) (&& (< monoandroid) (< net46) (>= netstandard1.4) (< netstandard1.6)) (&& (< monotouch) (< net46) (>= netstandard1.6) (< xamarinios) (< xamarinmac) (< xamarintvos) (< xamarinwatchos)) (>= net463)
      System.Runtime (>= 4.3) - restriction: || (&& (< monoandroid) (< net46) (>= netstandard1.3) (< netstandard1.4)) (&& (< monoandroid) (< net46) (>= netstandard1.4) (< netstandard1.6)) (&& (< monotouch) (< net46) (>= netstandard1.6) (< xamarinios) (< xamarinmac) (< xamarintvos) (< xamarinwatchos)) (>= net463)
      System.Security.Cryptography.Encoding (>= 4.3) - restriction: || (&& (< monotouch) (< net46) (>= netstandard1.6) (< xamarinios) (< xamarinmac) (< xamarintvos) (< xamarinwatchos)) (>= net463)
      System.Security.Cryptography.Primitives (>= 4.3) - restriction: || (&& (< monoandroid) (< net46) (>= netstandard1.3) (< netstandard1.4)) (&& (< monoandroid) (< net46) (>= netstandard1.4) (< netstandard1.6)) (&& (< monotouch) (< net46) (>= netstandard1.6) (< xamarinios) (< xamarinmac) (< xamarintvos) (< xamarinwatchos)) (&& (>= net46) (< netstandard1.4)) (&& (>= net461) (< netstandard1.6)) (>= net463)
    System.Security.Cryptography.Cng (5.0) - restriction: || (&& (< monoandroid) (< net46) (< netcoreapp2.0) (>= netstandard2.0) (< netstandard2.1) (< xamarintvos) (< xamarinwatchos)) (&& (< monoandroid) (>= netcoreapp2.0) (< netcoreapp2.1) (< netstandard2.1) (< xamarintvos) (< xamarinwatchos)) (&& (< monoandroid) (>= netcoreapp2.1) (< netstandard2.1) (< xamarintvos) (< xamarinwatchos)) (&& (< net472) (>= netstandard2.0)) (>= net5.0) (&& (< netcoreapp2.0) (>= netstandard2.1) (< xamarinios) (< xamarinmac) (< xamarintvos) (< xamarinwatchos)) (&& (>= netcoreapp3.0) (< xamarinios) (< xamarinmac) (< xamarintvos) (< xamarinwatchos))
      Microsoft.NETCore.Platforms (>= 5.0) - restriction: && (< monoandroid) (>= netcoreapp2.0) (< netcoreapp2.1) (< netstandard2.1) (< xamarintvos) (< xamarinwatchos)
      System.Formats.Asn1 (>= 5.0) - restriction: && (>= netcoreapp3.0) (< xamarinios) (< xamarinmac) (< xamarintvos) (< xamarinwatchos)
      System.Security.Cryptography.Algorithms (>= 4.3.1) - restriction: || (&& (< monoandroid) (< monotouch) (< net46) (>= netstandard1.6) (< netstandard2.0) (< xamarintvos) (< xamarinwatchos)) (&& (< monoandroid) (< net46) (>= netstandard1.3) (< netstandard1.4)) (&& (< monoandroid) (< net46) (>= netstandard1.4) (< netstandard1.6) (< uap10.1)) (&& (>= net46) (< netstandard1.4)) (&& (>= net461) (< net462) (< netstandard1.6)) (&& (>= net462) (< netstandard1.6)) (>= net47)
    System.Security.Cryptography.Encoding (4.3) - restriction: || (&& (< monoandroid) (< net46) (< netstandard1.4) (>= netstandard2.0)) (&& (< monoandroid) (< net46) (< netstandard1.6) (>= netstandard2.0)) (&& (< monoandroid) (>= net5.0) (< netstandard1.4)) (&& (< monoandroid) (>= net5.0) (< netstandard1.6)) (&& (< monoandroid) (>= net5.0) (< netstandard2.0) (< xamarintvos) (< xamarinwatchos)) (&& (>= net46) (>= net5.0) (< netstandard1.4)) (&& (< net46) (>= net461) (< netstandard1.6) (>= netstandard2.0)) (&& (< net46) (>= net462) (< netstandard1.6) (>= netstandard2.0)) (&& (< net46) (>= net47) (>= netstandard2.0)) (&& (>= net461) (>= net5.0) (< netstandard1.6)) (&& (>= net462) (>= net5.0) (< netstandard1.6)) (&& (>= net463) (>= net5.0) (< netstandard1.4)) (&& (>= net463) (>= net5.0) (< netstandard1.6)) (&& (>= net463) (>= net5.0) (< netstandard2.0)) (&& (>= net463) (< netstandard1.4) (>= netstandard2.0)) (&& (>= net463) (< netstandard1.6) (>= netstandard2.0)) (&& (>= net47) (< net472) (>= netstandard2.0)) (&& (>= net47) (>= net5.0))
    System.Security.Cryptography.Pkcs (5.0.1) - restriction: || (&& (< net472) (>= netstandard2.0)) (>= net5.0)
      System.Buffers (>= 4.5.1) - restriction: && (< monoandroid) (< net46) (< netcoreapp2.0) (>= netstandard2.0) (< netstandard2.1) (< xamarintvos) (< xamarinwatchos)
      System.Formats.Asn1 (>= 5.0) - restriction: || (&& (>= monoandroid) (< netstandard1.3)) (&& (< monoandroid) (< net46) (< netcoreapp2.0) (>= netstandard2.0) (< netstandard2.1)) (&& (< monoandroid) (>= netcoreapp2.0) (< netcoreapp2.1) (< netstandard2.1)) (>= monotouch) (&& (< netcoreapp2.0) (>= netstandard2.1)) (>= netcoreapp3.0) (>= uap10.1) (>= xamarinios) (>= xamarinmac) (>= xamarintvos) (>= xamarinwatchos)
      System.Memory (>= 4.5.4) - restriction: || (&& (< monoandroid) (< net46) (< netcoreapp2.0) (>= netstandard2.0) (< netstandard2.1) (< xamarintvos) (< xamarinwatchos)) (&& (< monoandroid) (>= netcoreapp2.0) (< netcoreapp2.1) (< netstandard2.1) (< xamarintvos) (< xamarinwatchos)) (>= uap10.1)
      System.Security.Cryptography.Cng (>= 5.0) - restriction: || (&& (< monoandroid) (< net46) (< netcoreapp2.0) (>= netstandard2.0) (< netstandard2.1) (< xamarintvos) (< xamarinwatchos)) (&& (< monoandroid) (>= netcoreapp2.0) (< netcoreapp2.1) (< netstandard2.1) (< xamarintvos) (< xamarinwatchos)) (&& (< monoandroid) (>= netcoreapp2.1) (< netstandard2.1) (< xamarintvos) (< xamarinwatchos)) (&& (< netcoreapp2.0) (>= netstandard2.1) (< xamarinios) (< xamarinmac) (< xamarintvos) (< xamarinwatchos)) (&& (>= netcoreapp3.0) (< xamarinios) (< xamarinmac) (< xamarintvos) (< xamarinwatchos))
    System.Security.Cryptography.Primitives (4.3) - restriction: || (&& (< monoandroid) (< net46) (< netstandard1.4) (>= netstandard2.0)) (&& (< monoandroid) (< net46) (< netstandard1.6) (>= netstandard2.0)) (&& (< monoandroid) (>= net5.0) (< netstandard1.4)) (&& (< monoandroid) (>= net5.0) (< netstandard1.6)) (&& (< monoandroid) (>= net5.0) (< netstandard2.0) (< xamarintvos) (< xamarinwatchos)) (&& (>= net46) (>= net5.0) (< netstandard1.4)) (&& (>= net46) (< netstandard1.4) (>= netstandard2.0)) (&& (< net46) (>= net461) (< netstandard1.6) (>= netstandard2.0)) (&& (< net46) (>= net47) (>= netstandard2.0)) (&& (>= net461) (< net462) (< netstandard1.6) (>= netstandard2.0)) (&& (>= net461) (>= net5.0) (< netstandard1.4)) (&& (>= net461) (>= net5.0) (< netstandard1.6)) (&& (>= net461) (< netstandard1.4) (>= netstandard2.0)) (&& (>= net462) (>= net5.0) (< netstandard1.4)) (&& (>= net462) (>= net5.0) (< netstandard1.6)) (&& (>= net462) (< netstandard1.4) (>= netstandard2.0)) (&& (>= net462) (< netstandard1.6) (>= netstandard2.0)) (&& (>= net463) (>= net5.0) (< netstandard1.4)) (&& (>= net463) (>= net5.0) (< netstandard1.6)) (&& (>= net463) (>= net5.0) (< netstandard2.0)) (&& (>= net463) (< netstandard1.4) (>= netstandard2.0)) (&& (>= net463) (< netstandard1.6) (>= netstandard2.0)) (&& (>= net47) (< net472) (>= netstandard2.0)) (&& (>= net47) (>= net5.0)) (&& (>= net47) (< netstandard1.4) (>= netstandard2.0)) (&& (>= net47) (< netstandard1.6) (>= netstandard2.0))
    System.Security.Cryptography.ProtectedData (7.0.1) - restriction: || (&& (< net462) (>= netstandard2.0)) (>= net6.0)
      System.Memory (>= 4.5.5) - restriction: && (< net462) (< net6.0) (>= netstandard2.0)
    System.Security.Permissions (7.0) - restriction: >= netstandard2.0
      System.Security.AccessControl (>= 6.0) - restriction: || (>= net462) (&& (< net6.0) (>= netstandard2.0))
      System.Windows.Extensions (>= 7.0) - restriction: >= net6.0
    System.Security.Principal.Windows (5.0) - restriction: || (&& (>= net461) (>= net7.0)) (&& (>= net461) (>= netstandard2.0)) (&& (>= net462) (>= net7.0)) (&& (>= net462) (>= netstandard2.0)) (>= net472) (&& (< net6.0) (>= net7.0)) (&& (< net6.0) (>= netstandard2.0)) (&& (< net7.0) (>= netstandard2.0))
      Microsoft.NETCore.Platforms (>= 5.0) - restriction: || (&& (>= netcoreapp2.0) (< netcoreapp2.1)) (&& (>= netcoreapp2.1) (< netcoreapp3.0))
    System.Text.Encoding.CodePages (7.0) - restriction: && (< net472) (< net7.0) (>= netstandard2.0)
      System.Memory (>= 4.5.5) - restriction: || (>= net462) (&& (< net6.0) (>= netstandard2.0))
      System.Runtime.CompilerServices.Unsafe (>= 6.0) - restriction: || (>= net462) (&& (>= net6.0) (< net7.0)) (&& (< net6.0) (>= netstandard2.0))
    System.Threading.Tasks.Extensions (4.5.4) - restriction: || (>= net472) (&& (< netcoreapp3.1) (>= netstandard2.0)) (&& (>= netstandard2.0) (>= uap10.1))
      System.Runtime.CompilerServices.Unsafe (>= 4.5.3) - restriction: || (&& (< monoandroid) (< monotouch) (< net45) (>= netstandard1.0) (< netstandard2.0) (< win8) (< wpa81) (< xamarintvos) (< xamarinwatchos)) (&& (< monoandroid) (< netstandard1.0) (>= portable-net45+win8+wp8+wpa81) (< win8)) (&& (>= net45) (< netstandard2.0)) (&& (< net45) (< netcoreapp2.1) (>= netstandard2.0) (< xamarinios) (< xamarinmac) (< xamarintvos) (< xamarinwatchos)) (>= net461) (&& (< netstandard1.0) (>= win8)) (&& (< netstandard2.0) (>= wpa81)) (>= wp8)
    System.ValueTuple (4.5) - restriction: && (>= net45) (>= netstandard2.0)
    System.Windows.Extensions (7.0) - restriction: >= net6.0
      System.Drawing.Common (>= 7.0) - restriction: >= net6.0
