STORAGE: NONE
STRATEGY: MIN
LOWEST_MATCHING: TRUE
NUGET
  remote: https://www.nuget.org/api/v2
    BenchmarkDotNet (0.13.9)
      BenchmarkDotNet.Annotations (>= 0.13.9) - restriction: >= netstandard2.0
      CommandLineParser (>= 2.9.1) - restriction: >= netstandard2.0
      Gee.External.Capstone (>= 2.3) - restriction: >= netstandard2.0
      Iced (>= 1.17) - restriction: >= netstandard2.0
      Microsoft.CodeAnalysis.CSharp (>= 4.1) - restriction: >= netstandard2.0
      Microsoft.Diagnostics.Runtime (>= 2.2.332302) - restriction: >= netstandard2.0
      Microsoft.Diagnostics.Tracing.TraceEvent (>= 3.0.2) - restriction: >= netstandard2.0
      Microsoft.DotNet.PlatformAbstractions (>= 3.1.6) - restriction: >= netstandard2.0
      Microsoft.Win32.Registry (>= 5.0) - restriction: && (< net6.0) (>= netstandard2.0)
      Perfolizer (0.2.1) - restriction: >= netstandard2.0
      System.Management (>= 5.0) - restriction: >= netstandard2.0
      System.Numerics.Vectors (>= 4.5) - restriction: && (< net6.0) (>= netstandard2.0)
      System.Reflection.Emit (>= 4.7) - restriction: && (< net6.0) (>= netstandard2.0)
      System.Reflection.Emit.Lightweight (>= 4.7) - restriction: && (< net6.0) (>= netstandard2.0)
      System.Threading.Tasks.Extensions (>= 4.5.4) - restriction: && (< net6.0) (>= netstandard2.0)
    BenchmarkDotNet.Annotations (0.13.9) - restriction: >= netstandard2.0
    CommandLineParser (2.9.1) - restriction: >= netstandard2.0
    FSharp.Core (6.0.1)
    Gee.External.Capstone (2.3) - restriction: >= netstandard2.0
    Iced (1.17) - restriction: >= netstandard2.0
    Microsoft.Bcl.AsyncInterfaces (6.0) - restriction: == netstandard2.0
      System.Threading.Tasks.Extensions (>= 4.5.4) - restriction: || (>= net461) (&& (>= netstandard2.0) (< netstandard2.1))
    Microsoft.Build.Tasks.Git (1.1.1) - copy_local: true
    Microsoft.CodeAnalysis.Analyzers (3.3.3) - restriction: >= netstandard2.0
    Microsoft.CodeAnalysis.Common (4.1) - restriction: >= netstandard2.0
      Microsoft.CodeAnalysis.Analyzers (>= 3.3.3) - restriction: >= netstandard2.0
      System.Collections.Immutable (>= 5.0) - restriction: >= netstandard2.0
      System.Memory (>= 4.5.4) - restriction: >= netstandard2.0
      System.Reflection.Metadata (>= 5.0) - restriction: >= netstandard2.0
      System.Runtime.CompilerServices.Unsafe (>= 5.0) - restriction: >= netstandard2.0
      System.Text.Encoding.CodePages (>= 4.5.1) - restriction: >= netstandard2.0
      System.Threading.Tasks.Extensions (>= 4.5.4) - restriction: >= netstandard2.0
    Microsoft.CodeAnalysis.CSharp (4.1) - restriction: >= netstandard2.0
      Microsoft.CodeAnalysis.Common (4.1) - restriction: >= netstandard2.0
    Microsoft.Diagnostics.NETCore.Client (0.2.251802) - restriction: >= netstandard2.0
      Microsoft.Bcl.AsyncInterfaces (>= 1.1) - restriction: >= netstandard2.0
      Microsoft.Extensions.Logging (>= 2.1.1) - restriction: >= netstandard2.0
    Microsoft.Diagnostics.Runtime (2.2.332302) - restriction: >= netstandard2.0
      Microsoft.Diagnostics.NETCore.Client (>= 0.2.251802) - restriction: >= netstandard2.0
      System.Collections.Immutable (>= 5.0) - restriction: >= netstandard2.0
      System.Runtime.CompilerServices.Unsafe (>= 5.0) - restriction: >= netstandard2.0
    Microsoft.Diagnostics.Tracing.TraceEvent (3.0.2) - restriction: >= netstandard2.0
      System.Runtime.CompilerServices.Unsafe (>= 4.5.3) - restriction: || (>= net462) (>= netstandard1.6)
    Microsoft.DotNet.PlatformAbstractions (3.1.6) - restriction: >= netstandard2.0
      System.Runtime.InteropServices.RuntimeInformation (>= 4.0) - restriction: || (>= net45) (&& (>= netstandard1.3) (< netstandard2.0))
    Microsoft.Extensions.Configuration (2.1.1) - restriction: >= netstandard2.0
      Microsoft.Extensions.Configuration.Abstractions (>= 2.1.1) - restriction: >= netstandard2.0
    Microsoft.Extensions.Configuration.Abstractions (2.1.1) - restriction: >= netstandard2.0
      Microsoft.Extensions.Primitives (>= 2.1.1) - restriction: >= netstandard2.0
    Microsoft.Extensions.Configuration.Binder (2.1.1) - restriction: >= netstandard2.0
      Microsoft.Extensions.Configuration (>= 2.1.1) - restriction: >= netstandard2.0
    Microsoft.Extensions.DependencyInjection.Abstractions (2.1.1) - restriction: >= netstandard2.0
    Microsoft.Extensions.Logging (2.1.1) - restriction: >= netstandard2.0
      Microsoft.Extensions.Configuration.Binder (>= 2.1.1) - restriction: >= netstandard2.0
      Microsoft.Extensions.DependencyInjection.Abstractions (>= 2.1.1) - restriction: >= netstandard2.0
      Microsoft.Extensions.Logging.Abstractions (>= 2.1.1) - restriction: >= netstandard2.0
      Microsoft.Extensions.Options (>= 2.1.1) - restriction: >= netstandard2.0
    Microsoft.Extensions.Logging.Abstractions (2.1.1) - restriction: >= netstandard2.0
    Microsoft.Extensions.Options (2.1.1) - restriction: >= netstandard2.0
      Microsoft.Extensions.DependencyInjection.Abstractions (>= 2.1.1) - restriction: >= netstandard2.0
      Microsoft.Extensions.Primitives (>= 2.1.1) - restriction: >= netstandard2.0
    Microsoft.Extensions.Primitives (2.1.1) - restriction: >= netstandard2.0
      System.Memory (>= 4.5.1) - restriction: >= netstandard2.0
      System.Runtime.CompilerServices.Unsafe (>= 4.5.1) - restriction: >= netstandard2.0
    Microsoft.NETCore.Platforms (5.0) - restriction: || (&& (>= monoandroid) (>= netcoreapp2.0) (< netstandard1.3)) (&& (>= monoandroid) (>= netcoreapp2.1) (< netstandard1.3)) (&& (< monoandroid) (< net6.0) (>= netcoreapp2.0)) (&& (< monoandroid) (>= netcoreapp2.0) (< netcoreapp2.1)) (&& (>= monotouch) (>= netcoreapp2.0)) (&& (>= monotouch) (>= netcoreapp2.1)) (&& (>= net461) (>= netcoreapp2.0)) (&& (>= net461) (>= netcoreapp2.1)) (&& (< net6.0) (>= netcoreapp2.0) (>= xamarinios)) (&& (< net6.0) (>= netcoreapp2.0) (>= xamarinmac)) (&& (< net6.0) (>= netcoreapp2.0) (>= xamarintvos)) (&& (< net6.0) (>= netcoreapp2.0) (>= xamarinwatchos)) (&& (< net6.0) (>= netcoreapp2.1)) (&& (>= netcoreapp2.0) (< netcoreapp2.1) (>= xamarinios)) (&& (>= netcoreapp2.0) (< netcoreapp2.1) (>= xamarinmac)) (&& (>= netcoreapp2.0) (< netcoreapp2.1) (>= xamarintvos)) (&& (>= netcoreapp2.0) (< netcoreapp2.1) (>= xamarinwatchos)) (&& (>= netcoreapp2.0) (>= uap10.1)) (&& (>= netcoreapp2.0) (< xamarinios) (< xamarinmac) (< xamarintvos) (< xamarinwatchos)) (&& (< netcoreapp2.0) (>= netcoreapp2.1)) (&& (>= netcoreapp2.1) (< netcoreapp3.0)) (&& (>= netcoreapp2.1) (>= uap10.1))
    Microsoft.SourceLink.Common (1.1.1) - copy_local: true
    Microsoft.SourceLink.GitHub (1.1.1) - copy_local: true
      Microsoft.Build.Tasks.Git (>= 1.1.1)
      Microsoft.SourceLink.Common (>= 1.1.1)
    Microsoft.Win32.Registry (5.0) - restriction: || (&& (< net6.0) (>= netcoreapp3.1)) (&& (< net6.0) (>= netstandard2.0))
      System.Buffers (>= 4.5.1) - restriction: || (&& (>= monoandroid) (< netstandard1.3)) (>= monotouch) (&& (< net46) (< netcoreapp2.0) (>= netstandard2.0)) (>= xamarinios) (>= xamarinmac) (>= xamarintvos) (>= xamarinwatchos)
      System.Memory (>= 4.5.4) - restriction: || (&& (< monoandroid) (>= netcoreapp2.0) (< netcoreapp2.1) (< xamarinios) (< xamarinmac) (< xamarintvos) (< xamarinwatchos)) (&& (< net46) (< netcoreapp2.0) (>= netstandard2.0) (< xamarinios) (< xamarinmac) (< xamarintvos) (< xamarinwatchos)) (>= uap10.1)
      System.Security.AccessControl (>= 5.0) - restriction: || (&& (>= monoandroid) (< netstandard1.3)) (&& (< monoandroid) (>= netcoreapp2.0)) (>= monotouch) (&& (< net46) (< netcoreapp2.0) (>= netstandard2.0)) (>= net461) (>= netcoreapp2.1) (>= uap10.1) (>= xamarinios) (>= xamarinmac) (>= xamarintvos) (>= xamarinwatchos)
      System.Security.Principal.Windows (>= 5.0) - restriction: || (&& (>= monoandroid) (< netstandard1.3)) (&& (< monoandroid) (>= netcoreapp2.0)) (>= monotouch) (&& (< net46) (< netcoreapp2.0) (>= netstandard2.0)) (>= net461) (>= netcoreapp2.1) (>= uap10.1) (>= xamarinios) (>= xamarinmac) (>= xamarintvos) (>= xamarinwatchos)
    Perfolizer (0.2.1) - restriction: >= netstandard2.0
      System.Memory (>= 4.5.3) - restriction: >= netstandard2.0
    Ply (0.3.1)
      FSharp.Core (>= 4.6.2) - restriction: >= netstandard2.0
      System.Threading.Tasks.Extensions (>= 4.5.4) - restriction: >= netstandard2.0
    System.Buffers (4.5.1) - restriction: || (&& (>= monoandroid) (< netstandard1.1) (>= netstandard2.0)) (&& (>= monoandroid) (< netstandard1.3) (>= netstandard2.0)) (&& (< monoandroid) (>= netcoreapp2.0) (< netstandard1.1)) (&& (< monoandroid) (>= netcoreapp2.0) (< netstandard2.0) (< xamarintvos) (< xamarinwatchos)) (&& (< monoandroid) (< netstandard1.1) (>= netstandard2.0) (< win8)) (&& (>= monotouch) (>= netcoreapp2.0)) (&& (>= monotouch) (>= netstandard2.0)) (&& (>= net45) (>= netcoreapp2.0) (< netstandard2.0)) (&& (< net45) (< netcoreapp2.0) (>= netstandard2.0) (< xamarinios) (< xamarinmac) (< xamarintvos) (< xamarinwatchos)) (&& (< net46) (>= net461) (>= netstandard2.0)) (&& (< net46) (< netcoreapp2.0) (>= netstandard2.0)) (&& (>= net461) (>= netcoreapp2.0)) (&& (< net6.0) (>= netstandard2.0) (>= xamarintvos)) (&& (< net6.0) (>= netstandard2.0) (>= xamarinwatchos)) (&& (< net6.0) (>= xamarinios)) (&& (< net6.0) (>= xamarinmac)) (&& (>= netcoreapp2.0) (< netstandard1.1) (>= win8)) (&& (>= netcoreapp2.0) (< netstandard2.0) (>= wpa81)) (&& (< netstandard1.1) (>= netstandard2.0) (>= win8)) (&& (>= netstandard2.0) (>= uap10.1)) (&& (>= uap10.1) (>= xamarinios)) (&& (>= uap10.1) (>= xamarinmac))
    System.CodeDom (6.0) - restriction: >= netstandard2.0
    System.Collections.Immutable (5.0) - restriction: >= netstandard2.0
      System.Memory (>= 4.5.4) - restriction: || (&& (< monoandroid) (< monotouch) (< net45) (>= netstandard1.3) (< netstandard2.0) (< win8) (< wpa81) (< xamarintvos) (< xamarinwatchos)) (&& (< net45) (< netcoreapp2.1) (>= netstandard2.0) (< xamarinios) (< xamarinmac) (< xamarintvos) (< xamarinwatchos)) (&& (>= net46) (< netstandard2.0)) (>= net461) (>= uap10.1)
    System.Management (6.0) - restriction: >= netstandard2.0
      Microsoft.Win32.Registry (>= 5.0) - restriction: && (< net6.0) (>= netcoreapp3.1)
      System.CodeDom (>= 6.0) - restriction: >= netstandard2.0
    System.Memory (4.5.4) - restriction: || (&& (< monoandroid) (>= netcoreapp2.0) (< netcoreapp2.1) (< xamarinios) (< xamarinmac) (< xamarintvos) (< xamarinwatchos)) (>= netstandard2.0)
      System.Buffers (>= 4.5.1) - restriction: || (&& (>= monoandroid) (< netstandard1.1)) (&& (< monoandroid) (< net45) (>= netstandard1.1) (< netstandard2.0) (< win8) (< wpa81)) (&& (< monoandroid) (< netstandard1.1) (>= portable-net45+win8+wpa81) (< win8)) (>= monotouch) (&& (>= net45) (< netstandard2.0)) (&& (< net45) (< netcoreapp2.0) (>= netstandard2.0)) (>= net461) (&& (< netstandard1.1) (>= win8)) (&& (< netstandard2.0) (< uap10.1) (>= wpa81)) (>= xamarinios) (>= xamarinmac) (>= xamarintvos) (>= xamarinwatchos)
      System.Numerics.Vectors (>= 4.4) - restriction: && (< net45) (< netcoreapp2.0) (>= netstandard2.0) (< xamarinios) (< xamarinmac) (< xamarintvos) (< xamarinwatchos)
      System.Runtime.CompilerServices.Unsafe (>= 4.5.3) - restriction: || (&& (>= monoandroid) (< netstandard1.1)) (&& (< monoandroid) (< net45) (>= netstandard1.1) (< netstandard2.0) (< win8) (< wpa81)) (&& (< monoandroid) (>= netcoreapp2.0) (< netcoreapp2.1)) (&& (< monoandroid) (< netstandard1.1) (>= portable-net45+win8+wpa81) (< win8)) (>= monotouch) (&& (>= net45) (< netstandard2.0)) (&& (< net45) (< netcoreapp2.0) (>= netstandard2.0)) (>= net461) (&& (< netstandard1.1) (>= win8)) (&& (< netstandard2.0) (>= wpa81)) (>= uap10.1) (>= xamarinios) (>= xamarinmac) (>= xamarintvos) (>= xamarinwatchos)
    System.Numerics.Vectors (4.5) - restriction: || (&& (< net45) (< netcoreapp2.0) (>= netstandard2.0) (< xamarinios) (< xamarinmac) (< xamarintvos) (< xamarinwatchos)) (&& (< net6.0) (>= netstandard2.0)) (&& (>= netstandard2.0) (>= uap10.1))
    System.Reflection.Emit (4.7) - restriction: && (< net6.0) (>= netstandard2.0)
      System.Reflection.Emit.ILGeneration (>= 4.7) - restriction: || (&& (< monoandroid) (< monotouch) (< net45) (>= netstandard1.1) (< netstandard2.0) (< win8) (< wpa81) (< xamarintvos) (< xamarinwatchos)) (&& (< monoandroid) (< net45) (< netcoreapp2.0) (>= netstandard2.0) (< netstandard2.1) (< xamarintvos) (< xamarinwatchos)) (&& (< monoandroid) (< netstandard1.1) (>= portable-net45+win8+wpa81) (< win8)) (&& (< netstandard1.1) (>= win8)) (&& (< netstandard2.0) (>= wpa81)) (>= uap10.1)
    System.Reflection.Emit.ILGeneration (4.7) - restriction: || (&& (< monoandroid) (< net45) (< netcoreapp2.0) (>= netstandard2.0) (< netstandard2.1) (< xamarintvos) (< xamarinwatchos)) (&& (< monoandroid) (< netstandard1.1) (>= netstandard2.0) (< win8)) (&& (< netstandard1.1) (>= netstandard2.0) (>= win8)) (&& (>= netstandard2.0) (>= uap10.1))
    System.Reflection.Emit.Lightweight (4.7) - restriction: && (< net6.0) (>= netstandard2.0)
      System.Reflection.Emit.ILGeneration (>= 4.7) - restriction: || (&& (< monoandroid) (< monotouch) (< net45) (>= netstandard1.0) (< netstandard2.0) (< win8) (< wp8) (< wpa81) (< xamarintvos) (< xamarinwatchos)) (&& (< monoandroid) (< net45) (< netcoreapp2.0) (>= netstandard2.0) (< netstandard2.1) (< xamarintvos) (< xamarinwatchos)) (&& (< netstandard2.0) (>= wpa81)) (&& (>= portable-net45+win8+wp8+wpa81) (< portable-net45+wp8) (< win8)) (&& (< portable-net45+wp8) (>= win8)) (>= uap10.1)
    System.Reflection.Metadata (5.0) - restriction: >= netstandard2.0
      System.Collections.Immutable (>= 5.0) - restriction: || (&& (>= net45) (< netstandard2.0)) (&& (< net45) (< net5.0) (>= netstandard2.0)) (&& (< net45) (>= netstandard1.1) (< netstandard2.0) (< win8) (< wpa81)) (>= net461) (&& (< netstandard1.1) (>= portable-net45+win8+wpa81) (< win8)) (&& (< netstandard1.1) (>= win8)) (&& (< netstandard2.0) (>= wpa81))
    System.Runtime.CompilerServices.Unsafe (5.0) - restriction: || (&& (< monoandroid) (>= netcoreapp2.0) (< netstandard1.1)) (&& (< monoandroid) (>= netcoreapp2.0) (< xamarintvos) (< xamarinwatchos)) (&& (>= monotouch) (>= netcoreapp2.0)) (&& (>= net45) (>= netcoreapp2.0)) (&& (>= net461) (>= netcoreapp2.0)) (&& (>= netcoreapp2.0) (< netstandard1.1) (>= win8)) (&& (>= netcoreapp2.0) (>= uap10.1)) (&& (>= netcoreapp2.0) (>= wpa81)) (&& (>= netcoreapp2.0) (< xamarinios) (< xamarinmac) (< xamarintvos) (< xamarinwatchos)) (>= netstandard2.0) (&& (>= uap10.1) (>= xamarinios)) (&& (>= uap10.1) (>= xamarinmac))
    System.Runtime.InteropServices.RuntimeInformation (4.0) - restriction: && (>= net45) (>= netstandard2.0)
    System.Security.AccessControl (5.0) - restriction: || (&& (>= monoandroid) (< netstandard1.3) (>= netstandard2.0)) (&& (< monoandroid) (< net6.0) (>= netcoreapp2.0)) (&& (>= monotouch) (>= netstandard2.0)) (&& (< net46) (< netcoreapp2.0) (>= netstandard2.0)) (&& (>= net461) (>= netstandard2.0)) (&& (< net6.0) (>= netcoreapp2.1)) (&& (< net6.0) (>= netstandard2.0) (>= xamarintvos)) (&& (< net6.0) (>= netstandard2.0) (>= xamarinwatchos)) (&& (< net6.0) (>= xamarinios)) (&& (< net6.0) (>= xamarinmac)) (&& (>= netstandard2.0) (>= uap10.1))
      Microsoft.NETCore.Platforms (>= 5.0) - restriction: >= netcoreapp2.0
      System.Security.Principal.Windows (>= 5.0) - restriction: || (&& (>= net46) (< netstandard2.0)) (&& (< net46) (>= netstandard1.3) (< netstandard2.0) (< uap10.1)) (&& (< net46) (>= netstandard2.0)) (>= net461) (>= netcoreapp2.0)
    System.Security.Principal.Windows (5.0) - restriction: || (&& (>= monoandroid) (< netstandard1.3) (>= netstandard2.0)) (&& (< monoandroid) (< net6.0) (>= netcoreapp2.0)) (&& (>= monotouch) (>= netstandard2.0)) (&& (< net46) (< netcoreapp2.0) (>= netstandard2.0)) (&& (>= net461) (>= netstandard2.0)) (&& (< net6.0) (>= netcoreapp2.1)) (&& (< net6.0) (>= netstandard2.0) (>= xamarintvos)) (&& (< net6.0) (>= netstandard2.0) (>= xamarinwatchos)) (&& (< net6.0) (>= xamarinios)) (&& (< net6.0) (>= xamarinmac)) (&& (>= netstandard2.0) (>= uap10.1))
      Microsoft.NETCore.Platforms (>= 5.0) - restriction: || (&& (>= netcoreapp2.0) (< netcoreapp2.1)) (&& (>= netcoreapp2.1) (< netcoreapp3.0))
    System.Text.Encoding.CodePages (4.5.1) - restriction: >= netstandard2.0
      Microsoft.NETCore.Platforms (>= 2.1.2) - restriction: && (>= netcoreapp2.0) (< xamarinios) (< xamarinmac) (< xamarintvos) (< xamarinwatchos)
      System.Runtime.CompilerServices.Unsafe (>= 4.5.2) - restriction: || (&& (< net46) (< netcoreapp2.0) (>= netstandard2.0) (< xamarinios) (< xamarinmac) (< xamarintvos) (< xamarinwatchos)) (>= net461) (&& (>= netcoreapp2.0) (< xamarinios) (< xamarinmac) (< xamarintvos) (< xamarinwatchos))
    System.Threading.Tasks.Extensions (4.5.4) - restriction: >= netstandard2.0
      System.Runtime.CompilerServices.Unsafe (>= 4.5.3) - restriction: || (&& (< monoandroid) (< monotouch) (< net45) (>= netstandard1.0) (< netstandard2.0) (< win8) (< wpa81) (< xamarintvos) (< xamarinwatchos)) (&& (< monoandroid) (< netstandard1.0) (>= portable-net45+win8+wp8+wpa81) (< win8)) (&& (>= net45) (< netstandard2.0)) (&& (< net45) (< netcoreapp2.1) (>= netstandard2.0) (< xamarinios) (< xamarinmac) (< xamarintvos) (< xamarinwatchos)) (>= net461) (&& (< netstandard1.0) (>= win8)) (&& (< netstandard2.0) (>= wpa81)) (>= wp8)

GROUP Build
STORAGE: NONE
NUGET
  remote: https://www.nuget.org/api/v2
    Argu (6.1.1)
      FSharp.Core (>= 4.3.2) - restriction: >= netstandard2.0
      System.Configuration.ConfigurationManager (>= 4.4) - restriction: >= netstandard2.0
    BlackFox.VsWhere (1.1) - restriction: >= netstandard2.0
      FSharp.Core (>= 4.0.0.1) - restriction: >= net45
      FSharp.Core (>= 4.2.3) - restriction: && (< net45) (>= netstandard2.0)
      Microsoft.Win32.Registry (>= 4.7) - restriction: && (< net45) (>= netstandard2.0)
    Fake.Api.GitHub (6.0)
      FSharp.Core (>= 6.0.3) - restriction: >= netstandard2.0
      Octokit (>= 0.50) - restriction: >= netstandard2.0
    Fake.BuildServer.GitHubActions (6.0)
      Fake.Core.Environment (>= 6.0) - restriction: >= netstandard2.0
      Fake.Core.Trace (>= 6.0) - restriction: >= netstandard2.0
      FSharp.Core (>= 6.0.3) - restriction: >= netstandard2.0
    Fake.Core.CommandLineParsing (6.0) - restriction: >= netstandard2.0
      FParsec (>= 1.1.1) - restriction: >= netstandard2.0
      FSharp.Core (>= 6.0.3) - restriction: >= netstandard2.0
    Fake.Core.Context (6.0) - restriction: >= netstandard2.0
      FSharp.Core (>= 6.0.3) - restriction: >= netstandard2.0
    Fake.Core.Environment (6.0)
      FSharp.Core (>= 6.0.3) - restriction: >= netstandard2.0
    Fake.Core.FakeVar (6.0) - restriction: >= netstandard2.0
      Fake.Core.Context (>= 6.0) - restriction: >= netstandard2.0
      FSharp.Core (>= 6.0.3) - restriction: >= netstandard2.0
    Fake.Core.Process (6.0)
      Fake.Core.Environment (>= 6.0) - restriction: >= netstandard2.0
      Fake.Core.FakeVar (>= 6.0) - restriction: >= netstandard2.0
      Fake.Core.String (>= 6.0) - restriction: >= netstandard2.0
      Fake.Core.Trace (>= 6.0) - restriction: >= netstandard2.0
      Fake.IO.FileSystem (>= 6.0) - restriction: >= netstandard2.0
      FSharp.Core (>= 6.0.3) - restriction: >= netstandard2.0
      System.Collections.Immutable (>= 6.0) - restriction: >= netstandard2.0
    Fake.Core.ReleaseNotes (6.0)
      Fake.Core.SemVer (>= 6.0) - restriction: >= netstandard2.0
      Fake.Core.String (>= 6.0) - restriction: >= netstandard2.0
      FSharp.Core (>= 6.0.3) - restriction: >= netstandard2.0
    Fake.Core.SemVer (6.0) - restriction: >= netstandard2.0
      FSharp.Core (>= 6.0.3) - restriction: >= netstandard2.0
    Fake.Core.String (6.0) - restriction: >= netstandard2.0
      FSharp.Core (>= 6.0.3) - restriction: >= netstandard2.0
    Fake.Core.Target (6.0)
      Fake.Core.CommandLineParsing (>= 6.0) - restriction: >= netstandard2.0
      Fake.Core.Context (>= 6.0) - restriction: >= netstandard2.0
      Fake.Core.Environment (>= 6.0) - restriction: >= netstandard2.0
      Fake.Core.FakeVar (>= 6.0) - restriction: >= netstandard2.0
      Fake.Core.Process (>= 6.0) - restriction: >= netstandard2.0
      Fake.Core.String (>= 6.0) - restriction: >= netstandard2.0
      Fake.Core.Trace (>= 6.0) - restriction: >= netstandard2.0
      FSharp.Control.Reactive (>= 5.0.2) - restriction: >= netstandard2.0
      FSharp.Core (>= 6.0.3) - restriction: >= netstandard2.0
    Fake.Core.Tasks (6.0) - restriction: >= netstandard2.0
      Fake.Core.Trace (>= 6.0) - restriction: >= netstandard2.0
      FSharp.Core (>= 6.0.3) - restriction: >= netstandard2.0
    Fake.Core.Trace (6.0) - restriction: >= netstandard2.0
      Fake.Core.Environment (>= 6.0) - restriction: >= netstandard2.0
      Fake.Core.FakeVar (>= 6.0) - restriction: >= netstandard2.0
      FSharp.Core (>= 6.0.3) - restriction: >= netstandard2.0
    Fake.Core.Xml (6.0) - restriction: >= netstandard2.0
      Fake.Core.String (>= 6.0) - restriction: >= netstandard2.0
      FSharp.Core (>= 6.0.3) - restriction: >= netstandard2.0
    Fake.DotNet.AssemblyInfoFile (6.0)
      Fake.Core.Environment (>= 6.0) - restriction: >= netstandard2.0
      Fake.Core.String (>= 6.0) - restriction: >= netstandard2.0
      Fake.Core.Trace (>= 6.0) - restriction: >= netstandard2.0
      Fake.IO.FileSystem (>= 6.0) - restriction: >= netstandard2.0
      FSharp.Core (>= 6.0.3) - restriction: >= netstandard2.0
    Fake.DotNet.Cli (6.0)
      Fake.Core.Environment (>= 6.0) - restriction: >= netstandard2.0
      Fake.Core.Process (>= 6.0) - restriction: >= netstandard2.0
      Fake.Core.String (>= 6.0) - restriction: >= netstandard2.0
      Fake.Core.Trace (>= 6.0) - restriction: >= netstandard2.0
      Fake.DotNet.MSBuild (>= 6.0) - restriction: >= netstandard2.0
      Fake.DotNet.NuGet (>= 6.0) - restriction: >= netstandard2.0
      Fake.IO.FileSystem (>= 6.0) - restriction: >= netstandard2.0
      FSharp.Core (>= 6.0.3) - restriction: >= netstandard2.0
      Mono.Posix.NETStandard (>= 1.0) - restriction: >= netstandard2.0
      Newtonsoft.Json (>= 13.0.1) - restriction: >= netstandard2.0
    Fake.DotNet.MSBuild (6.0) - restriction: >= netstandard2.0
      BlackFox.VsWhere (>= 1.1) - restriction: >= netstandard2.0
      Fake.Core.Environment (>= 6.0) - restriction: >= netstandard2.0
      Fake.Core.Process (>= 6.0) - restriction: >= netstandard2.0
      Fake.Core.String (>= 6.0) - restriction: >= netstandard2.0
      Fake.Core.Trace (>= 6.0) - restriction: >= netstandard2.0
      Fake.IO.FileSystem (>= 6.0) - restriction: >= netstandard2.0
      FSharp.Core (>= 6.0.3) - restriction: >= netstandard2.0
      MSBuild.StructuredLogger (>= 2.1.545) - restriction: >= netstandard2.0
    Fake.DotNet.NuGet (6.0) - restriction: >= netstandard2.0
      Fake.Core.Environment (>= 6.0) - restriction: >= netstandard2.0
      Fake.Core.Process (>= 6.0) - restriction: >= netstandard2.0
      Fake.Core.SemVer (>= 6.0) - restriction: >= netstandard2.0
      Fake.Core.String (>= 6.0) - restriction: >= netstandard2.0
      Fake.Core.Tasks (>= 6.0) - restriction: >= netstandard2.0
      Fake.Core.Trace (>= 6.0) - restriction: >= netstandard2.0
      Fake.Core.Xml (>= 6.0) - restriction: >= netstandard2.0
      Fake.IO.FileSystem (>= 6.0) - restriction: >= netstandard2.0
      Fake.Net.Http (>= 6.0) - restriction: >= netstandard2.0
      FSharp.Core (>= 6.0.3) - restriction: >= netstandard2.0
      Newtonsoft.Json (>= 13.0.1) - restriction: >= netstandard2.0
      NuGet.Protocol (>= 6.0) - restriction: >= netstandard2.0
    Fake.DotNet.Paket (6.0)
      Fake.Core.Process (>= 6.0) - restriction: >= netstandard2.0
      Fake.Core.String (>= 6.0) - restriction: >= netstandard2.0
      Fake.Core.Trace (>= 6.0) - restriction: >= netstandard2.0
      Fake.DotNet.Cli (>= 6.0) - restriction: >= netstandard2.0
      Fake.IO.FileSystem (>= 6.0) - restriction: >= netstandard2.0
      FSharp.Core (>= 6.0.3) - restriction: >= netstandard2.0
    Fake.IO.FileSystem (6.0)
      Fake.Core.String (>= 6.0) - restriction: >= netstandard2.0
      Fake.Core.Trace (>= 6.0) - restriction: >= netstandard2.0
      FSharp.Core (>= 6.0.3) - restriction: >= netstandard2.0
    Fake.Net.Http (6.0) - restriction: >= netstandard2.0
      Fake.Core.Trace (>= 6.0) - restriction: >= netstandard2.0
      FSharp.Core (>= 6.0.3) - restriction: >= netstandard2.0
    Fake.Tools.Git (6.0)
      Fake.Core.Environment (>= 6.0) - restriction: >= netstandard2.0
      Fake.Core.Process (>= 6.0) - restriction: >= netstandard2.0
      Fake.Core.SemVer (>= 6.0) - restriction: >= netstandard2.0
      Fake.Core.String (>= 6.0) - restriction: >= netstandard2.0
      Fake.Core.Trace (>= 6.0) - restriction: >= netstandard2.0
      Fake.IO.FileSystem (>= 6.0) - restriction: >= netstandard2.0
      FSharp.Core (>= 6.0.3) - restriction: >= netstandard2.0
    FParsec (1.1.1) - restriction: >= netstandard2.0
      FSharp.Core (>= 4.3.4) - restriction: || (>= net45) (>= netstandard2.0)
      System.ValueTuple (>= 4.4) - restriction: >= net45
    FSharp.Control.Reactive (5.0.5) - restriction: >= netstandard2.0
      FSharp.Core (>= 4.7.2) - restriction: >= netstandard2.0
      System.Reactive (>= 5.0 < 6.0) - restriction: >= netstandard2.0
    FSharp.Core (7.0.401) - restriction: >= netstandard2.0
    Microsoft.Build.Framework (17.7.2) - restriction: >= netstandard2.0
      Microsoft.VisualStudio.Setup.Configuration.Interop (>= 3.2.2146) - restriction: >= net472
      Microsoft.Win32.Registry (>= 5.0) - restriction: && (< net472) (< net7.0) (>= netstandard2.0)
      System.Memory (>= 4.5.5) - restriction: && (< net472) (< net7.0) (>= netstandard2.0)
      System.Runtime.CompilerServices.Unsafe (>= 6.0) - restriction: || (>= net472) (&& (< net7.0) (>= netstandard2.0))
      System.Security.Permissions (>= 7.0) - restriction: || (&& (< net472) (>= netstandard2.0)) (>= net7.0)
      System.Security.Principal.Windows (>= 5.0) - restriction: && (< net472) (< net7.0) (>= netstandard2.0)
    Microsoft.Build.Utilities.Core (17.7.2) - restriction: >= netstandard2.0
      Microsoft.Build.Framework (>= 17.7.2) - restriction: >= netstandard2.0
      Microsoft.IO.Redist (>= 6.0) - restriction: >= net472
      Microsoft.NET.StringTools (>= 17.7.2) - restriction: >= netstandard2.0
      Microsoft.VisualStudio.Setup.Configuration.Interop (>= 3.2.2146) - restriction: || (>= net472) (>= net7.0)
      Microsoft.Win32.Registry (>= 5.0) - restriction: && (< net472) (< net7.0) (>= netstandard2.0)
      System.Collections.Immutable (>= 7.0) - restriction: >= netstandard2.0
      System.Configuration.ConfigurationManager (>= 7.0) - restriction: >= netstandard2.0
      System.Memory (>= 4.5.5) - restriction: || (>= net472) (&& (< net7.0) (>= netstandard2.0))
      System.Runtime.CompilerServices.Unsafe (>= 6.0) - restriction: || (>= net472) (&& (< net7.0) (>= netstandard2.0))
      System.Security.Permissions (>= 7.0) - restriction: >= netstandard2.0
      System.Security.Principal.Windows (>= 5.0) - restriction: || (>= net472) (&& (< net7.0) (>= netstandard2.0))
      System.Text.Encoding.CodePages (>= 7.0) - restriction: && (< net472) (< net7.0) (>= netstandard2.0)
    Microsoft.IO.Redist (6.0) - restriction: >= net472
      System.Buffers (>= 4.5.1) - restriction: >= net472
      System.Memory (>= 4.5.4) - restriction: >= net472
    Microsoft.NET.StringTools (17.7.2) - restriction: >= netstandard2.0
      System.Memory (>= 4.5.5) - restriction: || (>= net472) (&& (< net7.0) (>= netstandard2.0))
      System.Runtime.CompilerServices.Unsafe (>= 6.0) - restriction: || (>= net472) (&& (< net7.0) (>= netstandard2.0))
    Microsoft.NETCore.Platforms (7.0.4) - restriction: || (&& (< monoandroid) (< net45) (< netcoreapp3.1) (>= netstandard2.0) (< win8) (< wpa81) (< xamarinios) (< xamarinmac) (< xamarintvos) (< xamarinwatchos)) (&& (< monoandroid) (< net45) (< netstandard1.2) (>= netstandard2.0) (< win8)) (&& (< monoandroid) (< net45) (< netstandard1.3) (>= netstandard2.0) (< win8) (< wpa81)) (&& (< monoandroid) (< net45) (< netstandard1.5) (>= netstandard2.0) (< win8) (< wpa81)) (&& (< monoandroid) (>= net5.0) (< netcoreapp2.1) (< netstandard2.1) (< xamarintvos) (< xamarinwatchos)) (&& (>= netcoreapp2.0) (< netcoreapp2.1)) (&& (>= netcoreapp2.1) (< netcoreapp3.0))
    Microsoft.NETCore.Targets (5.0) - restriction: || (&& (< monoandroid) (< net45) (< netcoreapp3.1) (>= netstandard2.0) (< win8) (< wpa81) (< xamarinios) (< xamarinmac) (< xamarintvos) (< xamarinwatchos)) (&& (< monoandroid) (< net45) (< netstandard1.2) (>= netstandard2.0) (< win8)) (&& (< monoandroid) (< net45) (< netstandard1.3) (>= netstandard2.0) (< win8) (< wpa81)) (&& (< monoandroid) (< net45) (< netstandard1.5) (>= netstandard2.0) (< win8) (< wpa81))
    Microsoft.VisualStudio.Setup.Configuration.Interop (3.7.2175) - restriction: || (>= net472) (>= net7.0)
    Microsoft.Win32.Registry (5.0) - restriction: || (&& (< net45) (>= netstandard2.0)) (&& (< net472) (< net7.0) (>= netstandard2.0))
      System.Buffers (>= 4.5.1) - restriction: || (&& (>= monoandroid) (< netstandard1.3)) (>= monotouch) (&& (< net46) (< netcoreapp2.0) (>= netstandard2.0)) (>= xamarinios) (>= xamarinmac) (>= xamarintvos) (>= xamarinwatchos)
      System.Memory (>= 4.5.4) - restriction: || (&& (< monoandroid) (>= netcoreapp2.0) (< netcoreapp2.1) (< xamarinios) (< xamarinmac) (< xamarintvos) (< xamarinwatchos)) (&& (< net46) (< netcoreapp2.0) (>= netstandard2.0) (< xamarinios) (< xamarinmac) (< xamarintvos) (< xamarinwatchos)) (>= uap10.1)
      System.Security.AccessControl (>= 5.0) - restriction: || (&& (>= monoandroid) (< netstandard1.3)) (&& (< monoandroid) (>= netcoreapp2.0)) (>= monotouch) (&& (< net46) (< netcoreapp2.0) (>= netstandard2.0)) (>= net461) (>= netcoreapp2.1) (>= uap10.1) (>= xamarinios) (>= xamarinmac) (>= xamarintvos) (>= xamarinwatchos)
      System.Security.Principal.Windows (>= 5.0) - restriction: || (&& (>= monoandroid) (< netstandard1.3)) (&& (< monoandroid) (>= netcoreapp2.0)) (>= monotouch) (&& (< net46) (< netcoreapp2.0) (>= netstandard2.0)) (>= net461) (>= netcoreapp2.1) (>= uap10.1) (>= xamarinios) (>= xamarinmac) (>= xamarintvos) (>= xamarinwatchos)
    Microsoft.Win32.SystemEvents (7.0) - restriction: >= net6.0
    Mono.Posix.NETStandard (1.0) - restriction: >= netstandard2.0
    MSBuild.StructuredLogger (2.1.858)
      Microsoft.Build.Framework (>= 17.5) - restriction: >= netstandard2.0
      Microsoft.Build.Utilities.Core (>= 17.5) - restriction: >= netstandard2.0
    Newtonsoft.Json (13.0.3) - restriction: >= netstandard2.0
    NuGet.Common (6.7) - restriction: >= netstandard2.0
      NuGet.Frameworks (>= 6.7) - restriction: >= netstandard2.0
    NuGet.Configuration (6.7) - restriction: >= netstandard2.0
      NuGet.Common (>= 6.7) - restriction: >= netstandard2.0
      System.Security.Cryptography.ProtectedData (>= 4.4) - restriction: && (< net472) (>= netstandard2.0)
    NuGet.Frameworks (6.7) - restriction: >= netstandard2.0
    NuGet.Packaging (6.7) - restriction: >= netstandard2.0
      Newtonsoft.Json (>= 13.0.1) - restriction: >= netstandard2.0
      NuGet.Configuration (>= 6.7) - restriction: >= netstandard2.0
      NuGet.Versioning (>= 6.7) - restriction: >= netstandard2.0
      System.Security.Cryptography.Pkcs (>= 6.0.4) - restriction: || (&& (< net472) (>= netstandard2.0)) (>= net5.0)
    NuGet.Protocol (6.7) - restriction: >= netstandard2.0
      NuGet.Packaging (>= 6.7) - restriction: >= netstandard2.0
    NuGet.Versioning (6.7) - restriction: >= netstandard2.0
    Octokit (0.50)
    System.Buffers (4.5.1) - restriction: || (&& (>= monoandroid) (< netstandard1.1) (>= netstandard2.0)) (&& (>= monoandroid) (< netstandard1.3) (>= netstandard2.0)) (&& (< monoandroid) (< netstandard1.1) (>= netstandard2.0) (< win8)) (&& (>= monotouch) (>= netstandard2.0)) (&& (< net45) (< netcoreapp2.0) (>= netstandard2.0)) (&& (< net46) (< netcoreapp2.0) (>= netstandard2.0)) (&& (>= net461) (>= netstandard2.0)) (&& (>= net462) (>= netstandard2.1)) (&& (< net462) (< net6.0) (>= netstandard2.0)) (&& (< net462) (>= netstandard2.0) (< netstandard2.1)) (>= net472) (&& (>= net5.0) (< netstandard2.1)) (&& (< net6.0) (>= netstandard2.1)) (&& (< net7.0) (>= netstandard2.0) (>= xamarintvos)) (&& (< net7.0) (>= netstandard2.0) (>= xamarinwatchos)) (&& (< net7.0) (>= xamarinios)) (&& (< net7.0) (>= xamarinmac)) (&& (< netstandard1.1) (>= netstandard2.0) (>= win8))
    System.Collections.Immutable (7.0) - restriction: >= netstandard2.0
      System.Memory (>= 4.5.5) - restriction: || (>= net462) (&& (< net6.0) (>= netstandard2.0))
      System.Runtime.CompilerServices.Unsafe (>= 6.0) - restriction: || (>= net462) (&& (>= net6.0) (< net7.0)) (&& (< net6.0) (>= netstandard2.0))
    System.Configuration.ConfigurationManager (7.0) - restriction: >= netstandard2.0
      System.Diagnostics.EventLog (>= 7.0) - restriction: >= net7.0
      System.Security.Cryptography.ProtectedData (>= 7.0) - restriction: || (&& (< net462) (>= netstandard2.0)) (>= net6.0)
      System.Security.Permissions (>= 7.0) - restriction: || (>= net462) (>= netstandard2.0)
    System.Diagnostics.EventLog (7.0) - restriction: >= net7.0
    System.Drawing.Common (7.0) - restriction: >= net6.0
      Microsoft.Win32.SystemEvents (>= 7.0) - restriction: >= net6.0
    System.Formats.Asn1 (7.0) - restriction: || (&& (< net462) (>= netstandard2.0)) (&& (>= net5.0) (< xamarintvos) (< xamarinwatchos)) (&& (>= netcoreapp3.0) (< xamarintvos) (< xamarinwatchos)) (>= netstandard2.1)
      System.Buffers (>= 4.5.1) - restriction: || (>= net462) (&& (< net6.0) (>= netstandard2.0))
      System.Memory (>= 4.5.5) - restriction: || (>= net462) (&& (< net6.0) (>= netstandard2.0))
    System.Memory (4.5.5) - restriction: || (&& (< monoandroid) (>= netcoreapp2.0) (< netcoreapp2.1) (< xamarinios) (< xamarinmac) (< xamarintvos) (< xamarinwatchos)) (&& (< net46) (< netcoreapp2.0) (>= netstandard2.0) (< xamarinios) (< xamarinmac) (< xamarintvos) (< xamarinwatchos)) (&& (>= net462) (>= netstandard2.0)) (&& (< net462) (>= netstandard2.0) (< netstandard2.1)) (>= net472) (&& (>= net5.0) (< netstandard2.1)) (&& (< net6.0) (>= netstandard2.0)) (&& (< net7.0) (>= netstandard2.0)) (&& (>= netstandard2.0) (>= uap10.1))
      System.Buffers (>= 4.5.1) - restriction: || (&& (>= monoandroid) (< netstandard1.1)) (&& (< monoandroid) (< net45) (>= netstandard1.1) (< netstandard2.0) (< win8) (< wpa81)) (&& (< monoandroid) (< netstandard1.1) (>= portable-net45+win8+wpa81) (< win8)) (>= monotouch) (&& (>= net45) (< netstandard2.0)) (&& (< net45) (< netcoreapp2.0) (>= netstandard2.0)) (>= net461) (&& (< netstandard1.1) (>= win8)) (&& (< netstandard2.0) (< uap10.1) (>= wpa81)) (>= xamarinios) (>= xamarinmac) (>= xamarintvos) (>= xamarinwatchos)
      System.Numerics.Vectors (>= 4.4) - restriction: && (< net45) (< netcoreapp2.0) (>= netstandard2.0) (< xamarinios) (< xamarinmac) (< xamarintvos) (< xamarinwatchos)
      System.Numerics.Vectors (>= 4.5) - restriction: >= net461
      System.Runtime.CompilerServices.Unsafe (>= 4.5.3) - restriction: || (&& (>= monoandroid) (< netstandard1.1)) (&& (< monoandroid) (< net45) (>= netstandard1.1) (< netstandard2.0) (< win8) (< wpa81)) (&& (< monoandroid) (>= netcoreapp2.0) (< netcoreapp2.1)) (&& (< monoandroid) (< netstandard1.1) (>= portable-net45+win8+wpa81) (< win8)) (>= monotouch) (&& (>= net45) (< netstandard2.0)) (&& (< net45) (< netcoreapp2.0) (>= netstandard2.0)) (>= net461) (&& (< netstandard1.1) (>= win8)) (&& (< netstandard2.0) (>= wpa81)) (>= uap10.1) (>= xamarinios) (>= xamarinmac) (>= xamarintvos) (>= xamarinwatchos)
    System.Numerics.Vectors (4.5) - restriction: || (&& (< net45) (< netcoreapp2.0) (>= netstandard2.0) (< xamarinios) (< xamarinmac) (< xamarintvos) (< xamarinwatchos)) (&& (>= net461) (< net472) (>= netstandard2.0))
    System.Reactive (5.0) - restriction: >= netstandard2.0
      System.Runtime.InteropServices.WindowsRuntime (>= 4.3) - restriction: && (< net472) (< netcoreapp3.1) (>= netstandard2.0)
      System.Threading.Tasks.Extensions (>= 4.5.4) - restriction: || (>= net472) (&& (< netcoreapp3.1) (>= netstandard2.0)) (>= uap10.1)
    System.Runtime (4.3.1) - restriction: && (< monoandroid) (< net45) (< netcoreapp3.1) (>= netstandard2.0) (< win8) (< wpa81) (< xamarinios) (< xamarinmac) (< xamarintvos) (< xamarinwatchos)
      Microsoft.NETCore.Platforms (>= 1.1.1) - restriction: || (&& (< monoandroid) (< net45) (>= netstandard1.0) (< netstandard1.2) (< win8) (< wp8)) (&& (< monoandroid) (< net45) (>= netstandard1.2) (< netstandard1.3) (< win8) (< wpa81)) (&& (< monoandroid) (< net45) (>= netstandard1.3) (< netstandard1.5) (< win8) (< wpa81)) (&& (< monotouch) (< net45) (>= netstandard1.5) (< win8) (< wpa81) (< xamarinios) (< xamarinmac) (< xamarintvos) (< xamarinwatchos))
      Microsoft.NETCore.Targets (>= 1.1.3) - restriction: || (&& (< monoandroid) (< net45) (>= netstandard1.0) (< netstandard1.2) (< win8) (< wp8)) (&& (< monoandroid) (< net45) (>= netstandard1.2) (< netstandard1.3) (< win8) (< wpa81)) (&& (< monoandroid) (< net45) (>= netstandard1.3) (< netstandard1.5) (< win8) (< wpa81)) (&& (< monotouch) (< net45) (>= netstandard1.5) (< win8) (< wpa81) (< xamarinios) (< xamarinmac) (< xamarintvos) (< xamarinwatchos))
    System.Runtime.CompilerServices.Unsafe (6.0) - restriction: || (&& (>= monoandroid) (< netstandard1.1) (>= netstandard2.0)) (&& (< monoandroid) (>= netcoreapp2.0) (< netcoreapp2.1)) (&& (< monoandroid) (< netstandard1.0) (>= netstandard2.0) (< win8)) (&& (< monoandroid) (< netstandard1.1) (>= netstandard2.0) (< win8)) (&& (>= monotouch) (>= netstandard2.0)) (&& (< net45) (< netcoreapp2.0) (>= netstandard2.0)) (&& (< net45) (< netcoreapp2.1) (>= netstandard2.0) (< xamarinios) (< xamarinmac) (< xamarintvos) (< xamarinwatchos)) (&& (>= net461) (>= netstandard2.0)) (&& (>= net462) (>= netstandard2.0)) (>= net472) (&& (>= net6.0) (< net7.0)) (&& (< net6.0) (>= netstandard2.0)) (&& (< net7.0) (>= netstandard2.0)) (&& (< net7.0) (>= xamarinios)) (&& (< net7.0) (>= xamarinmac)) (&& (< netstandard1.0) (>= netstandard2.0) (>= win8)) (&& (< netstandard1.1) (>= netstandard2.0) (>= win8)) (&& (>= netstandard2.0) (>= uap10.1)) (&& (>= netstandard2.0) (>= wp8))
    System.Runtime.InteropServices.WindowsRuntime (4.3) - restriction: && (< net472) (< netcoreapp3.1) (>= netstandard2.0)
      System.Runtime (>= 4.3) - restriction: && (< monoandroid) (< monotouch) (< net45) (>= netstandard1.0) (< win8) (< wp8) (< wpa81) (< xamarinios) (< xamarinmac) (< xamarintvos) (< xamarinwatchos)
    System.Security.AccessControl (6.0) - restriction: || (&& (>= monoandroid) (< netstandard1.3) (>= netstandard2.0)) (&& (< monoandroid) (< net7.0) (>= netcoreapp2.0)) (&& (>= monotouch) (>= netstandard2.0)) (&& (< net46) (< netcoreapp2.0) (>= netstandard2.0)) (&& (>= net461) (< net472) (>= netstandard2.0)) (&& (>= net462) (< net472) (>= netstandard2.0)) (&& (>= net462) (>= net7.0)) (&& (< net472) (< net6.0) (>= netstandard2.0)) (&& (< net6.0) (>= net7.0)) (&& (< net7.0) (>= netcoreapp2.1)) (&& (< net7.0) (>= netstandard2.0) (>= xamarintvos)) (&& (< net7.0) (>= netstandard2.0) (>= xamarinwatchos)) (&& (< net7.0) (>= xamarinios)) (&& (< net7.0) (>= xamarinmac)) (&& (>= netstandard2.0) (>= uap10.1))
      System.Security.Principal.Windows (>= 5.0) - restriction: || (>= net461) (&& (< net6.0) (>= netstandard2.0))
    System.Security.Cryptography.Cng (5.0) - restriction: || (&& (< net462) (>= netstandard2.0) (< netstandard2.1)) (&& (>= net5.0) (< net6.0)) (&& (>= net5.0) (< netstandard2.1)) (&& (< net6.0) (>= netstandard2.1))
      Microsoft.NETCore.Platforms (>= 5.0) - restriction: && (< monoandroid) (>= netcoreapp2.0) (< netcoreapp2.1) (< netstandard2.1) (< xamarintvos) (< xamarinwatchos)
      System.Formats.Asn1 (>= 5.0) - restriction: && (>= netcoreapp3.0) (< xamarinios) (< xamarinmac) (< xamarintvos) (< xamarinwatchos)
    System.Security.Cryptography.Pkcs (7.0.3) - restriction: || (&& (< net472) (>= netstandard2.0)) (>= net5.0)
      System.Buffers (>= 4.5.1) - restriction: && (< net462) (>= netstandard2.0) (< netstandard2.1)
      System.Formats.Asn1 (>= 7.0) - restriction: || (&& (< net462) (>= netstandard2.0)) (>= netstandard2.1)
      System.Memory (>= 4.5.5) - restriction: && (< net462) (>= netstandard2.0) (< netstandard2.1)
      System.Security.Cryptography.Cng (>= 5.0) - restriction: || (&& (< net462) (>= netstandard2.0) (< netstandard2.1)) (&& (< net6.0) (>= netstandard2.1))
    System.Security.Cryptography.ProtectedData (7.0.1) - restriction: || (&& (< net462) (>= netstandard2.0)) (&& (< net472) (>= netstandard2.0)) (>= net6.0)
      System.Memory (>= 4.5.5) - restriction: && (< net462) (< net6.0) (>= netstandard2.0)
    System.Security.Permissions (7.0) - restriction: >= netstandard2.0
      System.Security.AccessControl (>= 6.0) - restriction: || (>= net462) (&& (< net6.0) (>= netstandard2.0))
      System.Windows.Extensions (>= 7.0) - restriction: >= net6.0
    System.Security.Principal.Windows (5.0) - restriction: || (&& (>= net461) (>= net7.0)) (&& (>= net461) (>= netstandard2.0)) (&& (>= net462) (>= net7.0)) (&& (>= net462) (>= netstandard2.0)) (>= net472) (&& (< net6.0) (>= net7.0)) (&& (< net6.0) (>= netstandard2.0)) (&& (< net7.0) (>= netstandard2.0))
      Microsoft.NETCore.Platforms (>= 5.0) - restriction: || (&& (>= netcoreapp2.0) (< netcoreapp2.1)) (&& (>= netcoreapp2.1) (< netcoreapp3.0))
    System.Text.Encoding.CodePages (7.0) - restriction: && (< net472) (< net7.0) (>= netstandard2.0)
      System.Memory (>= 4.5.5) - restriction: || (>= net462) (&& (< net6.0) (>= netstandard2.0))
      System.Runtime.CompilerServices.Unsafe (>= 6.0) - restriction: || (>= net462) (&& (>= net6.0) (< net7.0)) (&& (< net6.0) (>= netstandard2.0))
    System.Threading.Tasks.Extensions (4.5.4) - restriction: || (>= net472) (&& (< netcoreapp3.1) (>= netstandard2.0)) (&& (>= netstandard2.0) (>= uap10.1))
      System.Runtime.CompilerServices.Unsafe (>= 4.5.3) - restriction: || (&& (< monoandroid) (< monotouch) (< net45) (>= netstandard1.0) (< netstandard2.0) (< win8) (< wpa81) (< xamarintvos) (< xamarinwatchos)) (&& (< monoandroid) (< netstandard1.0) (>= portable-net45+win8+wp8+wpa81) (< win8)) (&& (>= net45) (< netstandard2.0)) (&& (< net45) (< netcoreapp2.1) (>= netstandard2.0) (< xamarinios) (< xamarinmac) (< xamarintvos) (< xamarinwatchos)) (>= net461) (&& (< netstandard1.0) (>= win8)) (&& (< netstandard2.0) (>= wpa81)) (>= wp8)
    System.ValueTuple (4.5) - restriction: && (>= net45) (>= netstandard2.0)
    System.Windows.Extensions (7.0) - restriction: >= net6.0
      System.Drawing.Common (>= 7.0) - restriction: >= net6.0

GROUP Test
STORAGE: NONE
NUGET
  remote: https://www.nuget.org/api/v2
    Expecto (10.1)
      FSharp.Core (>= 7.0.200) - restriction: >= net6.0
      Mono.Cecil (>= 0.11.4 < 1.0) - restriction: >= net6.0
    FSharp.Control.TaskSeq (0.3)
      FSharp.Core (>= 6.0.2) - restriction: >= netstandard2.1
    FSharp.Core (7.0.401) - restriction: >= netstandard2.1
    Microsoft.Bcl.AsyncInterfaces (8.0)
      System.Threading.Tasks.Extensions (>= 4.5.4) - restriction: || (>= net462) (&& (>= netstandard2.0) (< netstandard2.1))
    Microsoft.Bcl.TimeProvider (8.0)
      Microsoft.Bcl.AsyncInterfaces (>= 6.0) - restriction: || (>= net462) (&& (< net8.0) (>= netstandard2.0))
      System.ValueTuple (>= 4.5) - restriction: >= net462
    Microsoft.CodeCoverage (17.7.2) - restriction: || (>= net462) (>= netcoreapp3.1)
    Microsoft.NET.Test.Sdk (17.7.2)
      Microsoft.CodeCoverage (>= 17.7.2) - restriction: || (>= net462) (>= netcoreapp3.1)
      Microsoft.TestPlatform.TestHost (>= 17.7.2) - restriction: >= netcoreapp3.1
    Microsoft.TestPlatform.ObjectModel (17.7.2) - restriction: >= netcoreapp3.1
      NuGet.Frameworks (>= 6.5) - restriction: || (>= net462) (>= netstandard2.0)
      System.Reflection.Metadata (>= 1.6) - restriction: || (>= net462) (>= netstandard2.0)
    Microsoft.TestPlatform.TestHost (17.7.2) - restriction: >= netcoreapp3.1
      Microsoft.TestPlatform.ObjectModel (>= 17.7.2) - restriction: >= netcoreapp3.1
      Newtonsoft.Json (>= 13.0.1) - restriction: >= netcoreapp3.1
    Mono.Cecil (0.11.5) - restriction: >= net6.0
    Newtonsoft.Json (13.0.3) - restriction: >= netcoreapp3.1
    NuGet.Frameworks (6.7) - restriction: >= netcoreapp3.1
    System.Buffers (4.5.1) - restriction: || (&& (>= monoandroid) (>= netcoreapp3.1) (< netstandard1.1)) (&& (< monoandroid) (>= netcoreapp3.1) (< netstandard1.1)) (&& (< monoandroid) (>= netcoreapp3.1) (< netstandard2.0)) (&& (>= monotouch) (>= netcoreapp3.1)) (&& (>= net45) (>= netcoreapp3.1) (< netstandard2.0)) (&& (>= net461) (>= netcoreapp3.1)) (&& (>= net462) (>= netcoreapp3.1)) (&& (< net6.0) (>= netcoreapp3.1) (>= xamarinios)) (&& (< net6.0) (>= netcoreapp3.1) (>= xamarinmac)) (&& (< net6.0) (>= netcoreapp3.1) (>= xamarintvos)) (&& (< net6.0) (>= netcoreapp3.1) (>= xamarinwatchos)) (&& (< netcoreapp2.0) (>= netcoreapp3.1)) (&& (>= netcoreapp3.1) (< netstandard1.1) (>= win8)) (&& (>= netcoreapp3.1) (< netstandard2.0) (>= wpa81))
    System.Collections.Immutable (7.0) - restriction: >= netcoreapp3.1
      System.Runtime.CompilerServices.Unsafe (>= 6.0) - restriction: || (>= net462) (&& (>= net6.0) (< net7.0)) (&& (< net6.0) (>= netstandard2.0))
    System.Memory (4.5.5) - restriction: || (&& (>= net462) (>= netcoreapp3.1)) (&& (< net6.0) (>= netcoreapp3.1))
      System.Buffers (>= 4.5.1) - restriction: || (&& (>= monoandroid) (< netstandard1.1)) (&& (< monoandroid) (< net45) (>= netstandard1.1) (< netstandard2.0) (< win8) (< wpa81)) (&& (< monoandroid) (< netstandard1.1) (>= portable-net45+win8+wpa81) (< win8)) (>= monotouch) (&& (>= net45) (< netstandard2.0)) (&& (< net45) (< netcoreapp2.0) (>= netstandard2.0)) (>= net461) (&& (< netstandard1.1) (>= win8)) (&& (< netstandard2.0) (< uap10.1) (>= wpa81)) (>= xamarinios) (>= xamarinmac) (>= xamarintvos) (>= xamarinwatchos)
      System.Runtime.CompilerServices.Unsafe (>= 4.5.3) - restriction: || (&& (>= monoandroid) (< netstandard1.1)) (&& (< monoandroid) (< net45) (>= netstandard1.1) (< netstandard2.0) (< win8) (< wpa81)) (&& (< monoandroid) (>= netcoreapp2.0) (< netcoreapp2.1)) (&& (< monoandroid) (< netstandard1.1) (>= portable-net45+win8+wpa81) (< win8)) (>= monotouch) (&& (>= net45) (< netstandard2.0)) (&& (< net45) (< netcoreapp2.0) (>= netstandard2.0)) (>= net461) (&& (< netstandard1.1) (>= win8)) (&& (< netstandard2.0) (>= wpa81)) (>= uap10.1) (>= xamarinios) (>= xamarinmac) (>= xamarintvos) (>= xamarinwatchos)
    System.Reflection.Metadata (7.0.2) - restriction: >= netcoreapp3.1
      System.Collections.Immutable (>= 7.0) - restriction: || (>= net462) (>= netstandard2.0)
      System.Memory (>= 4.5.5) - restriction: || (>= net462) (&& (< net6.0) (>= netstandard2.0))
    System.Runtime.CompilerServices.Unsafe (6.0) - restriction: || (&& (>= monoandroid) (>= netcoreapp3.1) (< netstandard1.1)) (&& (< monoandroid) (< netcoreapp2.1) (>= netcoreapp3.1)) (&& (< monoandroid) (>= netcoreapp3.1) (< netstandard1.1)) (&& (< monoandroid) (>= netcoreapp3.1) (< netstandard2.0)) (&& (< monoandroid) (< netstandard1.0) (>= netstandard2.0) (< win8)) (&& (>= monotouch) (>= netcoreapp3.1)) (&& (>= net45) (>= netcoreapp3.1) (< netstandard2.0)) (&& (< net45) (< netcoreapp2.1) (>= netstandard2.0) (< netstandard2.1) (< xamarintvos) (< xamarinwatchos)) (&& (>= net461) (>= netcoreapp3.1)) (&& (>= net461) (>= netstandard2.0)) (>= net462) (&& (>= net6.0) (< net7.0)) (&& (< net6.0) (>= netcoreapp3.1) (>= xamarinios)) (&& (< net6.0) (>= netcoreapp3.1) (>= xamarinmac)) (&& (< net6.0) (>= netcoreapp3.1) (>= xamarintvos)) (&& (< net6.0) (>= netcoreapp3.1) (>= xamarinwatchos)) (&& (< netcoreapp2.0) (>= netcoreapp3.1)) (&& (>= netcoreapp3.1) (< netstandard1.1) (>= win8)) (&& (>= netcoreapp3.1) (< netstandard2.0) (>= wpa81)) (&& (>= netcoreapp3.1) (>= uap10.1)) (&& (< netstandard1.0) (>= netstandard2.0) (>= win8)) (&& (>= netstandard2.0) (>= wp8))
    System.Threading.Tasks.Extensions (4.5.4) - restriction: || (>= net462) (&& (>= netstandard2.0) (< netstandard2.1))
      System.Runtime.CompilerServices.Unsafe (>= 4.5.3) - restriction: || (&& (< monoandroid) (< monotouch) (< net45) (>= netstandard1.0) (< netstandard2.0) (< win8) (< wpa81) (< xamarintvos) (< xamarinwatchos)) (&& (< monoandroid) (< netstandard1.0) (>= portable-net45+win8+wp8+wpa81) (< win8)) (&& (>= net45) (< netstandard2.0)) (&& (< net45) (< netcoreapp2.1) (>= netstandard2.0) (< xamarinios) (< xamarinmac) (< xamarintvos) (< xamarinwatchos)) (>= net461) (&& (< netstandard1.0) (>= win8)) (&& (< netstandard2.0) (>= wpa81)) (>= wp8)
    System.ValueTuple (4.5) - restriction: >= net462
    TimeProviderExtensions (1.0)
      Microsoft.Bcl.TimeProvider (>= 8.0) - restriction: || (&& (>= net6.0) (< net8.0)) (&& (< net6.0) (>= netstandard2.0))
    YoloDev.Expecto.TestSdk (0.14.2)
      Expecto (>= 10.0 < 11.0) - restriction: >= net6.0
      FSharp.Core (>= 7.0.200) - restriction: >= net6.0
      System.Collections.Immutable (>= 6.0) - restriction: >= net6.0
